{
  "bids_meta": {
    "AcquisitionMatrixPE": 192,
    "AcquisitionNumber": 1,
    "AcquisitionTime": "13:31:56.050000",
    "BaseResolution": 192,
    "BodyPartExamined": "BRAIN",
    "CoilString": "HE1-4;NE1_2",
    "ConsistencyInfo": "N4_VE11C_LATEST_20160120",
    "ConversionSoftware": "dcm2niix",
    "ConversionSoftwareVersion": "v1.0.20190410  GCC6.3.0",
    "DeviceSerialNumber": "166048",
    "DwellTime": 1.24e-05,
    "EchoTime": 0.0022,
    "FlipAngle": 8,
    "ImageOrientationPatientDICOM": [
      0,
      1,
      0,
      0,
      0,
      -1
    ],
    "ImageType": [
      "ORIGINAL",
      "PRIMARY",
      "M",
      "ND",
      "NORM",
      "FM3",
      "2",
      "FIL"
    ],
    "ImagingFrequency": 123.246,
    "InPlanePhaseEncodingDirectionDICOM": "ROW",
    "InstitutionAddress": "North_13th_1701_Philadelphia_PA_US_19122",
    "InstitutionName": "Temple_University_-_Weiss_Hall",
    "InstitutionalDepartmentName": "Department",
    "InversionTime": 1.15,
    "MRAcquisitionType": "3D",
    "MagneticFieldStrength": 3,
    "Manufacturer": "Siemens",
    "ManufacturersModelName": "Prisma",
    "Modality": "MR",
    "PartialFourier": 1,
    "PatientPosition": "HFS",
    "PercentPhaseFOV": 100,
    "PhaseEncodingSteps": 211,
    "PhaseOversampling": 0.1,
    "PhaseResolution": 1,
    "PixelBandwidth": 210,
    "ProcedureStepDescription": "SMITH_SRNDNA",
    "ProtocolName": "T1w-anat_mpg_07sag_iso",
    "PulseSequenceDetails": "%SiemensSeq%_tfl",
    "ReceiveCoilActiveElements": "HE1-4;NE1,2",
    "ReceiveCoilName": "HeadNeck_20",
    "ReconMatrixPE": 192,
    "RefLinesPE": 32,
    "RepetitionTime": 2.4,
    "SAR": 0.047343,
    "ScanOptions": "IR_WE",
    "ScanningSequence": "GR_IR",
    "SequenceName": "_tfl3d1_16ns",
    "SequenceVariant": "SK_SP_MP_OSP",
    "SeriesDescription": "T1w-anat_mpg_07sag_iso",
    "SeriesNumber": 5,
    "ShimSetting": [
      1434,
      -7422,
      6509,
      159,
      -11,
      -110,
      -61,
      2
    ],
    "SliceThickness": 1,
    "SoftwareVersions": "syngo_MR_E11",
    "StationName": "AWP166048",
    "TxRefAmp": 284.81,
    "dataset": "unknown",
    "modality": "T1w",
    "subject_id": "113"
  },
  "cjv": 0.5348551181489934,
  "cnr": 2.4741766417246733,
  "efc": 0.6479681970503626,
  "fber": 2514.383544921875,
  "fwhm_avg": 3.5152633333333334,
  "fwhm_x": 3.40812,
  "fwhm_y": 3.58335,
  "fwhm_z": 3.55432,
  "icvs_csf": 0.19446515835049633,
  "icvs_gm": 0.4278336297997312,
  "icvs_wm": 0.37770121184977246,
  "inu_med": 1.4773401021957397,
  "inu_range": 0.6052958726882935,
  "provenance": {
    "md5sum": "4e8b3149f60a8578a9682ceab5172bcc",
    "settings": {
      "testing": false
    },
    "software": "mriqc",
    "version": "0.15.1",
    "warnings": {
      "large_rot_frame": true,
      "small_air_mask": false
    },
    "webapi_port": null,
    "webapi_url": "https://mriqc.nimh.nih.gov/api/v1"
  },
  "qi_1": 0.0,
  "qi_2": 0.006283136210132094,
  "rpve_csf": 19.309618076219444,
  "rpve_gm": 9.203578913856685,
  "rpve_wm": 12.344055480769908,
  "size_x": 192,
  "size_y": 192,
  "size_z": 192,
  "snr_csf": 2.6632551727966507,
  "snr_gm": 9.57859274445575,
  "snr_total": 10.898432092615566,
  "snr_wm": 20.4534483605943,
  "snrd_csf": 50.42032018902611,
  "snrd_gm": 121.34152152239437,
  "snrd_total": 109.99537815826675,
  "snrd_wm": 158.22429276337976,
  "spacing_x": 1.0,
  "spacing_y": 1.0,
  "spacing_z": 1.0,
  "summary_bg_k": 434.7470541758518,
  "summary_bg_mad": 4.140853404998779,
  "summary_bg_mean": 13.1415433883667,
  "summary_bg_median": 10.867172241210938,
  "summary_bg_n": 1580483.0,
  "summary_bg_p05": 5.39294490814209,
  "summary_bg_p95": 26.61572933197018,
  "summary_bg_stdv": 8.742712020874023,
  "summary_csf_k": 0.7264136405195307,
  "summary_csf_mad": 106.96418762207031,
  "summary_csf_mean": 342.4600524902344,
  "summary_csf_median": 318.6865539550781,
  "summary_csf_n": 13846.0,
  "summary_csf_p05": 189.76047897338867,
  "summary_csf_p95": 577.6121978759766,
  "summary_csf_stdv": 119.65621948242188,
  "summary_gm_k": 0.13335787337543303,
  "summary_gm_mad": 78.69103240966797,
  "summary_gm_mean": 770.3565063476562,
  "summary_gm_median": 766.950927734375,
  "summary_gm_n": 12757.0,
  "summary_gm_p05": 645.9082763671876,
  "summary_gm_p95": 909.3433105468749,
  "summary_gm_stdv": 80.06613159179688,
  "summary_wm_k": 0.87843378324132,
  "summary_wm_mad": 45.99501037597656,
  "summary_wm_mean": 1001.8084716796875,
  "summary_wm_median": 1000.0720825195312,
  "summary_wm_n": 167896.0,
  "summary_wm_p05": 924.7999267578125,
  "summary_wm_p95": 1083.5366516113281,
  "summary_wm_stdv": 48.89488983154297,
  "tpm_overlap_csf": 0.21668531000614166,
  "tpm_overlap_gm": 0.4991134703159332,
  "tpm_overlap_wm": 0.5447477102279663,
  "wm2max": 0.7205260073950904
}