{
  "bids_meta": {
    "AcquisitionMatrixPE": 192,
    "AcquisitionNumber": 1,
    "AcquisitionTime": "13:27:52.452500",
    "BaseResolution": 192,
    "BodyPartExamined": "BRAIN",
    "CoilString": "HE1-4;NE1_2",
    "ConsistencyInfo": "N4_VE11C_LATEST_20160120",
    "ConversionSoftware": "dcm2niix",
    "ConversionSoftwareVersion": "v1.0.20190410  GCC6.3.0",
    "DeviceSerialNumber": "166048",
    "DwellTime": 3.5e-06,
    "EchoTime": 0.567,
    "EchoTrainLength": 314,
    "FlipAngle": 120,
    "ImageOrientationPatientDICOM": [
      0,
      1,
      0,
      0,
      0,
      -1
    ],
    "ImageType": [
      "ORIGINAL",
      "PRIMARY",
      "M",
      "ND",
      "NORM"
    ],
    "ImagingFrequency": 123.246,
    "InPlanePhaseEncodingDirectionDICOM": "ROW",
    "InstitutionAddress": "North_13th_1701_Philadelphia_PA_US_19122",
    "InstitutionName": "Temple_University_-_Weiss_Hall",
    "InstitutionalDepartmentName": "Department",
    "MRAcquisitionType": "3D",
    "MagneticFieldStrength": 3,
    "Manufacturer": "Siemens",
    "ManufacturersModelName": "Prisma",
    "Modality": "MR",
    "PartialFourier": 1,
    "PatientPosition": "HFS",
    "PercentPhaseFOV": 100,
    "PhaseEncodingSteps": 209,
    "PhaseOversampling": 0.1,
    "PhaseResolution": 1,
    "PixelBandwidth": 745,
    "ProcedureStepDescription": "SMITH_SRNDNA",
    "ProtocolName": "T2w-anat_spc_07sag_iso",
    "PulseSequenceDetails": "%SiemensSeq%_tse_vfl",
    "ReceiveCoilActiveElements": "HE1-4;NE1,2",
    "ReceiveCoilName": "HeadNeck_20",
    "ReconMatrixPE": 192,
    "RefLinesPE": 32,
    "RepetitionTime": 3.2,
    "SAR": 0.173904,
    "ScanOptions": "PFP",
    "ScanningSequence": "SE",
    "SequenceName": "_spc_314ns",
    "SequenceVariant": "SK_SP_OSP",
    "SeriesDescription": "T2w-anat_spc_07sag_iso",
    "SeriesNumber": 3,
    "ShimSetting": [
      1434,
      -7422,
      6509,
      159,
      -11,
      -110,
      -61,
      2
    ],
    "SliceThickness": 1,
    "SoftwareVersions": "syngo_MR_E11",
    "StationName": "AWP166048",
    "TxRefAmp": 284.81,
    "dataset": "unknown",
    "modality": "T2w",
    "subject_id": "113"
  },
  "cjv": 0.6014858014488288,
  "cnr": 2.046920039869293,
  "efc": 0.6119638307653217,
  "fber": 902.7960815429688,
  "fwhm_avg": 2.6041366666666668,
  "fwhm_x": 2.49133,
  "fwhm_y": 2.85879,
  "fwhm_z": 2.46229,
  "icvs_csf": 0.2900703438879921,
  "icvs_gm": 0.02800816074446689,
  "icvs_wm": 0.6819214953675411,
  "inu_med": 1.2995376586914062,
  "inu_range": 0.3368857383728028,
  "provenance": {
    "md5sum": "aad180b166c4274e90ad98e0ffd54826",
    "settings": {
      "testing": false
    },
    "software": "mriqc",
    "version": "0.15.1",
    "warnings": {
      "large_rot_frame": true,
      "small_air_mask": false
    },
    "webapi_port": null,
    "webapi_url": "https://mriqc.nimh.nih.gov/api/v1"
  },
  "qi_1": 0.0,
  "qi_2": 0.00083439251722939,
  "rpve_csf": 11.560443499583588,
  "rpve_gm": 146.9446477204216,
  "rpve_wm": 6.902073036779398,
  "size_x": 192,
  "size_y": 192,
  "size_z": 192,
  "snr_csf": 4.57425448822606,
  "snr_gm": 4.968411366188266,
  "snr_total": 5.236108884393636,
  "snr_wm": 6.16566079876658,
  "snrd_csf": 104.25654444550521,
  "snrd_gm": 19.049290643421884,
  "snrd_total": 51.92874084735306,
  "snrd_wm": 32.480387453132074,
  "spacing_x": 1.0,
  "spacing_y": 1.0,
  "spacing_z": 1.0,
  "summary_bg_k": 5.129740639048416,
  "summary_bg_mad": 20.19110107421875,
  "summary_bg_mean": 34.59059524536133,
  "summary_bg_median": 29.029010772705078,
  "summary_bg_n": 1565648.0,
  "summary_bg_p05": 8.00538983345032,
  "summary_bg_p95": 80.78282623291012,
  "summary_bg_stdv": 24.311138153076172,
  "summary_csf_k": 0.2299920066074006,
  "summary_csf_mad": 607.148193359375,
  "summary_csf_mean": 3065.656494140625,
  "summary_csf_median": 3213.154541015625,
  "summary_csf_n": 45144.0,
  "summary_csf_p05": 1659.3000976562498,
  "summary_csf_p95": 3913.790283203125,
  "summary_csf_stdv": 702.435546875,
  "summary_gm_k": 1.428435248955008,
  "summary_gm_mad": 105.22874450683594,
  "summary_gm_mean": 582.4138793945312,
  "summary_gm_median": 587.09326171875,
  "summary_gm_n": 780.0,
  "summary_gm_p05": 398.0827575683594,
  "summary_gm_p95": 765.323031616211,
  "summary_gm_stdv": 118.08941650390625,
  "summary_wm_k": 1.0232789413679528,
  "summary_wm_mad": 143.75164794921875,
  "summary_wm_mean": 1025.0401611328125,
  "summary_wm_median": 1001.0355224609375,
  "summary_wm_n": 313040.0,
  "summary_wm_p05": 801.4237884521484,
  "summary_wm_p95": 1335.653399658203,
  "summary_wm_stdv": 162.35630798339844,
  "tpm_overlap_csf": 0.18342308700084686,
  "tpm_overlap_gm": 0.01867545209825039,
  "tpm_overlap_wm": 0.4538673758506775,
  "wm2max": 0.24989748660009664
}