{
  "aor": 0.0018956944444444444,
  "aqi": 0.0056400037962962965,
  "bids_meta": {
    "AcquisitionMatrixPE": 74,
    "AcquisitionNumber": 1,
    "AcquisitionTime": "13:57:35.162500",
    "BandwidthPerPixelPhaseEncode": 27.579,
    "BaseResolution": 74,
    "BodyPartExamined": "BRAIN",
    "CogAtlasID": "TODO",
    "CoilString": "HE1-4;NE1_2",
    "ConsistencyInfo": "N4_VE11C_LATEST_20160120",
    "ConversionSoftware": "dcm2niix",
    "ConversionSoftwareVersion": "v1.0.20190410  GCC6.3.0",
    "DerivedVendorReportedEchoSpacing": 0.000489993,
    "DeviceSerialNumber": "166048",
    "DwellTime": 2.9e-06,
    "EchoTime": 0.023,
    "EchoTrainLength": 74,
    "EffectiveEchoSpacing": 0.000489993,
    "FlipAngle": 76,
    "ImageOrientationPatientDICOM": [
      1,
      0,
      0,
      0,
      0.967709,
      -0.252069
    ],
    "ImageType": [
      "ORIGINAL",
      "PRIMARY",
      "M",
      "ND",
      "NORM",
      "MOSAIC"
    ],
    "ImagingFrequency": 123.246,
    "InPlanePhaseEncodingDirectionDICOM": "COL",
    "InstitutionAddress": "North_13th_1701_Philadelphia_PA_US_19122",
    "InstitutionName": "Temple_University_-_Weiss_Hall",
    "InstitutionalDepartmentName": "Department",
    "MRAcquisitionType": "2D",
    "MagneticFieldStrength": 3,
    "Manufacturer": "Siemens",
    "ManufacturersModelName": "Prisma",
    "Modality": "MR",
    "PartialFourier": 1,
    "PatientPosition": "HFS",
    "PercentPhaseFOV": 100,
    "PhaseEncodingDirection": "j-",
    "PhaseEncodingSteps": 74,
    "PhaseResolution": 1,
    "PixelBandwidth": 2330,
    "ProcedureStepDescription": "SMITH_SRNDNA",
    "ProtocolName": "func-bold_trust_run2",
    "PulseSequenceDetails": "%SiemensSeq%_ep2d_bold",
    "ReceiveCoilActiveElements": "HE1-4;NE1,2",
    "ReceiveCoilName": "HeadNeck_20",
    "ReconMatrixPE": 74,
    "RepetitionTime": 2.02,
    "SAR": 0.0976022,
    "ScanOptions": "FS",
    "ScanningSequence": "EP",
    "SequenceName": "_epfid2d1_74",
    "SequenceVariant": "SK",
    "SeriesDescription": "func-bold_trust_run2",
    "SeriesNumber": 11,
    "ShimSetting": [
      1437,
      -7396,
      6535,
      182,
      -18,
      252,
      -165,
      66
    ],
    "SliceThickness": 2.8,
    "SliceTiming": [
      1.945,
      1.8875,
      1.8325,
      1.7775,
      1.7225,
      1.665,
      1.61,
      1.555,
      1.5,
      1.445,
      1.3875,
      1.3325,
      1.2775,
      1.2225,
      1.165,
      1.11,
      1.055,
      1,
      0.945,
      0.8875,
      0.8325,
      0.7775,
      0.7225,
      0.665,
      0.61,
      0.555,
      0.5,
      0.445,
      0.3875,
      0.3325,
      0.2775,
      0.2225,
      0.1675,
      0.11,
      0.055,
      0
    ],
    "SoftwareVersions": "syngo_MR_E11",
    "SpacingBetweenSlices": 3.22,
    "StationName": "AWP166048",
    "TaskName": "trust",
    "TotalReadoutTime": 0.0357695,
    "TxRefAmp": 284.81,
    "dataset": "unknown",
    "modality": "bold",
    "run_id": 3,
    "subject_id": "113",
    "task_id": "trust"
  },
  "dummy_trs": 1,
  "dvars_nstd": 24.187897118837228,
  "dvars_std": 1.2645050726976743,
  "dvars_vstd": 1.0019511653488373,
  "efc": 0.4968923070013048,
  "fber": 2535.564697265625,
  "fd_mean": 0.162829040561559,
  "fd_num": 54,
  "fd_perc": 25.0,
  "fwhm_avg": 2.3502636487200754,
  "fwhm_x": 2.1732959844587842,
  "fwhm_y": 2.6301720003028173,
  "fwhm_z": 2.2473229613986256,
  "gcor": 0.010117,
  "gsr_x": -0.004248227458447218,
  "gsr_y": 0.04412224143743515,
  "provenance": {
    "md5sum": "ecc331ff8c39e74e8d30ec109144b6d3",
    "settings": {
      "fd_thres": 0.2,
      "hmc_fsl": false
    },
    "software": "mriqc",
    "version": "0.15.1",
    "webapi_port": null,
    "webapi_url": "https://mriqc.nimh.nih.gov/api/v1"
  },
  "size_t": 216,
  "size_x": 74,
  "size_y": 74,
  "size_z": 36,
  "snr": 5.827159366483149,
  "spacing_tr": 2.0199999809265137,
  "spacing_x": 2.972972869873047,
  "spacing_y": 2.972972869873047,
  "spacing_z": 3.2200000286102295,
  "spikes_num": 0,
  "summary_bg_k": 42.158579394762235,
  "summary_bg_mad": 7.179637908935547,
  "summary_bg_mean": 35.156803131103516,
  "summary_bg_median": 15.574073791503906,
  "summary_bg_n": 121858.0,
  "summary_bg_p05": 8.662036895751953,
  "summary_bg_p95": 123.19513740539549,
  "summary_bg_stdv": 68.02946472167969,
  "summary_fg_k": 4.906931554749249,
  "summary_fg_mad": 110.7799072265625,
  "summary_fg_mean": 805.2296142578125,
  "summary_fg_median": 803.5300903320312,
  "summary_fg_n": 39404.0,
  "summary_fg_p05": 634.1643310546875,
  "summary_fg_p95": 1016.85302734375,
  "summary_fg_stdv": 137.8922119140625,
  "tsnr": 86.74118041992188
}