{
  "aor": 0.0020499537037037036,
  "aqi": 0.007059388657407407,
  "bids_meta": {
    "AcquisitionMatrixPE": 74,
    "AcquisitionNumber": 1,
    "AcquisitionTime": "14:05:19.317500",
    "BandwidthPerPixelPhaseEncode": 27.579,
    "BaseResolution": 74,
    "BodyPartExamined": "BRAIN",
    "CogAtlasID": "TODO",
    "CoilString": "HE1-4;NE1_2",
    "ConsistencyInfo": "N4_VE11C_LATEST_20160120",
    "ConversionSoftware": "dcm2niix",
    "ConversionSoftwareVersion": "v1.0.20190410  GCC6.3.0",
    "DerivedVendorReportedEchoSpacing": 0.000489993,
    "DeviceSerialNumber": "166048",
    "DwellTime": 2.9e-06,
    "EchoTime": 0.023,
    "EchoTrainLength": 74,
    "EffectiveEchoSpacing": 0.000489993,
    "FlipAngle": 76,
    "ImageOrientationPatientDICOM": [
      1,
      0,
      0,
      0,
      0.967709,
      -0.252069
    ],
    "ImageType": [
      "ORIGINAL",
      "PRIMARY",
      "M",
      "ND",
      "NORM",
      "MOSAIC"
    ],
    "ImagingFrequency": 123.246,
    "InPlanePhaseEncodingDirectionDICOM": "COL",
    "InstitutionAddress": "North_13th_1701_Philadelphia_PA_US_19122",
    "InstitutionName": "Temple_University_-_Weiss_Hall",
    "InstitutionalDepartmentName": "Department",
    "MRAcquisitionType": "2D",
    "MagneticFieldStrength": 3,
    "Manufacturer": "Siemens",
    "ManufacturersModelName": "Prisma",
    "Modality": "MR",
    "PartialFourier": 1,
    "PatientPosition": "HFS",
    "PercentPhaseFOV": 100,
    "PhaseEncodingDirection": "j-",
    "PhaseEncodingSteps": 74,
    "PhaseResolution": 1,
    "PixelBandwidth": 2330,
    "ProcedureStepDescription": "SMITH_SRNDNA",
    "ProtocolName": "func-bold_trust_run3",
    "PulseSequenceDetails": "%SiemensSeq%_ep2d_bold",
    "ReceiveCoilActiveElements": "HE1-4;NE1,2",
    "ReceiveCoilName": "HeadNeck_20",
    "ReconMatrixPE": 74,
    "RepetitionTime": 2.02,
    "SAR": 0.0976022,
    "ScanOptions": "FS",
    "ScanningSequence": "EP",
    "SequenceName": "_epfid2d1_74",
    "SequenceVariant": "SK",
    "SeriesDescription": "func-bold_trust_run3",
    "SeriesNumber": 12,
    "ShimSetting": [
      1437,
      -7396,
      6535,
      182,
      -18,
      252,
      -165,
      66
    ],
    "SliceThickness": 2.8,
    "SliceTiming": [
      1.945,
      1.89,
      1.8325,
      1.7775,
      1.7225,
      1.6675,
      1.6125,
      1.555,
      1.5,
      1.445,
      1.39,
      1.3325,
      1.2775,
      1.2225,
      1.1675,
      1.1125,
      1.055,
      1,
      0.945,
      0.89,
      0.8325,
      0.7775,
      0.7225,
      0.6675,
      0.6125,
      0.555,
      0.5,
      0.445,
      0.39,
      0.3325,
      0.2775,
      0.2225,
      0.1675,
      0.1125,
      0.055,
      0
    ],
    "SoftwareVersions": "syngo_MR_E11",
    "SpacingBetweenSlices": 3.22,
    "StationName": "AWP166048",
    "TaskName": "trust",
    "TotalReadoutTime": 0.0357695,
    "TxRefAmp": 284.81,
    "dataset": "unknown",
    "modality": "bold",
    "run_id": 4,
    "subject_id": "113",
    "task_id": "trust"
  },
  "dummy_trs": 1,
  "dvars_nstd": 26.442631956837214,
  "dvars_std": 1.3154121279069775,
  "dvars_vstd": 1.0058916813023258,
  "efc": 0.498119529104082,
  "fber": 2526.015380859375,
  "fd_mean": 0.17760275618246724,
  "fd_num": 65,
  "fd_perc": 30.09259259259259,
  "fwhm_avg": 2.3697531332285138,
  "fwhm_x": 2.190067075949481,
  "fwhm_y": 2.65375445566609,
  "fwhm_z": 2.26543786806997,
  "gcor": 0.0092369,
  "gsr_x": -0.004952326416969299,
  "gsr_y": 0.04499685764312744,
  "provenance": {
    "md5sum": "531055c2232aa3659ab85f0a11e3affa",
    "settings": {
      "fd_thres": 0.2,
      "hmc_fsl": false
    },
    "software": "mriqc",
    "version": "0.15.1",
    "webapi_port": null,
    "webapi_url": "https://mriqc.nimh.nih.gov/api/v1"
  },
  "size_t": 216,
  "size_x": 74,
  "size_y": 74,
  "size_z": 36,
  "snr": 5.814435439872178,
  "spacing_tr": 2.0199999809265137,
  "spacing_x": 2.972972869873047,
  "spacing_y": 2.972972869873047,
  "spacing_z": 3.2200000286102295,
  "spikes_num": 1,
  "summary_bg_k": 41.32386769055576,
  "summary_bg_mad": 7.323781490325928,
  "summary_bg_mean": 35.63106155395508,
  "summary_bg_median": 15.574073791503906,
  "summary_bg_n": 121660.0,
  "summary_bg_p05": 8.592592239379883,
  "summary_bg_p95": 125.90879859924284,
  "summary_bg_stdv": 68.89691162109375,
  "summary_fg_k": 4.786902316488752,
  "summary_fg_mad": 110.39205932617188,
  "summary_fg_mean": 804.4261474609375,
  "summary_fg_median": 802.5972290039062,
  "summary_fg_n": 39619.0,
  "summary_fg_p05": 632.2898010253906,
  "summary_fg_p95": 1017.1222167968749,
  "summary_fg_stdv": 138.03353881835938,
  "tsnr": 78.70765686035156
}