{
  "aor": 0.0015178703703703706,
  "aqi": 0.011078075,
  "bids_meta": {
    "AcquisitionMatrixPE": 74,
    "AcquisitionNumber": 1,
    "AcquisitionTime": "13:42:0.220000",
    "BandwidthPerPixelPhaseEncode": 27.579,
    "BaseResolution": 74,
    "BodyPartExamined": "BRAIN",
    "CogAtlasID": "TODO",
    "CoilString": "HE1-4;NE1_2",
    "ConsistencyInfo": "N4_VE11C_LATEST_20160120",
    "ConversionSoftware": "dcm2niix",
    "ConversionSoftwareVersion": "v1.0.20190410  GCC6.3.0",
    "DerivedVendorReportedEchoSpacing": 0.000489993,
    "DeviceSerialNumber": "166048",
    "DwellTime": 2.9e-06,
    "EchoTime": 0.023,
    "EchoTrainLength": 74,
    "EffectiveEchoSpacing": 0.000489993,
    "FlipAngle": 76,
    "ImageOrientationPatientDICOM": [
      1,
      0,
      0,
      0,
      0.967709,
      -0.252069
    ],
    "ImageType": [
      "ORIGINAL",
      "PRIMARY",
      "M",
      "ND",
      "NORM",
      "MOSAIC"
    ],
    "ImagingFrequency": 123.246,
    "InPlanePhaseEncodingDirectionDICOM": "COL",
    "InstitutionAddress": "North_13th_1701_Philadelphia_PA_US_19122",
    "InstitutionName": "Temple_University_-_Weiss_Hall",
    "InstitutionalDepartmentName": "Department",
    "MRAcquisitionType": "2D",
    "MagneticFieldStrength": 3,
    "Manufacturer": "Siemens",
    "ManufacturersModelName": "Prisma",
    "Modality": "MR",
    "PartialFourier": 1,
    "PatientPosition": "HFS",
    "PercentPhaseFOV": 100,
    "PhaseEncodingDirection": "j-",
    "PhaseEncodingSteps": 74,
    "PhaseResolution": 1,
    "PixelBandwidth": 2330,
    "ProcedureStepDescription": "SMITH_SRNDNA",
    "ProtocolName": "func-bold_trust_run0",
    "PulseSequenceDetails": "%SiemensSeq%_ep2d_bold",
    "ReceiveCoilActiveElements": "HE1-4;NE1,2",
    "ReceiveCoilName": "HeadNeck_20",
    "ReconMatrixPE": 74,
    "RepetitionTime": 2.02,
    "SAR": 0.0976022,
    "ScanOptions": "FS",
    "ScanningSequence": "EP",
    "SequenceName": "_epfid2d1_74",
    "SequenceVariant": "SK",
    "SeriesDescription": "func-bold_trust_run0",
    "SeriesNumber": 9,
    "ShimSetting": [
      1437,
      -7396,
      6535,
      182,
      -18,
      252,
      -165,
      66
    ],
    "SliceThickness": 2.8,
    "SliceTiming": [
      1.9425,
      1.8875,
      1.8325,
      1.7775,
      1.72,
      1.665,
      1.61,
      1.555,
      1.5,
      1.4425,
      1.3875,
      1.3325,
      1.2775,
      1.22,
      1.165,
      1.11,
      1.055,
      1,
      0.9425,
      0.8875,
      0.8325,
      0.7775,
      0.72,
      0.665,
      0.61,
      0.555,
      0.5,
      0.4425,
      0.3875,
      0.3325,
      0.2775,
      0.2225,
      0.165,
      0.11,
      0.055,
      0
    ],
    "SoftwareVersions": "syngo_MR_E11",
    "SpacingBetweenSlices": 3.22,
    "StationName": "AWP166048",
    "TaskName": "trust",
    "TotalReadoutTime": 0.0357695,
    "TxRefAmp": 284.81,
    "dataset": "unknown",
    "modality": "bold",
    "run_id": 1,
    "subject_id": "113",
    "task_id": "trust"
  },
  "dummy_trs": 1,
  "dvars_nstd": 21.521964068790687,
  "dvars_std": 1.130417933395349,
  "dvars_vstd": 0.946361038232558,
  "efc": 0.49415200709242807,
  "fber": 2597.8681640625,
  "fd_mean": 0.14739085750053352,
  "fd_num": 37,
  "fd_perc": 17.12962962962963,
  "fwhm_avg": 2.380105346281752,
  "fwhm_x": 2.1968111670924504,
  "fwhm_y": 2.6656819106251772,
  "fwhm_z": 2.277822961127628,
  "gcor": 0.0139292,
  "gsr_x": -0.002963123144581914,
  "gsr_y": 0.041978977620601654,
  "provenance": {
    "md5sum": "14c5c6d9395acef15df3515f842b4ead",
    "settings": {
      "fd_thres": 0.2,
      "hmc_fsl": false
    },
    "software": "mriqc",
    "version": "0.15.1",
    "webapi_port": null,
    "webapi_url": "https://mriqc.nimh.nih.gov/api/v1"
  },
  "size_t": 216,
  "size_x": 74,
  "size_y": 74,
  "size_z": 36,
  "snr": 5.895490893663074,
  "spacing_tr": 2.0199999809265137,
  "spacing_x": 2.972972869873047,
  "spacing_y": 2.972972869873047,
  "spacing_z": 3.2200000286102295,
  "spikes_num": 0,
  "summary_bg_k": 44.23397913516727,
  "summary_bg_mad": 7.227685928344727,
  "summary_bg_mean": 34.13520431518555,
  "summary_bg_median": 15.472222328186035,
  "summary_bg_n": 122120.0,
  "summary_bg_p05": 8.527777671813965,
  "summary_bg_p95": 117.19467430114742,
  "summary_bg_stdv": 65.49866485595703,
  "summary_fg_k": 4.524484254503265,
  "summary_fg_mad": 110.32342529296875,
  "summary_fg_mean": 808.9066772460938,
  "summary_fg_median": 806.2662353515625,
  "summary_fg_n": 39262.0,
  "summary_fg_p05": 636.7786987304687,
  "summary_fg_p95": 1019.4233581542967,
  "summary_fg_stdv": 136.75807189941406,
  "tsnr": 64.04375457763672
}