{
  "aor": 0.011661194029850747,
  "aqi": 0.0076647927363184066,
  "bids_meta": {
    "AcquisitionMatrixPE": 74,
    "AcquisitionNumber": 1,
    "AcquisitionTime": "19:21:5.447500",
    "BandwidthPerPixelPhaseEncode": 27.579,
    "BaseResolution": 74,
    "BodyPartExamined": "BRAIN",
    "CogAtlasID": "TODO",
    "CoilString": "HE1-4;NE1_2",
    "ConsistencyInfo": "N4_VE11C_LATEST_20160120",
    "ConversionSoftware": "dcm2niix",
    "ConversionSoftwareVersion": "v1.0.20190410  GCC6.3.0",
    "DerivedVendorReportedEchoSpacing": 0.000489993,
    "DeviceSerialNumber": "166048",
    "DwellTime": 2.9e-06,
    "EchoTime": 0.023,
    "EchoTrainLength": 74,
    "EffectiveEchoSpacing": 0.000489993,
    "FlipAngle": 76,
    "ImageOrientationPatientDICOM": [
      1,
      0,
      0,
      0,
      0.986856,
      -0.161604
    ],
    "ImageType": [
      "ORIGINAL",
      "PRIMARY",
      "M",
      "ND",
      "NORM",
      "MOSAIC"
    ],
    "ImagingFrequency": 123.246,
    "InPlanePhaseEncodingDirectionDICOM": "COL",
    "InstitutionAddress": "North_13th_1701_Philadelphia_PA_US_19122",
    "InstitutionName": "Temple_University_-_Weiss_Hall",
    "InstitutionalDepartmentName": "Department",
    "MRAcquisitionType": "2D",
    "MagneticFieldStrength": 3,
    "Manufacturer": "Siemens",
    "ManufacturersModelName": "Prisma",
    "Modality": "MR",
    "PartialFourier": 1,
    "PatientPosition": "HFS",
    "PercentPhaseFOV": 100,
    "PhaseEncodingDirection": "j-",
    "PhaseEncodingSteps": 74,
    "PhaseResolution": 1,
    "PixelBandwidth": 2330,
    "ProcedureStepDescription": "SMITH_SRNDNA",
    "ProtocolName": "func-bold_task-reward_run0",
    "PulseSequenceDetails": "%SiemensSeq%_ep2d_bold",
    "ReceiveCoilActiveElements": "HE1-4;NE1,2",
    "ReceiveCoilName": "HeadNeck_20",
    "ReconMatrixPE": 74,
    "RepetitionTime": 2.02,
    "SAR": 0.102709,
    "ScanOptions": "FS",
    "ScanningSequence": "EP",
    "SequenceName": "_epfid2d1_74",
    "SequenceVariant": "SK",
    "SeriesDescription": "func-bold_task-reward_run0",
    "SeriesNumber": 14,
    "ShimSetting": [
      1421,
      -7432,
      6503,
      312,
      83,
      83,
      -163,
      114
    ],
    "SliceThickness": 2.8,
    "SliceTiming": [
      1.945,
      1.89,
      1.835,
      1.7775,
      1.7225,
      1.6675,
      1.6125,
      1.555,
      1.5,
      1.445,
      1.39,
      1.335,
      1.2775,
      1.2225,
      1.1675,
      1.1125,
      1.0575,
      1,
      0.945,
      0.89,
      0.835,
      0.7775,
      0.7225,
      0.6675,
      0.6125,
      0.5575,
      0.5,
      0.445,
      0.39,
      0.335,
      0.2775,
      0.2225,
      0.1675,
      0.1125,
      0.0575,
      0
    ],
    "SoftwareVersions": "syngo_MR_E11",
    "SpacingBetweenSlices": 3.22,
    "StationName": "AWP166048",
    "TaskName": "sharedreward",
    "TotalReadoutTime": 0.0357695,
    "TxRefAmp": 266.646,
    "dataset": "unknown",
    "modality": "bold",
    "run_id": 1,
    "subject_id": "157",
    "task_id": "sharedreward"
  },
  "dummy_trs": 1,
  "dvars_nstd": 20.932726077799998,
  "dvars_std": 1.2630384238499999,
  "dvars_vstd": 1.1076077476500006,
  "efc": 0.5420498859088433,
  "fber": 1872.53369140625,
  "fd_mean": 0.1275890241733215,
  "fd_num": 19,
  "fd_perc": 9.45273631840796,
  "fwhm_avg": 2.4238229982271107,
  "fwhm_x": 2.297000443294194,
  "fwhm_y": 2.6672325470425884,
  "fwhm_z": 2.3072360043445492,
  "gcor": 0.0249439,
  "gsr_x": 0.002726553240790963,
  "gsr_y": 0.03446962311863899,
  "provenance": {
    "md5sum": "2ccd554ea49e39719ab8f77a2afd935c",
    "settings": {
      "fd_thres": 0.2,
      "hmc_fsl": false
    },
    "software": "mriqc",
    "version": "0.15.1",
    "webapi_port": null,
    "webapi_url": "https://mriqc.nimh.nih.gov/api/v1"
  },
  "size_t": 201,
  "size_x": 74,
  "size_y": 74,
  "size_z": 36,
  "snr": 5.169391923759282,
  "spacing_tr": 2.0199999809265137,
  "spacing_x": 2.972972869873047,
  "spacing_y": 2.972972869873047,
  "spacing_z": 3.2200000286102295,
  "spikes_num": 32,
  "summary_bg_k": 51.183607591746565,
  "summary_bg_mad": 6.218078136444092,
  "summary_bg_mean": 30.2337646484375,
  "summary_bg_median": 15.970149040222168,
  "summary_bg_n": 110058.0,
  "summary_bg_p05": 9.830845832824707,
  "summary_bg_p95": 106.51815643310545,
  "summary_bg_stdv": 45.59651184082031,
  "summary_fg_k": 4.009692320156441,
  "summary_fg_mad": 107.53291320800781,
  "summary_fg_mean": 714.4373779296875,
  "summary_fg_median": 716.4154052734375,
  "summary_fg_n": 49050.0,
  "summary_fg_p05": 505.4497436523437,
  "summary_fg_p95": 908.3818267822264,
  "summary_fg_stdv": 138.58653259277344,
  "tsnr": 64.76128387451172
}