{
  "aor": 0.008724120370370368,
  "aqi": 0.0067639502777777786,
  "bids_meta": {
    "AcquisitionMatrixPE": 74,
    "AcquisitionNumber": 1,
    "AcquisitionTime": "19:02:43.092500",
    "BandwidthPerPixelPhaseEncode": 27.579,
    "BaseResolution": 74,
    "BodyPartExamined": "BRAIN",
    "CogAtlasID": "TODO",
    "CoilString": "HE1-4;NE1_2",
    "ConsistencyInfo": "N4_VE11C_LATEST_20160120",
    "ConversionSoftware": "dcm2niix",
    "ConversionSoftwareVersion": "v1.0.20190410  GCC6.3.0",
    "DerivedVendorReportedEchoSpacing": 0.000489993,
    "DeviceSerialNumber": "166048",
    "DwellTime": 2.9e-06,
    "EchoTime": 0.023,
    "EchoTrainLength": 74,
    "EffectiveEchoSpacing": 0.000489993,
    "FlipAngle": 76,
    "ImageOrientationPatientDICOM": [
      1,
      0,
      0,
      0,
      0.986856,
      -0.161604
    ],
    "ImageType": [
      "ORIGINAL",
      "PRIMARY",
      "M",
      "ND",
      "NORM",
      "MOSAIC"
    ],
    "ImagingFrequency": 123.246,
    "InPlanePhaseEncodingDirectionDICOM": "COL",
    "InstitutionAddress": "North_13th_1701_Philadelphia_PA_US_19122",
    "InstitutionName": "Temple_University_-_Weiss_Hall",
    "InstitutionalDepartmentName": "Department",
    "MRAcquisitionType": "2D",
    "MagneticFieldStrength": 3,
    "Manufacturer": "Siemens",
    "ManufacturersModelName": "Prisma",
    "Modality": "MR",
    "PartialFourier": 1,
    "PatientPosition": "HFS",
    "PercentPhaseFOV": 100,
    "PhaseEncodingDirection": "j-",
    "PhaseEncodingSteps": 74,
    "PhaseResolution": 1,
    "PixelBandwidth": 2330,
    "ProcedureStepDescription": "SMITH_SRNDNA",
    "ProtocolName": "func-bold_trust_run3",
    "PulseSequenceDetails": "%SiemensSeq%_ep2d_bold",
    "ReceiveCoilActiveElements": "HE1-4;NE1,2",
    "ReceiveCoilName": "HeadNeck_20",
    "ReconMatrixPE": 74,
    "RepetitionTime": 2.02,
    "SAR": 0.102734,
    "ScanOptions": "FS",
    "ScanningSequence": "EP",
    "SequenceName": "_epfid2d1_74",
    "SequenceVariant": "SK",
    "SeriesDescription": "func-bold_trust_run3",
    "SeriesNumber": 12,
    "ShimSetting": [
      1421,
      -7432,
      6503,
      312,
      83,
      83,
      -163,
      114
    ],
    "SliceThickness": 2.8,
    "SliceTiming": [
      1.945,
      1.89,
      1.835,
      1.7775,
      1.7225,
      1.6675,
      1.6125,
      1.5575,
      1.5,
      1.445,
      1.39,
      1.335,
      1.2775,
      1.2225,
      1.1675,
      1.1125,
      1.0575,
      1,
      0.945,
      0.89,
      0.835,
      0.7775,
      0.7225,
      0.6675,
      0.6125,
      0.5575,
      0.5,
      0.445,
      0.39,
      0.335,
      0.28,
      0.2225,
      0.1675,
      0.1125,
      0.0575,
      0
    ],
    "SoftwareVersions": "syngo_MR_E11",
    "SpacingBetweenSlices": 3.22,
    "StationName": "AWP166048",
    "TaskName": "trust",
    "TotalReadoutTime": 0.0357695,
    "TxRefAmp": 266.646,
    "dataset": "unknown",
    "modality": "bold",
    "run_id": 4,
    "subject_id": "157",
    "task_id": "trust"
  },
  "dummy_trs": 1,
  "dvars_nstd": 22.47226183702326,
  "dvars_std": 1.2392287137209306,
  "dvars_vstd": 1.0543629153023257,
  "efc": 0.5427961866855671,
  "fber": 1909.228759765625,
  "fd_mean": 0.16832398170978433,
  "fd_num": 25,
  "fd_perc": 11.574074074074074,
  "fwhm_avg": 2.4116995182254457,
  "fwhm_x": 2.2820860791406137,
  "fwhm_y": 2.645580819018999,
  "fwhm_z": 2.307431656516724,
  "gcor": 0.0269094,
  "gsr_x": 0.0022302763536572456,
  "gsr_y": 0.03502131998538971,
  "provenance": {
    "md5sum": "124d24bea50405040ccd75cba158b165",
    "settings": {
      "fd_thres": 0.2,
      "hmc_fsl": false
    },
    "software": "mriqc",
    "version": "0.15.1",
    "webapi_port": null,
    "webapi_url": "https://mriqc.nimh.nih.gov/api/v1"
  },
  "size_t": 216,
  "size_x": 74,
  "size_y": 74,
  "size_z": 36,
  "snr": 5.168452617027412,
  "spacing_tr": 2.0199999809265137,
  "spacing_x": 2.972972869873047,
  "spacing_y": 2.972972869873047,
  "spacing_z": 3.2200000286102295,
  "spikes_num": 18,
  "summary_bg_k": 53.194474559349146,
  "summary_bg_mad": 6.211830139160156,
  "summary_bg_mean": 30.632322311401367,
  "summary_bg_median": 15.76388931274414,
  "summary_bg_n": 109952.0,
  "summary_bg_p05": 9.731481552124023,
  "summary_bg_p95": 106.17454109191885,
  "summary_bg_stdv": 48.01506805419922,
  "summary_fg_k": 3.9824743019661497,
  "summary_fg_mad": 107.0630874633789,
  "summary_fg_mean": 710.9544677734375,
  "summary_fg_median": 712.9351806640625,
  "summary_fg_n": 49151.0,
  "summary_fg_p05": 498.51158142089844,
  "summary_fg_p95": 904.42822265625,
  "summary_fg_stdv": 137.93836975097656,
  "tsnr": 69.55674743652344
}