{
  "aor": 0.004279677419354839,
  "aqi": 0.00884754133640553,
  "bids_meta": {
    "AcquisitionMatrixPE": 74,
    "AcquisitionNumber": 1,
    "AcquisitionTime": "19:10:55.947500",
    "BandwidthPerPixelPhaseEncode": 27.579,
    "BaseResolution": 74,
    "BodyPartExamined": "BRAIN",
    "CogAtlasID": "TODO",
    "CoilString": "HE1-4;NE1_2",
    "ConsistencyInfo": "N4_VE11C_LATEST_20160120",
    "ConversionSoftware": "dcm2niix",
    "ConversionSoftwareVersion": "v1.0.20190410  GCC6.3.0",
    "DerivedVendorReportedEchoSpacing": 0.000489993,
    "DeviceSerialNumber": "166048",
    "DwellTime": 2.9e-06,
    "EchoTime": 0.023,
    "EchoTrainLength": 74,
    "EffectiveEchoSpacing": 0.000489993,
    "FlipAngle": 76,
    "ImageOrientationPatientDICOM": [
      1,
      0,
      0,
      0,
      0.986856,
      -0.161604
    ],
    "ImageType": [
      "ORIGINAL",
      "PRIMARY",
      "M",
      "ND",
      "NORM",
      "MOSAIC"
    ],
    "ImagingFrequency": 123.246,
    "InPlanePhaseEncodingDirectionDICOM": "COL",
    "InstitutionAddress": "North_13th_1701_Philadelphia_PA_US_19122",
    "InstitutionName": "Temple_University_-_Weiss_Hall",
    "InstitutionalDepartmentName": "Department",
    "MRAcquisitionType": "2D",
    "MagneticFieldStrength": 3,
    "Manufacturer": "Siemens",
    "ManufacturersModelName": "Prisma",
    "Modality": "MR",
    "PartialFourier": 1,
    "PatientPosition": "HFS",
    "PercentPhaseFOV": 100,
    "PhaseEncodingDirection": "j-",
    "PhaseEncodingSteps": 74,
    "PhaseResolution": 1,
    "PixelBandwidth": 2330,
    "ProcedureStepDescription": "SMITH_SRNDNA",
    "ProtocolName": "func-bold_trust_run4",
    "PulseSequenceDetails": "%SiemensSeq%_ep2d_bold",
    "ReceiveCoilActiveElements": "HE1-4;NE1,2",
    "ReceiveCoilName": "HeadNeck_20",
    "ReconMatrixPE": 74,
    "RepetitionTime": 2.02,
    "SAR": 0.102734,
    "ScanOptions": "FS",
    "ScanningSequence": "EP",
    "SequenceName": "_epfid2d1_74",
    "SequenceVariant": "SK",
    "SeriesDescription": "func-bold_trust_run4",
    "SeriesNumber": 13,
    "ShimSetting": [
      1421,
      -7432,
      6503,
      312,
      83,
      83,
      -163,
      114
    ],
    "SliceThickness": 2.8,
    "SliceTiming": [
      1.945,
      1.89,
      1.835,
      1.7775,
      1.7225,
      1.6675,
      1.6125,
      1.5575,
      1.5,
      1.445,
      1.39,
      1.335,
      1.2775,
      1.2225,
      1.1675,
      1.1125,
      1.0575,
      1,
      0.945,
      0.89,
      0.835,
      0.7775,
      0.7225,
      0.6675,
      0.6125,
      0.5575,
      0.5,
      0.445,
      0.39,
      0.335,
      0.2775,
      0.2225,
      0.1675,
      0.1125,
      0.0575,
      0
    ],
    "SoftwareVersions": "syngo_MR_E11",
    "SpacingBetweenSlices": 3.22,
    "StationName": "AWP166048",
    "TaskName": "trust",
    "TotalReadoutTime": 0.0357695,
    "TxRefAmp": 266.646,
    "dataset": "unknown",
    "modality": "bold",
    "run_id": 5,
    "subject_id": "157",
    "task_id": "trust"
  },
  "dummy_trs": 0,
  "dvars_nstd": 21.966281723194452,
  "dvars_std": 1.1483926449074076,
  "dvars_vstd": 0.977693278425926,
  "efc": 0.5423982077133176,
  "fber": 1873.6085205078125,
  "fd_mean": 0.13676754781443354,
  "fd_num": 26,
  "fd_perc": 11.981566820276498,
  "fwhm_avg": 2.421067739609835,
  "fwhm_x": 2.2944978977528625,
  "fwhm_y": 2.6546525466063255,
  "fwhm_z": 2.3140527744703165,
  "gcor": 0.0232698,
  "gsr_x": 0.0025486222002655268,
  "gsr_y": 0.03478653356432915,
  "provenance": {
    "md5sum": "e8f59d5ea2d409fc5b8ba3f630506244",
    "settings": {
      "fd_thres": 0.2,
      "hmc_fsl": false
    },
    "software": "mriqc",
    "version": "0.15.1",
    "webapi_port": null,
    "webapi_url": "https://mriqc.nimh.nih.gov/api/v1"
  },
  "size_t": 217,
  "size_x": 74,
  "size_y": 74,
  "size_z": 36,
  "snr": 5.1696880388700395,
  "spacing_tr": 2.0199999809265137,
  "spacing_x": 2.972972869873047,
  "spacing_y": 2.972972869873047,
  "spacing_z": 3.2200000286102295,
  "spikes_num": 1,
  "summary_bg_k": 53.6311252862173,
  "summary_bg_mad": 6.210530757904053,
  "summary_bg_mean": 30.344257354736328,
  "summary_bg_median": 15.894009590148926,
  "summary_bg_n": 110053.0,
  "summary_bg_p05": 9.77419376373291,
  "summary_bg_p95": 105.91428833007811,
  "summary_bg_stdv": 46.59386444091797,
  "summary_fg_k": 3.9583176063408567,
  "summary_fg_mad": 106.91812133789062,
  "summary_fg_mean": 711.416015625,
  "summary_fg_median": 713.405517578125,
  "summary_fg_n": 49109.0,
  "summary_fg_p05": 499.6166015625,
  "summary_fg_p95": 904.2626953124999,
  "summary_fg_stdv": 137.9963836669922,
  "tsnr": 65.53910064697266
}