{
  "aor": 0.008749308755760368,
  "aqi": 0.006879481428571429,
  "bids_meta": {
    "AcquisitionMatrixPE": 74,
    "AcquisitionNumber": 1,
    "AcquisitionTime": "18:46:27.317500",
    "BandwidthPerPixelPhaseEncode": 27.579,
    "BaseResolution": 74,
    "BodyPartExamined": "BRAIN",
    "CogAtlasID": "TODO",
    "CoilString": "HE1-4;NE1_2",
    "ConsistencyInfo": "N4_VE11C_LATEST_20160120",
    "ConversionSoftware": "dcm2niix",
    "ConversionSoftwareVersion": "v1.0.20190410  GCC6.3.0",
    "DerivedVendorReportedEchoSpacing": 0.000489993,
    "DeviceSerialNumber": "166048",
    "DwellTime": 2.9e-06,
    "EchoTime": 0.023,
    "EchoTrainLength": 74,
    "EffectiveEchoSpacing": 0.000489993,
    "FlipAngle": 76,
    "ImageOrientationPatientDICOM": [
      1,
      0,
      0,
      0,
      0.986856,
      -0.161604
    ],
    "ImageType": [
      "ORIGINAL",
      "PRIMARY",
      "M",
      "ND",
      "NORM",
      "MOSAIC"
    ],
    "ImagingFrequency": 123.246,
    "InPlanePhaseEncodingDirectionDICOM": "COL",
    "InstitutionAddress": "North_13th_1701_Philadelphia_PA_US_19122",
    "InstitutionName": "Temple_University_-_Weiss_Hall",
    "InstitutionalDepartmentName": "Department",
    "MRAcquisitionType": "2D",
    "MagneticFieldStrength": 3,
    "Manufacturer": "Siemens",
    "ManufacturersModelName": "Prisma",
    "Modality": "MR",
    "PartialFourier": 1,
    "PatientPosition": "HFS",
    "PercentPhaseFOV": 100,
    "PhaseEncodingDirection": "j-",
    "PhaseEncodingSteps": 74,
    "PhaseResolution": 1,
    "PixelBandwidth": 2330,
    "ProcedureStepDescription": "SMITH_SRNDNA",
    "ProtocolName": "func-bold_trust_run1",
    "PulseSequenceDetails": "%SiemensSeq%_ep2d_bold",
    "ReceiveCoilActiveElements": "HE1-4;NE1,2",
    "ReceiveCoilName": "HeadNeck_20",
    "ReconMatrixPE": 74,
    "RepetitionTime": 2.02,
    "SAR": 0.102734,
    "ScanOptions": "FS",
    "ScanningSequence": "EP",
    "SequenceName": "_epfid2d1_74",
    "SequenceVariant": "SK",
    "SeriesDescription": "func-bold_trust_run1",
    "SeriesNumber": 10,
    "ShimSetting": [
      1421,
      -7432,
      6503,
      312,
      83,
      83,
      -163,
      114
    ],
    "SliceThickness": 2.8,
    "SliceTiming": [
      1.9425,
      1.8875,
      1.8325,
      1.7775,
      1.7225,
      1.665,
      1.61,
      1.555,
      1.5,
      1.4425,
      1.3875,
      1.3325,
      1.2775,
      1.2225,
      1.165,
      1.11,
      1.055,
      1,
      0.9425,
      0.8875,
      0.8325,
      0.7775,
      0.7225,
      0.665,
      0.61,
      0.555,
      0.5,
      0.445,
      0.3875,
      0.3325,
      0.2775,
      0.2225,
      0.165,
      0.11,
      0.055,
      0
    ],
    "SoftwareVersions": "syngo_MR_E11",
    "SpacingBetweenSlices": 3.22,
    "StationName": "AWP166048",
    "TaskName": "trust",
    "TotalReadoutTime": 0.0357695,
    "TxRefAmp": 266.646,
    "dataset": "unknown",
    "modality": "bold",
    "run_id": 2,
    "subject_id": "157",
    "task_id": "trust"
  },
  "dummy_trs": 0,
  "dvars_nstd": 21.67822209953702,
  "dvars_std": 1.275011005185185,
  "dvars_vstd": 1.0654136291203706,
  "efc": 0.5412815303137344,
  "fber": 1890.8134765625,
  "fd_mean": 0.10776727158040875,
  "fd_num": 11,
  "fd_perc": 5.0691244239631335,
  "fwhm_avg": 2.408103102972813,
  "fwhm_x": 2.2831119882671005,
  "fwhm_y": 2.652240819249962,
  "fwhm_z": 2.2889565014013757,
  "gcor": 0.0159802,
  "gsr_x": 0.0026270654052495956,
  "gsr_y": 0.03448935225605965,
  "provenance": {
    "md5sum": "835f4fe8b6eb7c24ee394e55b40fd310",
    "settings": {
      "fd_thres": 0.2,
      "hmc_fsl": false
    },
    "software": "mriqc",
    "version": "0.15.1",
    "webapi_port": null,
    "webapi_url": "https://mriqc.nimh.nih.gov/api/v1"
  },
  "size_t": 217,
  "size_x": 74,
  "size_y": 74,
  "size_z": 36,
  "snr": 5.170594819697612,
  "spacing_tr": 2.0199999809265137,
  "spacing_x": 2.972972869873047,
  "spacing_y": 2.972972869873047,
  "spacing_z": 3.2200000286102295,
  "spikes_num": 7,
  "summary_bg_k": 56.534378005935764,
  "summary_bg_mad": 6.067054271697998,
  "summary_bg_mean": 29.518949508666992,
  "summary_bg_median": 15.691244125366211,
  "summary_bg_n": 110027.0,
  "summary_bg_p05": 9.66820240020752,
  "summary_bg_p95": 100.6152038574218,
  "summary_bg_stdv": 45.79673767089844,
  "summary_fg_k": 4.10318506548416,
  "summary_fg_mad": 105.3262939453125,
  "summary_fg_mean": 705.5452880859375,
  "summary_fg_median": 707.6174926757812,
  "summary_fg_n": 49135.0,
  "summary_fg_p05": 496.44422607421876,
  "summary_fg_p95": 896.1382446289062,
  "summary_fg_stdv": 136.852783203125,
  "tsnr": 73.5318603515625
}