{
  "bids_meta": {
    "AcquisitionMatrixPE": 192,
    "AcquisitionNumber": 1,
    "AcquisitionTime": "18:30:33.302500",
    "BaseResolution": 192,
    "BodyPartExamined": "BRAIN",
    "CoilString": "HE1-4;NE1_2",
    "ConsistencyInfo": "N4_VE11C_LATEST_20160120",
    "ConversionSoftware": "dcm2niix",
    "ConversionSoftwareVersion": "v1.0.20190410  GCC6.3.0",
    "DeviceSerialNumber": "166048",
    "DwellTime": 1.24e-05,
    "EchoTime": 0.0022,
    "FlipAngle": 8,
    "ImageOrientationPatientDICOM": [
      0,
      1,
      0,
      0,
      0,
      -1
    ],
    "ImageType": [
      "ORIGINAL",
      "PRIMARY",
      "M",
      "ND",
      "NORM",
      "FM3",
      "2",
      "FIL"
    ],
    "ImagingFrequency": 123.246,
    "InPlanePhaseEncodingDirectionDICOM": "ROW",
    "InstitutionAddress": "North_13th_1701_Philadelphia_PA_US_19122",
    "InstitutionName": "Temple_University_-_Weiss_Hall",
    "InstitutionalDepartmentName": "Department",
    "InversionTime": 1.15,
    "MRAcquisitionType": "3D",
    "MagneticFieldStrength": 3,
    "Manufacturer": "Siemens",
    "ManufacturersModelName": "Prisma",
    "Modality": "MR",
    "PartialFourier": 1,
    "PatientPosition": "HFS",
    "PercentPhaseFOV": 100,
    "PhaseEncodingSteps": 211,
    "PhaseOversampling": 0.1,
    "PhaseResolution": 1,
    "PixelBandwidth": 210,
    "ProcedureStepDescription": "SMITH_SRNDNA",
    "ProtocolName": "T1w-anat_mpg_07sag_iso",
    "PulseSequenceDetails": "%SiemensSeq%_tfl",
    "ReceiveCoilActiveElements": "HE1-4;NE1,2",
    "ReceiveCoilName": "HeadNeck_20",
    "ReconMatrixPE": 192,
    "RefLinesPE": 32,
    "RepetitionTime": 2.4,
    "SAR": 0.0498323,
    "ScanOptions": "IR_WE",
    "ScanningSequence": "GR_IR",
    "SequenceName": "_tfl3d1_16ns",
    "SequenceVariant": "SK_SP_MP_OSP",
    "SeriesDescription": "T1w-anat_mpg_07sag_iso",
    "SeriesNumber": 5,
    "ShimSetting": [
      1411,
      -7471,
      6483,
      221,
      9,
      -141,
      -186,
      47
    ],
    "SliceThickness": 1,
    "SoftwareVersions": "syngo_MR_E11",
    "StationName": "AWP166048",
    "TxRefAmp": 266.646,
    "dataset": "unknown",
    "modality": "T1w",
    "subject_id": "157"
  },
  "cjv": 0.43016685874694743,
  "cnr": 2.9976899013967984,
  "efc": 0.6796284156072154,
  "fber": 1706.1302490234375,
  "fwhm_avg": 3.62056,
  "fwhm_x": 3.58096,
  "fwhm_y": 3.62828,
  "fwhm_z": 3.65244,
  "icvs_csf": 0.18509144506649336,
  "icvs_gm": 0.4307933390008704,
  "icvs_wm": 0.3841152159326362,
  "inu_med": 1.4500592947006226,
  "inu_range": 0.5871272683143614,
  "provenance": {
    "md5sum": "a89f9b4dad1f0fa55752f4114d584567",
    "settings": {
      "testing": false
    },
    "software": "mriqc",
    "version": "0.15.1",
    "warnings": {
      "large_rot_frame": true,
      "small_air_mask": false
    },
    "webapi_port": null,
    "webapi_url": "https://mriqc.nimh.nih.gov/api/v1"
  },
  "qi_1": 0.0,
  "qi_2": 0.01205516728253878,
  "rpve_csf": 14.977818514927103,
  "rpve_gm": 7.010475167807074,
  "rpve_wm": 9.430739657706066,
  "size_x": 192,
  "size_y": 192,
  "size_z": 192,
  "snr_csf": 2.293674092577403,
  "snr_gm": 10.726473242842218,
  "snr_total": 11.782625426709748,
  "snr_wm": 22.327728944709623,
  "snrd_csf": 48.93548451898403,
  "snrd_gm": 112.21178275097473,
  "snrd_total": 103.57102410104915,
  "snrd_wm": 149.56580503318867,
  "spacing_x": 1.0,
  "spacing_y": 1.0,
  "spacing_z": 1.0,
  "summary_bg_k": 2.022812763403957,
  "summary_bg_mad": 4.380403995513916,
  "summary_bg_mean": 15.19983959197998,
  "summary_bg_median": 14.180790901184082,
  "summary_bg_n": 1313727.0,
  "summary_bg_p05": 5.686084890365601,
  "summary_bg_p95": 28.07058181762695,
  "summary_bg_stdv": 6.590856552124023,
  "summary_csf_k": -0.4301476304976859,
  "summary_csf_mad": 152.6102752685547,
  "summary_csf_mean": 354.8982849121094,
  "summary_csf_median": 327.19476318359375,
  "summary_csf_n": 9801.0,
  "summary_csf_p05": 175.7113800048828,
  "summary_csf_p95": 616.35205078125,
  "summary_csf_stdv": 142.64366149902344,
  "summary_gm_k": 0.3664150051444257,
  "summary_gm_mad": 65.78667449951172,
  "summary_gm_mean": 753.5880737304688,
  "summary_gm_median": 750.2757568359375,
  "summary_gm_n": 20758.0,
  "summary_gm_p05": 642.971401977539,
  "summary_gm_p95": 873.8497161865233,
  "summary_gm_stdv": 69.94448852539062,
  "summary_wm_k": 0.730063853282394,
  "summary_wm_mad": 41.65104293823242,
  "summary_wm_mean": 1000.7953491210938,
  "summary_wm_median": 1000.0339965820312,
  "summary_wm_n": 240175.0,
  "summary_wm_p05": 928.3530700683593,
  "summary_wm_p95": 1074.2747802734375,
  "summary_wm_stdv": 44.788787841796875,
  "tpm_overlap_csf": 0.21517163515090942,
  "tpm_overlap_gm": 0.4975890815258026,
  "tpm_overlap_wm": 0.5350551009178162,
  "wm2max": 0.7180044630790061
}