{
  "bids_meta": {
    "AcquisitionMatrixPE": 192,
    "AcquisitionNumber": 1,
    "AcquisitionTime": "18:26:30.540000",
    "BaseResolution": 192,
    "BodyPartExamined": "BRAIN",
    "CoilString": "HE1-4;NE1_2",
    "ConsistencyInfo": "N4_VE11C_LATEST_20160120",
    "ConversionSoftware": "dcm2niix",
    "ConversionSoftwareVersion": "v1.0.20190410  GCC6.3.0",
    "DeviceSerialNumber": "166048",
    "DwellTime": 3.5e-06,
    "EchoTime": 0.567,
    "EchoTrainLength": 314,
    "FlipAngle": 120,
    "ImageOrientationPatientDICOM": [
      0,
      1,
      0,
      0,
      0,
      -1
    ],
    "ImageType": [
      "ORIGINAL",
      "PRIMARY",
      "M",
      "ND",
      "NORM"
    ],
    "ImagingFrequency": 123.246,
    "InPlanePhaseEncodingDirectionDICOM": "ROW",
    "InstitutionAddress": "North_13th_1701_Philadelphia_PA_US_19122",
    "InstitutionName": "Temple_University_-_Weiss_Hall",
    "InstitutionalDepartmentName": "Department",
    "MRAcquisitionType": "3D",
    "MagneticFieldStrength": 3,
    "Manufacturer": "Siemens",
    "ManufacturersModelName": "Prisma",
    "Modality": "MR",
    "PartialFourier": 1,
    "PatientPosition": "HFS",
    "PercentPhaseFOV": 100,
    "PhaseEncodingSteps": 209,
    "PhaseOversampling": 0.1,
    "PhaseResolution": 1,
    "PixelBandwidth": 745,
    "ProcedureStepDescription": "SMITH_SRNDNA",
    "ProtocolName": "T2w-anat_spc_07sag_iso",
    "PulseSequenceDetails": "%SiemensSeq%_tse_vfl",
    "ReceiveCoilActiveElements": "HE1-4;NE1,2",
    "ReceiveCoilName": "HeadNeck_20",
    "ReconMatrixPE": 192,
    "RefLinesPE": 32,
    "RepetitionTime": 3.2,
    "SAR": 0.183048,
    "ScanOptions": "PFP",
    "ScanningSequence": "SE",
    "SequenceName": "_spc_314ns",
    "SequenceVariant": "SK_SP_OSP",
    "SeriesDescription": "T2w-anat_spc_07sag_iso",
    "SeriesNumber": 3,
    "ShimSetting": [
      1411,
      -7471,
      6483,
      221,
      9,
      -141,
      -186,
      47
    ],
    "SliceThickness": 1,
    "SoftwareVersions": "syngo_MR_E11",
    "StationName": "AWP166048",
    "TxRefAmp": 266.646,
    "dataset": "unknown",
    "modality": "T2w",
    "subject_id": "157"
  },
  "cjv": 0.22628948011922673,
  "cnr": 3.305625882151457,
  "efc": 0.6546274829271709,
  "fber": 365.6561279296875,
  "fwhm_avg": 2.4524666666666666,
  "fwhm_x": 2.37034,
  "fwhm_y": 2.7082,
  "fwhm_z": 2.27886,
  "icvs_csf": 0.30934995206421567,
  "icvs_gm": 0.12624159158215606,
  "icvs_wm": 0.5644084563536282,
  "inu_med": 1.2629311084747314,
  "inu_range": 0.4462788581848143,
  "provenance": {
    "md5sum": "7eba0b4c6dab0648ec52478a96bb3145",
    "settings": {
      "testing": false
    },
    "software": "mriqc",
    "version": "0.15.1",
    "warnings": {
      "large_rot_frame": true,
      "small_air_mask": false
    },
    "webapi_port": null,
    "webapi_url": "https://mriqc.nimh.nih.gov/api/v1"
  },
  "qi_1": 0.0,
  "qi_2": 0.0022597730743811766,
  "rpve_csf": 8.688250600228779,
  "rpve_gm": 28.07886567164179,
  "rpve_wm": 5.950465650581859,
  "size_x": 192,
  "size_y": 192,
  "size_z": 192,
  "snr_csf": 8.33344893273567,
  "snr_gm": 4.675624939225303,
  "snr_total": 6.527484613514164,
  "snr_wm": 6.573379968581521,
  "snrd_csf": 46.99075106984635,
  "snrd_gm": 96.51487716494199,
  "snrd_total": 56.806343303692096,
  "snrd_wm": 26.913401676287943,
  "spacing_x": 1.0,
  "spacing_y": 1.0,
  "spacing_z": 1.0,
  "summary_bg_k": 1.8359870588878566,
  "summary_bg_mad": 24.34465789794922,
  "summary_bg_mean": 45.20835876464844,
  "summary_bg_median": 40.654624938964844,
  "summary_bg_n": 1281576.0,
  "summary_bg_p05": 11.799677610397339,
  "summary_bg_p95": 94.73258590698242,
  "summary_bg_stdv": 26.024959564208984,
  "summary_csf_k": 1.3625169009198101,
  "summary_csf_mad": 184.25369262695312,
  "summary_csf_mean": 1763.6549072265625,
  "summary_csf_median": 1746.1612548828125,
  "summary_csf_n": 23403.0,
  "summary_csf_p05": 1455.2131469726562,
  "summary_csf_p95": 2137.352783203125,
  "summary_csf_stdv": 209.53196716308594,
  "summary_gm_k": 3.0911808782546384,
  "summary_gm_mad": 461.1327209472656,
  "summary_gm_mean": 3352.775634765625,
  "summary_gm_median": 3586.4619140625,
  "summary_gm_n": 22393.0,
  "summary_gm_p05": 1701.293505859375,
  "summary_gm_p95": 4170.78134765625,
  "summary_gm_stdv": 767.0379638671875,
  "summary_wm_k": 2.049943550764806,
  "summary_wm_mad": 124.13526916503906,
  "summary_wm_mean": 1017.3145141601562,
  "summary_wm_median": 1000.0933837890625,
  "summary_wm_n": 293066.0,
  "summary_wm_p05": 803.6986541748047,
  "summary_wm_p95": 1305.2531127929688,
  "summary_wm_stdv": 152.14268493652344,
  "tpm_overlap_csf": 0.1216740757226944,
  "tpm_overlap_gm": 0.10889923572540283,
  "tpm_overlap_wm": 0.48879295587539673,
  "wm2max": 0.24067158451014695
}