{
  "aor": 0.004200651162790698,
  "aqi": 0.009608091674418603,
  "bids_meta": {
    "AcquisitionMatrixPE": 74,
    "AcquisitionNumber": 1,
    "AcquisitionTime": "14:29:3.982500",
    "BandwidthPerPixelPhaseEncode": 27.579,
    "BaseResolution": 74,
    "BodyPartExamined": "BRAIN",
    "CogAtlasID": "TODO",
    "CoilString": "HE1-4;NE1_2",
    "ConsistencyInfo": "N4_VE11C_LATEST_20160120",
    "ConversionSoftware": "dcm2niix",
    "ConversionSoftwareVersion": "v1.0.20190410  GCC6.3.0",
    "DerivedVendorReportedEchoSpacing": 0.000489993,
    "DeviceSerialNumber": "166048",
    "DwellTime": 2.9e-06,
    "EchoTime": 0.023,
    "EchoTrainLength": 74,
    "EffectiveEchoSpacing": 0.000489993,
    "FlipAngle": 76,
    "ImageOrientationPatientDICOM": [
      1,
      0,
      0,
      0,
      0.926529,
      -0.376224
    ],
    "ImageType": [
      "ORIGINAL",
      "PRIMARY",
      "M",
      "ND",
      "NORM",
      "MOSAIC"
    ],
    "ImagingFrequency": 123.246,
    "InPlanePhaseEncodingDirectionDICOM": "COL",
    "InstitutionAddress": "North_13th_1701_Philadelphia_PA_US_19122",
    "InstitutionName": "Temple_University_-_Weiss_Hall",
    "InstitutionalDepartmentName": "Department",
    "MRAcquisitionType": "2D",
    "MagneticFieldStrength": 3,
    "Manufacturer": "Siemens",
    "ManufacturersModelName": "Prisma",
    "Modality": "MR",
    "PartialFourier": 1,
    "PatientPosition": "HFS",
    "PercentPhaseFOV": 100,
    "PhaseEncodingDirection": "j-",
    "PhaseEncodingSteps": 74,
    "PhaseResolution": 1,
    "PixelBandwidth": 2330,
    "ProcedureStepDescription": "SMITH_SRNDNA",
    "ProtocolName": "func-bold_trust_run2",
    "PulseSequenceDetails": "%SiemensSeq%_ep2d_bold",
    "ReceiveCoilActiveElements": "HE1-4;NE1,2",
    "ReceiveCoilName": "HeadNeck_20",
    "ReconMatrixPE": 74,
    "RepetitionTime": 2.02,
    "SAR": 0.0842193,
    "ScanOptions": "FS",
    "ScanningSequence": "EP",
    "SequenceName": "_epfid2d1_74",
    "SequenceVariant": "SK",
    "SeriesDescription": "func-bold_trust_run2",
    "SeriesNumber": 11,
    "ShimSetting": [
      1412,
      -7413,
      6502,
      189,
      114,
      230,
      108,
      39
    ],
    "SliceThickness": 2.8,
    "SliceTiming": [
      1.945,
      1.89,
      1.835,
      1.7775,
      1.7225,
      1.6675,
      1.6125,
      1.5575,
      1.5,
      1.445,
      1.39,
      1.335,
      1.2775,
      1.2225,
      1.1675,
      1.1125,
      1.0575,
      1,
      0.945,
      0.89,
      0.835,
      0.7775,
      0.7225,
      0.6675,
      0.6125,
      0.5575,
      0.5,
      0.445,
      0.39,
      0.335,
      0.2775,
      0.2225,
      0.1675,
      0.1125,
      0.0575,
      0
    ],
    "SoftwareVersions": "syngo_MR_E11",
    "SpacingBetweenSlices": 3.22,
    "StationName": "AWP166048",
    "TaskName": "trust",
    "TotalReadoutTime": 0.0357695,
    "TxRefAmp": 276.954,
    "dataset": "unknown",
    "modality": "bold",
    "run_id": 3,
    "subject_id": "132",
    "task_id": "trust"
  },
  "dummy_trs": 2,
  "dvars_nstd": 29.161488871588784,
  "dvars_std": 1.2776676836915888,
  "dvars_vstd": 1.0180247757476633,
  "efc": 0.5180950156036671,
  "fber": 2026.4339599609375,
  "fd_mean": 0.30090551156119755,
  "fd_num": 145,
  "fd_perc": 67.44186046511628,
  "fwhm_avg": 2.4036100259939386,
  "fwhm_x": 2.251476987170028,
  "fwhm_y": 2.6812723657112945,
  "fwhm_z": 2.278080725100493,
  "gcor": 0.0231758,
  "gsr_x": -0.009499894455075264,
  "gsr_y": 0.032219503074884415,
  "provenance": {
    "md5sum": "5a71d2ed24b7c5c09c7dc82701362349",
    "settings": {
      "fd_thres": 0.2,
      "hmc_fsl": false
    },
    "software": "mriqc",
    "version": "0.15.1",
    "webapi_port": null,
    "webapi_url": "https://mriqc.nimh.nih.gov/api/v1"
  },
  "size_t": 215,
  "size_x": 74,
  "size_y": 74,
  "size_z": 36,
  "snr": 5.038543026138657,
  "spacing_tr": 2.0199999809265137,
  "spacing_x": 2.972972869873047,
  "spacing_y": 2.972972869873047,
  "spacing_z": 3.2200000286102295,
  "spikes_num": 2,
  "summary_bg_k": 42.606338840479516,
  "summary_bg_mad": 7.454385280609131,
  "summary_bg_mean": 34.17039108276367,
  "summary_bg_median": 16.534883499145508,
  "summary_bg_n": 115175.0,
  "summary_bg_p05": 8.897674560546875,
  "summary_bg_p95": 112.62883529663064,
  "summary_bg_stdv": 58.89539337158203,
  "summary_fg_k": 3.5631576975177968,
  "summary_fg_mad": 112.37435150146484,
  "summary_fg_mean": 777.9773559570312,
  "summary_fg_median": 774.5209350585938,
  "summary_fg_n": 44105.0,
  "summary_fg_p05": 539.673486328125,
  "summary_fg_p95": 1016.6641723632813,
  "summary_fg_stdv": 153.7174835205078,
  "tsnr": 58.82134246826172
}