{
  "aor": 0.004942592592592593,
  "aqi": 0.010098368657407408,
  "bids_meta": {
    "AcquisitionMatrixPE": 74,
    "AcquisitionNumber": 1,
    "AcquisitionTime": "14:37:21.740000",
    "BandwidthPerPixelPhaseEncode": 27.579,
    "BaseResolution": 74,
    "BodyPartExamined": "BRAIN",
    "CogAtlasID": "TODO",
    "CoilString": "HE1-4;NE1_2",
    "ConsistencyInfo": "N4_VE11C_LATEST_20160120",
    "ConversionSoftware": "dcm2niix",
    "ConversionSoftwareVersion": "v1.0.20190410  GCC6.3.0",
    "DerivedVendorReportedEchoSpacing": 0.000489993,
    "DeviceSerialNumber": "166048",
    "DwellTime": 2.9e-06,
    "EchoTime": 0.023,
    "EchoTrainLength": 74,
    "EffectiveEchoSpacing": 0.000489993,
    "FlipAngle": 76,
    "ImageOrientationPatientDICOM": [
      1,
      0,
      0,
      0,
      0.926529,
      -0.376224
    ],
    "ImageType": [
      "ORIGINAL",
      "PRIMARY",
      "M",
      "ND",
      "NORM",
      "MOSAIC"
    ],
    "ImagingFrequency": 123.246,
    "InPlanePhaseEncodingDirectionDICOM": "COL",
    "InstitutionAddress": "North_13th_1701_Philadelphia_PA_US_19122",
    "InstitutionName": "Temple_University_-_Weiss_Hall",
    "InstitutionalDepartmentName": "Department",
    "MRAcquisitionType": "2D",
    "MagneticFieldStrength": 3,
    "Manufacturer": "Siemens",
    "ManufacturersModelName": "Prisma",
    "Modality": "MR",
    "PartialFourier": 1,
    "PatientPosition": "HFS",
    "PercentPhaseFOV": 100,
    "PhaseEncodingDirection": "j-",
    "PhaseEncodingSteps": 74,
    "PhaseResolution": 1,
    "PixelBandwidth": 2330,
    "ProcedureStepDescription": "SMITH_SRNDNA",
    "ProtocolName": "func-bold_trust_run3",
    "PulseSequenceDetails": "%SiemensSeq%_ep2d_bold",
    "ReceiveCoilActiveElements": "HE1-4;NE1,2",
    "ReceiveCoilName": "HeadNeck_20",
    "ReconMatrixPE": 74,
    "RepetitionTime": 2.02,
    "SAR": 0.0842193,
    "ScanOptions": "FS",
    "ScanningSequence": "EP",
    "SequenceName": "_epfid2d1_74",
    "SequenceVariant": "SK",
    "SeriesDescription": "func-bold_trust_run3",
    "SeriesNumber": 12,
    "ShimSetting": [
      1411,
      -7418,
      6503,
      188,
      113,
      232,
      119,
      38
    ],
    "SliceThickness": 2.8,
    "SliceTiming": [
      1.945,
      1.8875,
      1.8325,
      1.7775,
      1.7225,
      1.6675,
      1.61,
      1.555,
      1.5,
      1.445,
      1.3875,
      1.3325,
      1.2775,
      1.2225,
      1.1675,
      1.11,
      1.055,
      1,
      0.945,
      0.8875,
      0.8325,
      0.7775,
      0.7225,
      0.6675,
      0.61,
      0.555,
      0.5,
      0.445,
      0.3875,
      0.3325,
      0.2775,
      0.2225,
      0.1675,
      0.11,
      0.055,
      0
    ],
    "SoftwareVersions": "syngo_MR_E11",
    "SpacingBetweenSlices": 3.22,
    "StationName": "AWP166048",
    "TaskName": "trust",
    "TotalReadoutTime": 0.0357695,
    "TxRefAmp": 276.954,
    "dataset": "unknown",
    "modality": "bold",
    "run_id": 4,
    "subject_id": "132",
    "task_id": "trust"
  },
  "dummy_trs": 1,
  "dvars_nstd": 25.982271620279075,
  "dvars_std": 1.2053060694418614,
  "dvars_vstd": 1.0144626739999998,
  "efc": 0.5147171104442588,
  "fber": 2149.593994140625,
  "fd_mean": 0.2961414329089915,
  "fd_num": 153,
  "fd_perc": 70.83333333333333,
  "fwhm_avg": 2.407933637277654,
  "fwhm_x": 2.25576226004591,
  "fwhm_y": 2.6893585478098974,
  "fwhm_z": 2.278680103977155,
  "gcor": 0.0194948,
  "gsr_x": -0.005888653919100761,
  "gsr_y": 0.030796058475971222,
  "provenance": {
    "md5sum": "5833301ff4f5b54de5bd52970b647b89",
    "settings": {
      "fd_thres": 0.2,
      "hmc_fsl": false
    },
    "software": "mriqc",
    "version": "0.15.1",
    "webapi_port": null,
    "webapi_url": "https://mriqc.nimh.nih.gov/api/v1"
  },
  "size_t": 216,
  "size_x": 74,
  "size_y": 74,
  "size_z": 36,
  "snr": 5.0268913083855695,
  "spacing_tr": 2.0199999809265137,
  "spacing_x": 2.972972869873047,
  "spacing_y": 2.972972869873047,
  "spacing_z": 3.2200000286102295,
  "spikes_num": 4,
  "summary_bg_k": 46.968066634121556,
  "summary_bg_mad": 7.275733947753906,
  "summary_bg_mean": 32.40167999267578,
  "summary_bg_median": 16.037036895751953,
  "summary_bg_n": 115367.0,
  "summary_bg_p05": 8.185185432434082,
  "summary_bg_p95": 108.37823867797837,
  "summary_bg_stdv": 55.11857986450195,
  "summary_fg_k": 3.6268918343841374,
  "summary_fg_mad": 111.57957458496094,
  "summary_fg_mean": 773.8281860351562,
  "summary_fg_median": 770.9074096679688,
  "summary_fg_n": 44079.0,
  "summary_fg_p05": 536.1375244140625,
  "summary_fg_p95": 1009.9962829589842,
  "summary_fg_stdv": 153.35494995117188,
  "tsnr": 57.76280212402344
}