{
  "aor": 0.0031284722222222226,
  "aqi": 0.014035164166666666,
  "bids_meta": {
    "AcquisitionMatrixPE": 74,
    "AcquisitionNumber": 1,
    "AcquisitionTime": "14:45:33.165000",
    "BandwidthPerPixelPhaseEncode": 27.579,
    "BaseResolution": 74,
    "BodyPartExamined": "BRAIN",
    "CogAtlasID": "TODO",
    "CoilString": "HE1-4;NE1_2",
    "ConsistencyInfo": "N4_VE11C_LATEST_20160120",
    "ConversionSoftware": "dcm2niix",
    "ConversionSoftwareVersion": "v1.0.20190410  GCC6.3.0",
    "DerivedVendorReportedEchoSpacing": 0.000489993,
    "DeviceSerialNumber": "166048",
    "DwellTime": 2.9e-06,
    "EchoTime": 0.023,
    "EchoTrainLength": 74,
    "EffectiveEchoSpacing": 0.000489993,
    "FlipAngle": 76,
    "ImageOrientationPatientDICOM": [
      1,
      0,
      0,
      0,
      0.926529,
      -0.376224
    ],
    "ImageType": [
      "ORIGINAL",
      "PRIMARY",
      "M",
      "ND",
      "NORM",
      "MOSAIC"
    ],
    "ImagingFrequency": 123.246,
    "InPlanePhaseEncodingDirectionDICOM": "COL",
    "InstitutionAddress": "North_13th_1701_Philadelphia_PA_US_19122",
    "InstitutionName": "Temple_University_-_Weiss_Hall",
    "InstitutionalDepartmentName": "Department",
    "MRAcquisitionType": "2D",
    "MagneticFieldStrength": 3,
    "Manufacturer": "Siemens",
    "ManufacturersModelName": "Prisma",
    "Modality": "MR",
    "PartialFourier": 1,
    "PatientPosition": "HFS",
    "PercentPhaseFOV": 100,
    "PhaseEncodingDirection": "j-",
    "PhaseEncodingSteps": 74,
    "PhaseResolution": 1,
    "PixelBandwidth": 2330,
    "ProcedureStepDescription": "SMITH_SRNDNA",
    "ProtocolName": "func-bold_trust_run4",
    "PulseSequenceDetails": "%SiemensSeq%_ep2d_bold",
    "ReceiveCoilActiveElements": "HE1-4;NE1,2",
    "ReceiveCoilName": "HeadNeck_20",
    "ReconMatrixPE": 74,
    "RepetitionTime": 2.02,
    "SAR": 0.0842193,
    "ScanOptions": "FS",
    "ScanningSequence": "EP",
    "SequenceName": "_epfid2d1_74",
    "SequenceVariant": "SK",
    "SeriesDescription": "func-bold_trust_run4",
    "SeriesNumber": 13,
    "ShimSetting": [
      1411,
      -7418,
      6503,
      188,
      113,
      232,
      119,
      38
    ],
    "SliceThickness": 2.8,
    "SliceTiming": [
      1.945,
      1.8875,
      1.8325,
      1.7775,
      1.7225,
      1.6675,
      1.61,
      1.555,
      1.5,
      1.445,
      1.3875,
      1.3325,
      1.2775,
      1.2225,
      1.1675,
      1.11,
      1.055,
      1,
      0.945,
      0.8875,
      0.8325,
      0.7775,
      0.7225,
      0.6675,
      0.61,
      0.555,
      0.5,
      0.445,
      0.3875,
      0.3325,
      0.2775,
      0.2225,
      0.1675,
      0.11,
      0.055,
      0
    ],
    "SoftwareVersions": "syngo_MR_E11",
    "SpacingBetweenSlices": 3.22,
    "StationName": "AWP166048",
    "TaskName": "trust",
    "TotalReadoutTime": 0.0357695,
    "TxRefAmp": 276.954,
    "dataset": "unknown",
    "modality": "bold",
    "run_id": 5,
    "subject_id": "132",
    "task_id": "trust"
  },
  "dummy_trs": 1,
  "dvars_nstd": 29.12683801846511,
  "dvars_std": 1.1841146504651163,
  "dvars_vstd": 0.9767999128372089,
  "efc": 0.5151643406673805,
  "fber": 2149.7392578125,
  "fd_mean": 0.2916995832872732,
  "fd_num": 141,
  "fd_perc": 65.27777777777777,
  "fwhm_avg": 2.412085849404908,
  "fwhm_x": 2.2547094418275813,
  "fwhm_y": 2.6933680024943962,
  "fwhm_z": 2.288180103892746,
  "gcor": 0.0143869,
  "gsr_x": -0.00606511952355504,
  "gsr_y": 0.031686197966337204,
  "provenance": {
    "md5sum": "dbe250cc382f737af4ba5454442e533a",
    "settings": {
      "fd_thres": 0.2,
      "hmc_fsl": false
    },
    "software": "mriqc",
    "version": "0.15.1",
    "webapi_port": null,
    "webapi_url": "https://mriqc.nimh.nih.gov/api/v1"
  },
  "size_t": 216,
  "size_x": 74,
  "size_y": 74,
  "size_z": 36,
  "snr": 5.020753799039049,
  "spacing_tr": 2.0199999809265137,
  "spacing_x": 2.972972869873047,
  "spacing_y": 2.972972869873047,
  "spacing_z": 3.2200000286102295,
  "spikes_num": 1,
  "summary_bg_k": 47.247550027139106,
  "summary_bg_mad": 7.39241886138916,
  "summary_bg_mean": 32.787261962890625,
  "summary_bg_median": 16.046297073364258,
  "summary_bg_n": 115582.0,
  "summary_bg_p05": 8.21319456100464,
  "summary_bg_p95": 109.77106437683094,
  "summary_bg_stdv": 55.752567291259766,
  "summary_fg_k": 3.6690469951446936,
  "summary_fg_mad": 111.28095245361328,
  "summary_fg_mean": 773.2426147460938,
  "summary_fg_median": 770.3194580078125,
  "summary_fg_n": 43974.0,
  "summary_fg_p05": 539.214810180664,
  "summary_fg_p95": 1011.159033203125,
  "summary_fg_stdv": 153.42530822753906,
  "tsnr": 50.753604888916016
}