{
  "aor": 0.0035433333333333332,
  "aqi": 0.009602752885572139,
  "bids_meta": {
    "AcquisitionMatrixPE": 74,
    "AcquisitionNumber": 1,
    "AcquisitionTime": "14:55:46.757500",
    "BandwidthPerPixelPhaseEncode": 27.579,
    "BaseResolution": 74,
    "BodyPartExamined": "BRAIN",
    "CogAtlasID": "TODO",
    "CoilString": "HE1-4;NE1_2",
    "ConsistencyInfo": "N4_VE11C_LATEST_20160120",
    "ConversionSoftware": "dcm2niix",
    "ConversionSoftwareVersion": "v1.0.20190410  GCC6.3.0",
    "DerivedVendorReportedEchoSpacing": 0.000489993,
    "DeviceSerialNumber": "166048",
    "DwellTime": 2.9e-06,
    "EchoTime": 0.023,
    "EchoTrainLength": 74,
    "EffectiveEchoSpacing": 0.000489993,
    "FlipAngle": 76,
    "ImageOrientationPatientDICOM": [
      1,
      0,
      0,
      0,
      0.926529,
      -0.376224
    ],
    "ImageType": [
      "ORIGINAL",
      "PRIMARY",
      "M",
      "ND",
      "NORM",
      "MOSAIC"
    ],
    "ImagingFrequency": 123.246,
    "InPlanePhaseEncodingDirectionDICOM": "COL",
    "InstitutionAddress": "North_13th_1701_Philadelphia_PA_US_19122",
    "InstitutionName": "Temple_University_-_Weiss_Hall",
    "InstitutionalDepartmentName": "Department",
    "MRAcquisitionType": "2D",
    "MagneticFieldStrength": 3,
    "Manufacturer": "Siemens",
    "ManufacturersModelName": "Prisma",
    "Modality": "MR",
    "PartialFourier": 1,
    "PatientPosition": "HFS",
    "PercentPhaseFOV": 100,
    "PhaseEncodingDirection": "j-",
    "PhaseEncodingSteps": 74,
    "PhaseResolution": 1,
    "PixelBandwidth": 2330,
    "ProcedureStepDescription": "SMITH_SRNDNA",
    "ProtocolName": "func-bold_task-reward_run0",
    "PulseSequenceDetails": "%SiemensSeq%_ep2d_bold",
    "ReceiveCoilActiveElements": "HE1-4;NE1,2",
    "ReceiveCoilName": "HeadNeck_20",
    "ReconMatrixPE": 74,
    "RepetitionTime": 2.02,
    "SAR": 0.0841983,
    "ScanOptions": "FS",
    "ScanningSequence": "EP",
    "SequenceName": "_epfid2d1_74",
    "SequenceVariant": "SK",
    "SeriesDescription": "func-bold_task-reward_run0",
    "SeriesNumber": 14,
    "ShimSetting": [
      1411,
      -7418,
      6503,
      188,
      113,
      232,
      119,
      38
    ],
    "SliceThickness": 2.8,
    "SliceTiming": [
      1.945,
      1.8875,
      1.8325,
      1.7775,
      1.7225,
      1.6675,
      1.61,
      1.555,
      1.5,
      1.445,
      1.39,
      1.3325,
      1.2775,
      1.2225,
      1.1675,
      1.11,
      1.055,
      1,
      0.945,
      0.89,
      0.8325,
      0.7775,
      0.7225,
      0.6675,
      0.61,
      0.555,
      0.5,
      0.445,
      0.39,
      0.3325,
      0.2775,
      0.2225,
      0.1675,
      0.11,
      0.055,
      0
    ],
    "SoftwareVersions": "syngo_MR_E11",
    "SpacingBetweenSlices": 3.22,
    "StationName": "AWP166048",
    "TaskName": "sharedreward",
    "TotalReadoutTime": 0.0357695,
    "TxRefAmp": 276.954,
    "dataset": "unknown",
    "modality": "bold",
    "run_id": 1,
    "subject_id": "132",
    "task_id": "sharedreward"
  },
  "dummy_trs": 1,
  "dvars_nstd": 29.36991391180002,
  "dvars_std": 1.2913058976499996,
  "dvars_vstd": 0.9874079994499998,
  "efc": 0.5166747574626729,
  "fber": 2152.557373046875,
  "fd_mean": 0.25383578545705077,
  "fd_num": 115,
  "fd_perc": 57.21393034825871,
  "fwhm_avg": 2.4049792698532695,
  "fwhm_x": 2.256515714617494,
  "fwhm_y": 2.685167456755463,
  "fwhm_z": 2.273254638186852,
  "gcor": 0.0153287,
  "gsr_x": -0.007232071831822395,
  "gsr_y": 0.032503772526979446,
  "provenance": {
    "md5sum": "a361975d0f544b7552910e98e81d59d9",
    "settings": {
      "fd_thres": 0.2,
      "hmc_fsl": false
    },
    "software": "mriqc",
    "version": "0.15.1",
    "webapi_port": null,
    "webapi_url": "https://mriqc.nimh.nih.gov/api/v1"
  },
  "size_t": 201,
  "size_x": 74,
  "size_y": 74,
  "size_z": 36,
  "snr": 5.0259372876786905,
  "spacing_tr": 2.0199999809265137,
  "spacing_x": 2.972972869873047,
  "spacing_y": 2.972972869873047,
  "spacing_z": 3.2200000286102295,
  "spikes_num": 5,
  "summary_bg_k": 42.46950247463689,
  "summary_bg_mad": 7.390883445739746,
  "summary_bg_mean": 32.91482162475586,
  "summary_bg_median": 16.019899368286133,
  "summary_bg_n": 115198.0,
  "summary_bg_p05": 8.22885513305664,
  "summary_bg_p95": 112.20198974609363,
  "summary_bg_stdv": 55.40479278564453,
  "summary_fg_k": 3.768078226927896,
  "summary_fg_mad": 110.96649932861328,
  "summary_fg_mean": 771.6263427734375,
  "summary_fg_median": 768.3134155273438,
  "summary_fg_n": 44241.0,
  "summary_fg_p05": 539.3482666015625,
  "summary_fg_p95": 1008.0895385742188,
  "summary_fg_stdv": 152.86795043945312,
  "tsnr": 61.41743087768555
}