{
  "bids_meta": {
    "AcquisitionMatrixPE": 192,
    "AcquisitionNumber": 1,
    "AcquisitionTime": "10:38:7.547500",
    "BaseResolution": 192,
    "BodyPartExamined": "BRAIN",
    "CoilString": "HE1-4;NE1_2",
    "ConsistencyInfo": "N4_VE11C_LATEST_20160120",
    "ConversionSoftware": "dcm2niix",
    "ConversionSoftwareVersion": "v1.0.20190410  GCC6.3.0",
    "DeviceSerialNumber": "166048",
    "DwellTime": 3.5e-06,
    "EchoTime": 0.567,
    "EchoTrainLength": 314,
    "FlipAngle": 120,
    "ImageOrientationPatientDICOM": [
      0,
      1,
      0,
      0,
      0,
      -1
    ],
    "ImageType": [
      "ORIGINAL",
      "PRIMARY",
      "M",
      "ND",
      "NORM"
    ],
    "ImagingFrequency": 123.246,
    "InPlanePhaseEncodingDirectionDICOM": "ROW",
    "InstitutionAddress": "North_13th_1701_Philadelphia_PA_US_19122",
    "InstitutionName": "Temple_University_-_Weiss_Hall",
    "InstitutionalDepartmentName": "Department",
    "MRAcquisitionType": "3D",
    "MagneticFieldStrength": 3,
    "Manufacturer": "Siemens",
    "ManufacturersModelName": "Prisma",
    "Modality": "MR",
    "PartialFourier": 1,
    "PatientPosition": "HFS",
    "PercentPhaseFOV": 100,
    "PhaseEncodingSteps": 209,
    "PhaseOversampling": 0.1,
    "PhaseResolution": 1,
    "PixelBandwidth": 745,
    "ProcedureStepDescription": "SMITH_SRNDNA",
    "ProtocolName": "T2w-anat_spc_07sag_iso",
    "PulseSequenceDetails": "%SiemensSeq%_tse_vfl",
    "ReceiveCoilActiveElements": "HE1-4;NE1,2",
    "ReceiveCoilName": "HeadNeck_20",
    "ReconMatrixPE": 192,
    "RefLinesPE": 32,
    "RepetitionTime": 3.2,
    "SAR": 0.170695,
    "ScanOptions": "PFP",
    "ScanningSequence": "SE",
    "SequenceName": "_spc_314ns",
    "SequenceVariant": "SK_SP_OSP",
    "SeriesDescription": "T2w-anat_spc_07sag_iso",
    "SeriesNumber": 3,
    "ShimSetting": [
      1434,
      -7476,
      6486,
      65,
      44,
      -404,
      -36,
      19
    ],
    "SliceThickness": 1,
    "SoftwareVersions": "syngo_MR_E11",
    "StationName": "AWP166048",
    "TxRefAmp": 257.693,
    "dataset": "unknown",
    "modality": "T2w",
    "subject_id": "130"
  },
  "cjv": 0.6900382346541891,
  "cnr": 1.8353179141248006,
  "efc": 0.6584140649684105,
  "fber": 153.91717529296875,
  "fwhm_avg": 2.8494566666666667,
  "fwhm_x": 2.81358,
  "fwhm_y": 3.04604,
  "fwhm_z": 2.68875,
  "icvs_csf": 0.2688939546043602,
  "icvs_gm": 0.5985057860407755,
  "icvs_wm": 0.13260025935486425,
  "inu_med": 1.2406742572784424,
  "inu_range": 0.44038997888565046,
  "provenance": {
    "md5sum": "37d5cc49e2877abf6d3fac42e3c7b571",
    "settings": {
      "testing": false
    },
    "software": "mriqc",
    "version": "0.15.1",
    "warnings": {
      "large_rot_frame": true,
      "small_air_mask": false
    },
    "webapi_port": null,
    "webapi_url": "https://mriqc.nimh.nih.gov/api/v1"
  },
  "qi_1": 0.0,
  "qi_2": 0.0010878015730635708,
  "rpve_csf": 13.358866307667915,
  "rpve_gm": 7.387899257670174,
  "rpve_wm": 27.432402557582716,
  "size_x": 192,
  "size_y": 192,
  "size_z": 192,
  "snr_csf": 5.9655827624322875,
  "snr_gm": 6.603958553869746,
  "snr_total": 5.68140990180473,
  "snr_wm": 4.474688389112157,
  "snrd_csf": 45.28346211771551,
  "snrd_gm": 15.736822461440498,
  "snrd_total": 23.569513425077233,
  "snrd_wm": 9.688255696075684,
  "spacing_x": 1.0,
  "spacing_y": 1.0,
  "spacing_z": 1.0,
  "summary_bg_k": 3.0853218512878824,
  "summary_bg_mad": 67.60501098632812,
  "summary_bg_mean": 116.7080078125,
  "summary_bg_median": 102.9630126953125,
  "summary_bg_n": 1487412.0,
  "summary_bg_p05": 26.85509023666382,
  "summary_bg_p95": 252.8777084350586,
  "summary_bg_stdv": 72.70757293701172,
  "summary_csf_k": 1.5643451679557963,
  "summary_csf_mad": 582.9710693359375,
  "summary_csf_mean": 4529.76708984375,
  "summary_csf_median": 4672.9033203125,
  "summary_csf_n": 51993.0,
  "summary_csf_p05": 2889.66123046875,
  "summary_csf_p95": 5563.354199218749,
  "summary_csf_stdv": 783.3029174804688,
  "summary_gm_k": 0.9890341326318635,
  "summary_gm_mad": 224.93585205078125,
  "summary_gm_mean": 1648.239013671875,
  "summary_gm_median": 1623.91845703125,
  "summary_gm_n": 108155.0,
  "summary_gm_p05": 1292.6872924804688,
  "summary_gm_p95": 2095.815209960937,
  "summary_gm_stdv": 245.89962768554688,
  "summary_wm_k": 2.9942574521875223,
  "summary_wm_mad": 205.76210021972656,
  "summary_wm_mean": 991.3165283203125,
  "summary_wm_median": 999.7531127929688,
  "summary_wm_n": 3821.0,
  "summary_wm_p05": 628.2586669921875,
  "summary_wm_p95": 1324.458251953125,
  "summary_wm_stdv": 223.39483642578125,
  "tpm_overlap_csf": 0.16048374772071838,
  "tpm_overlap_gm": 0.4067084491252899,
  "tpm_overlap_wm": 0.1699158102273941,
  "wm2max": 0.17769141319578252
}