{
  "aor": 0.0007563594470046084,
  "aqi": 0.006332403732718895,
  "bids_meta": {
    "AcquisitionMatrixPE": 74,
    "AcquisitionNumber": 1,
    "AcquisitionTime": "13:31:42.330000",
    "BandwidthPerPixelPhaseEncode": 27.579,
    "BaseResolution": 74,
    "BodyPartExamined": "HEAD",
    "CogAtlasID": "TODO",
    "CoilString": "HE1-4;NE1_2",
    "ConsistencyInfo": "N4_VE11C_LATEST_20160120",
    "ConversionSoftware": "dcm2niix",
    "ConversionSoftwareVersion": "v1.0.20190410  GCC6.3.0",
    "DerivedVendorReportedEchoSpacing": 0.000489993,
    "DeviceSerialNumber": "166048",
    "DwellTime": 2.9e-06,
    "EchoTime": 0.023,
    "EchoTrainLength": 74,
    "EffectiveEchoSpacing": 0.000489993,
    "FlipAngle": 76,
    "ImageOrientationPatientDICOM": [
      1,
      0,
      0,
      0,
      0.969016,
      -0.246999
    ],
    "ImageType": [
      "ORIGINAL",
      "PRIMARY",
      "M",
      "ND",
      "NORM",
      "MOSAIC"
    ],
    "ImagingFrequency": 123.246,
    "InPlanePhaseEncodingDirectionDICOM": "COL",
    "InstitutionAddress": "North_13th_1701_Philadelphia_PA_US_19122",
    "InstitutionName": "Temple_University_-_Weiss_Hall",
    "InstitutionalDepartmentName": "Department",
    "MRAcquisitionType": "2D",
    "MagneticFieldStrength": 3,
    "Manufacturer": "Siemens",
    "ManufacturersModelName": "Prisma",
    "Modality": "MR",
    "PartialFourier": 1,
    "PatientPosition": "HFS",
    "PercentPhaseFOV": 100,
    "PhaseEncodingDirection": "j-",
    "PhaseEncodingSteps": 74,
    "PhaseResolution": 1,
    "PixelBandwidth": 2330,
    "ProcedureStepDescription": "SMITH_SRNDNA",
    "ProtocolName": "func-bold_trust_run1",
    "PulseSequenceDetails": "%SiemensSeq%_ep2d_bold",
    "ReceiveCoilActiveElements": "HE1-4;NE1,2",
    "ReceiveCoilName": "HeadNeck_20",
    "ReconMatrixPE": 74,
    "RepetitionTime": 2.02,
    "SAR": 0.101569,
    "ScanOptions": "FS",
    "ScanningSequence": "EP",
    "SequenceName": "_epfid2d1_74",
    "SequenceVariant": "SK",
    "SeriesDescription": "func-bold_trust_run1",
    "SeriesNumber": 10,
    "ShimSetting": [
      1420,
      -7473,
      6572,
      360,
      100,
      -87,
      71,
      52
    ],
    "SliceThickness": 2.8,
    "SliceTiming": [
      1.9425,
      1.8875,
      1.8325,
      1.7775,
      1.7225,
      1.665,
      1.61,
      1.555,
      1.5,
      1.445,
      1.3875,
      1.3325,
      1.2775,
      1.2225,
      1.165,
      1.11,
      1.055,
      1,
      0.945,
      0.8875,
      0.8325,
      0.7775,
      0.7225,
      0.665,
      0.61,
      0.555,
      0.5,
      0.445,
      0.3875,
      0.3325,
      0.2775,
      0.2225,
      0.165,
      0.11,
      0.055,
      0
    ],
    "SoftwareVersions": "syngo_MR_E11",
    "SpacingBetweenSlices": 3.22,
    "StationName": "AWP166048",
    "TaskName": "trust",
    "TotalReadoutTime": 0.0357695,
    "TxRefAmp": 301.681,
    "dataset": "unknown",
    "modality": "bold",
    "run_id": 2,
    "subject_id": "112",
    "task_id": "trust"
  },
  "dummy_trs": 0,
  "dvars_nstd": 21.25119438435186,
  "dvars_std": 1.1908226338425925,
  "dvars_vstd": 0.9931640035648144,
  "efc": 0.5299983483705564,
  "fber": 1934.9454345703125,
  "fd_mean": 0.12824121867596727,
  "fd_num": 30,
  "fd_perc": 13.824884792626728,
  "fwhm_avg": 2.5203559201010433,
  "fwhm_x": 2.3567453544570007,
  "fwhm_y": 2.8307321890762394,
  "fwhm_z": 2.37359021676989,
  "gcor": 0.0149758,
  "gsr_x": -0.0008117867400869727,
  "gsr_y": 0.03006301447749138,
  "provenance": {
    "md5sum": "1e061819db19881ade6295f3fd670db4",
    "settings": {
      "fd_thres": 0.2,
      "hmc_fsl": false
    },
    "software": "mriqc",
    "version": "0.15.1",
    "webapi_port": null,
    "webapi_url": "https://mriqc.nimh.nih.gov/api/v1"
  },
  "size_t": 217,
  "size_x": 74,
  "size_y": 74,
  "size_z": 36,
  "snr": 5.619484046934738,
  "spacing_tr": 2.0199999809265137,
  "spacing_x": 2.972972869873047,
  "spacing_y": 2.972972869873047,
  "spacing_z": 3.2199997901916504,
  "spikes_num": 0,
  "summary_bg_k": 30.640937828217503,
  "summary_bg_mad": 5.561466217041016,
  "summary_bg_mean": 27.11026954650879,
  "summary_bg_median": 13.77419376373291,
  "summary_bg_n": 113652.0,
  "summary_bg_p05": 8.308755874633789,
  "summary_bg_p95": 95.37695808410639,
  "summary_bg_stdv": 37.376712799072266,
  "summary_fg_k": 5.56300117520961,
  "summary_fg_mad": 82.24687194824219,
  "summary_fg_mean": 624.8231201171875,
  "summary_fg_median": 626.1866455078125,
  "summary_fg_n": 45992.0,
  "summary_fg_p05": 474.8571472167969,
  "summary_fg_p95": 781.0666015625,
  "summary_fg_stdv": 111.43013000488281,
  "tsnr": 81.68766784667969
}