{
  "aor": 0.0012577889447236183,
  "aqi": 0.0058552283919597985,
  "bids_meta": {
    "AcquisitionMatrixPE": 74,
    "AcquisitionNumber": 1,
    "AcquisitionTime": "14:31:5.210000",
    "BandwidthPerPixelPhaseEncode": 27.579,
    "BaseResolution": 74,
    "BodyPartExamined": "HEAD",
    "CogAtlasID": "TODO",
    "CoilString": "HE1-4;NE1_2",
    "ConsistencyInfo": "N4_VE11C_LATEST_20160120",
    "ConversionSoftware": "dcm2niix",
    "ConversionSoftwareVersion": "v1.0.20190410  GCC6.3.0",
    "DerivedVendorReportedEchoSpacing": 0.000489993,
    "DeviceSerialNumber": "166048",
    "DwellTime": 2.9e-06,
    "EchoTime": 0.023,
    "EchoTrainLength": 74,
    "EffectiveEchoSpacing": 0.000489993,
    "FlipAngle": 76,
    "ImageOrientationPatientDICOM": [
      1,
      0,
      0,
      0,
      0.969016,
      -0.246999
    ],
    "ImageType": [
      "ORIGINAL",
      "PRIMARY",
      "M",
      "ND",
      "NORM",
      "MOSAIC"
    ],
    "ImagingFrequency": 123.246,
    "InPlanePhaseEncodingDirectionDICOM": "COL",
    "InstitutionAddress": "North_13th_1701_Philadelphia_PA_US_19122",
    "InstitutionName": "Temple_University_-_Weiss_Hall",
    "InstitutionalDepartmentName": "Department",
    "MRAcquisitionType": "2D",
    "MagneticFieldStrength": 3,
    "Manufacturer": "Siemens",
    "ManufacturersModelName": "Prisma",
    "Modality": "MR",
    "PartialFourier": 1,
    "PatientPosition": "HFS",
    "PercentPhaseFOV": 100,
    "PhaseEncodingDirection": "j-",
    "PhaseEncodingSteps": 74,
    "PhaseResolution": 1,
    "PixelBandwidth": 2330,
    "ProcedureStepDescription": "SMITH_SRNDNA",
    "ProtocolName": "func-bold_task-UG_run1",
    "PulseSequenceDetails": "%SiemensSeq%_ep2d_bold",
    "ReceiveCoilActiveElements": "HE1-4;NE1,2",
    "ReceiveCoilName": "HeadNeck_20",
    "ReconMatrixPE": 74,
    "RepetitionTime": 2.02,
    "SAR": 0.10154,
    "ScanOptions": "FS",
    "ScanningSequence": "EP",
    "SequenceName": "_epfid2d1_74",
    "SequenceVariant": "SK",
    "SeriesDescription": "func-bold_task-UG_run1",
    "SeriesNumber": 17,
    "ShimSetting": [
      1420,
      -7473,
      6572,
      360,
      100,
      -87,
      71,
      52
    ],
    "SliceThickness": 2.8,
    "SliceTiming": [
      1.9425,
      1.8875,
      1.8325,
      1.7775,
      1.72,
      1.665,
      1.61,
      1.555,
      1.5,
      1.4425,
      1.3875,
      1.3325,
      1.2775,
      1.22,
      1.165,
      1.11,
      1.055,
      1,
      0.9425,
      0.8875,
      0.8325,
      0.7775,
      0.72,
      0.665,
      0.61,
      0.555,
      0.5,
      0.4425,
      0.3875,
      0.3325,
      0.2775,
      0.2225,
      0.165,
      0.11,
      0.055,
      0
    ],
    "SoftwareVersions": "syngo_MR_E11",
    "SpacingBetweenSlices": 3.22,
    "StationName": "AWP166048",
    "TaskName": "ultimatum",
    "TotalReadoutTime": 0.0357695,
    "TxRefAmp": 301.681,
    "dataset": "unknown",
    "modality": "bold",
    "run_id": 2,
    "subject_id": "112",
    "task_id": "ultimatum"
  },
  "dummy_trs": 1,
  "dvars_nstd": 20.320060739848483,
  "dvars_std": 1.1902666748989894,
  "dvars_vstd": 1.0115845178787872,
  "efc": 0.5257964770003567,
  "fber": 1962.2252197265625,
  "fd_mean": 0.14199760388851637,
  "fd_num": 31,
  "fd_perc": 15.577889447236181,
  "fwhm_avg": 2.471716182460096,
  "fwhm_x": 2.3021804434738313,
  "fwhm_y": 2.7602101866306024,
  "fwhm_z": 2.3527579172758557,
  "gcor": 0.0287917,
  "gsr_x": 0.0010311802616342902,
  "gsr_y": 0.0305226631462574,
  "provenance": {
    "md5sum": "9f6834877e962327a4cbfcc7a2705987",
    "settings": {
      "fd_thres": 0.2,
      "hmc_fsl": false
    },
    "software": "mriqc",
    "version": "0.15.1",
    "webapi_port": null,
    "webapi_url": "https://mriqc.nimh.nih.gov/api/v1"
  },
  "size_t": 199,
  "size_x": 74,
  "size_y": 74,
  "size_z": 36,
  "snr": 5.711984765453515,
  "spacing_tr": 2.0199999809265137,
  "spacing_x": 2.972972869873047,
  "spacing_y": 2.972972869873047,
  "spacing_z": 3.2199997901916504,
  "spikes_num": 0,
  "summary_bg_k": 29.807235632313386,
  "summary_bg_mad": 5.531820297241211,
  "summary_bg_mean": 27.312698364257812,
  "summary_bg_median": 13.758793830871582,
  "summary_bg_n": 115482.0,
  "summary_bg_p05": 8.316582679748535,
  "summary_bg_p95": 97.94422225952145,
  "summary_bg_stdv": 37.89274978637695,
  "summary_fg_k": 5.594399356289847,
  "summary_fg_mad": 82.04227447509766,
  "summary_fg_mean": 627.2100830078125,
  "summary_fg_median": 627.6080322265625,
  "summary_fg_n": 44993.0,
  "summary_fg_p05": 483.3376892089844,
  "summary_fg_p95": 783.8804077148438,
  "summary_fg_stdv": 109.87442779541016,
  "tsnr": 82.4609146118164
}