{
  "aor": 0.0011279723502304149,
  "aqi": 0.006948888801843319,
  "bids_meta": {
    "AcquisitionMatrixPE": 74,
    "AcquisitionNumber": 1,
    "AcquisitionTime": "13:47:20.137500",
    "BandwidthPerPixelPhaseEncode": 27.579,
    "BaseResolution": 74,
    "BodyPartExamined": "HEAD",
    "CogAtlasID": "TODO",
    "CoilString": "HE1-4;NE1_2",
    "ConsistencyInfo": "N4_VE11C_LATEST_20160120",
    "ConversionSoftware": "dcm2niix",
    "ConversionSoftwareVersion": "v1.0.20190410  GCC6.3.0",
    "DerivedVendorReportedEchoSpacing": 0.000489993,
    "DeviceSerialNumber": "166048",
    "DwellTime": 2.9e-06,
    "EchoTime": 0.023,
    "EchoTrainLength": 74,
    "EffectiveEchoSpacing": 0.000489993,
    "FlipAngle": 76,
    "ImageOrientationPatientDICOM": [
      1,
      0,
      0,
      0,
      0.969016,
      -0.246999
    ],
    "ImageType": [
      "ORIGINAL",
      "PRIMARY",
      "M",
      "ND",
      "NORM",
      "MOSAIC"
    ],
    "ImagingFrequency": 123.246,
    "InPlanePhaseEncodingDirectionDICOM": "COL",
    "InstitutionAddress": "North_13th_1701_Philadelphia_PA_US_19122",
    "InstitutionName": "Temple_University_-_Weiss_Hall",
    "InstitutionalDepartmentName": "Department",
    "MRAcquisitionType": "2D",
    "MagneticFieldStrength": 3,
    "Manufacturer": "Siemens",
    "ManufacturersModelName": "Prisma",
    "Modality": "MR",
    "PartialFourier": 1,
    "PatientPosition": "HFS",
    "PercentPhaseFOV": 100,
    "PhaseEncodingDirection": "j-",
    "PhaseEncodingSteps": 74,
    "PhaseResolution": 1,
    "PixelBandwidth": 2330,
    "ProcedureStepDescription": "SMITH_SRNDNA",
    "ProtocolName": "func-bold_trust_run3",
    "PulseSequenceDetails": "%SiemensSeq%_ep2d_bold",
    "ReceiveCoilActiveElements": "HE1-4;NE1,2",
    "ReceiveCoilName": "HeadNeck_20",
    "ReconMatrixPE": 74,
    "RepetitionTime": 2.02,
    "SAR": 0.101569,
    "ScanOptions": "FS",
    "ScanningSequence": "EP",
    "SequenceName": "_epfid2d1_74",
    "SequenceVariant": "SK",
    "SeriesDescription": "func-bold_trust_run3",
    "SeriesNumber": 12,
    "ShimSetting": [
      1420,
      -7473,
      6572,
      360,
      100,
      -87,
      71,
      52
    ],
    "SliceThickness": 2.8,
    "SliceTiming": [
      1.945,
      1.89,
      1.835,
      1.7775,
      1.7225,
      1.6675,
      1.6125,
      1.5575,
      1.5,
      1.445,
      1.39,
      1.335,
      1.2775,
      1.2225,
      1.1675,
      1.1125,
      1.0575,
      1,
      0.945,
      0.89,
      0.835,
      0.7775,
      0.7225,
      0.6675,
      0.6125,
      0.5575,
      0.5,
      0.445,
      0.39,
      0.335,
      0.28,
      0.2225,
      0.1675,
      0.1125,
      0.0575,
      0
    ],
    "SoftwareVersions": "syngo_MR_E11",
    "SpacingBetweenSlices": 3.22,
    "StationName": "AWP166048",
    "TaskName": "trust",
    "TotalReadoutTime": 0.0357695,
    "TxRefAmp": 301.681,
    "dataset": "unknown",
    "modality": "bold",
    "run_id": 4,
    "subject_id": "112",
    "task_id": "trust"
  },
  "dummy_trs": 0,
  "dvars_nstd": 22.88898953675927,
  "dvars_std": 1.201975511851852,
  "dvars_vstd": 0.9996131205092597,
  "efc": 0.5298868114260445,
  "fber": 1941.8271484375,
  "fd_mean": 0.1853012052225596,
  "fd_num": 70,
  "fd_perc": 32.25806451612903,
  "fwhm_avg": 2.514640408550473,
  "fwhm_x": 2.357021172648384,
  "fwhm_y": 2.809884370171438,
  "fwhm_z": 2.3770156828315954,
  "gcor": 0.0356511,
  "gsr_x": -0.0008254809072241187,
  "gsr_y": 0.030583709478378296,
  "provenance": {
    "md5sum": "0b507a1b43fc0b8d951ad2e9051533c2",
    "settings": {
      "fd_thres": 0.2,
      "hmc_fsl": false
    },
    "software": "mriqc",
    "version": "0.15.1",
    "webapi_port": null,
    "webapi_url": "https://mriqc.nimh.nih.gov/api/v1"
  },
  "size_t": 217,
  "size_x": 74,
  "size_y": 74,
  "size_z": 36,
  "snr": 5.61601929630971,
  "spacing_tr": 2.0199999809265137,
  "spacing_x": 2.972972869873047,
  "spacing_y": 2.972972869873047,
  "spacing_z": 3.2199997901916504,
  "spikes_num": 0,
  "summary_bg_k": 30.555513318224385,
  "summary_bg_mad": 5.643454074859619,
  "summary_bg_mean": 27.360807418823242,
  "summary_bg_median": 13.834101676940918,
  "summary_bg_n": 113926.0,
  "summary_bg_p05": 8.322580337524414,
  "summary_bg_p95": 96.76958465576172,
  "summary_bg_stdv": 37.71248245239258,
  "summary_fg_k": 5.576910097363907,
  "summary_fg_mad": 82.43473052978516,
  "summary_fg_mean": 627.7952270507812,
  "summary_fg_median": 629.4354858398438,
  "summary_fg_n": 45892.0,
  "summary_fg_p05": 475.5361755371094,
  "summary_fg_p95": 783.6928527832031,
  "summary_fg_stdv": 112.07736206054688,
  "tsnr": 75.76393127441406
}