{
  "aor": 0.0007183796296296297,
  "aqi": 0.006414233101851852,
  "bids_meta": {
    "AcquisitionMatrixPE": 74,
    "AcquisitionNumber": 1,
    "AcquisitionTime": "13:39:28.295000",
    "BandwidthPerPixelPhaseEncode": 27.579,
    "BaseResolution": 74,
    "BodyPartExamined": "HEAD",
    "CogAtlasID": "TODO",
    "CoilString": "HE1-4;NE1_2",
    "ConsistencyInfo": "N4_VE11C_LATEST_20160120",
    "ConversionSoftware": "dcm2niix",
    "ConversionSoftwareVersion": "v1.0.20190410  GCC6.3.0",
    "DerivedVendorReportedEchoSpacing": 0.000489993,
    "DeviceSerialNumber": "166048",
    "DwellTime": 2.9e-06,
    "EchoTime": 0.023,
    "EchoTrainLength": 74,
    "EffectiveEchoSpacing": 0.000489993,
    "FlipAngle": 76,
    "ImageOrientationPatientDICOM": [
      1,
      0,
      0,
      0,
      0.969016,
      -0.246999
    ],
    "ImageType": [
      "ORIGINAL",
      "PRIMARY",
      "M",
      "ND",
      "NORM",
      "MOSAIC"
    ],
    "ImagingFrequency": 123.246,
    "InPlanePhaseEncodingDirectionDICOM": "COL",
    "InstitutionAddress": "North_13th_1701_Philadelphia_PA_US_19122",
    "InstitutionName": "Temple_University_-_Weiss_Hall",
    "InstitutionalDepartmentName": "Department",
    "MRAcquisitionType": "2D",
    "MagneticFieldStrength": 3,
    "Manufacturer": "Siemens",
    "ManufacturersModelName": "Prisma",
    "Modality": "MR",
    "PartialFourier": 1,
    "PatientPosition": "HFS",
    "PercentPhaseFOV": 100,
    "PhaseEncodingDirection": "j-",
    "PhaseEncodingSteps": 74,
    "PhaseResolution": 1,
    "PixelBandwidth": 2330,
    "ProcedureStepDescription": "SMITH_SRNDNA",
    "ProtocolName": "func-bold_trust_run2",
    "PulseSequenceDetails": "%SiemensSeq%_ep2d_bold",
    "ReceiveCoilActiveElements": "HE1-4;NE1,2",
    "ReceiveCoilName": "HeadNeck_20",
    "ReconMatrixPE": 74,
    "RepetitionTime": 2.02,
    "SAR": 0.101569,
    "ScanOptions": "FS",
    "ScanningSequence": "EP",
    "SequenceName": "_epfid2d1_74",
    "SequenceVariant": "SK",
    "SeriesDescription": "func-bold_trust_run2",
    "SeriesNumber": 11,
    "ShimSetting": [
      1420,
      -7473,
      6572,
      360,
      100,
      -87,
      71,
      52
    ],
    "SliceThickness": 2.8,
    "SliceTiming": [
      1.945,
      1.8875,
      1.8325,
      1.7775,
      1.7225,
      1.6675,
      1.61,
      1.555,
      1.5,
      1.445,
      1.3875,
      1.3325,
      1.2775,
      1.2225,
      1.1675,
      1.11,
      1.055,
      1,
      0.945,
      0.8875,
      0.8325,
      0.7775,
      0.7225,
      0.6675,
      0.61,
      0.555,
      0.5,
      0.445,
      0.3875,
      0.3325,
      0.2775,
      0.2225,
      0.1675,
      0.11,
      0.055,
      0
    ],
    "SoftwareVersions": "syngo_MR_E11",
    "SpacingBetweenSlices": 3.22,
    "StationName": "AWP166048",
    "TaskName": "trust",
    "TotalReadoutTime": 0.0357695,
    "TxRefAmp": 301.681,
    "dataset": "unknown",
    "modality": "bold",
    "run_id": 3,
    "subject_id": "112",
    "task_id": "trust"
  },
  "dummy_trs": 1,
  "dvars_nstd": 22.277191015906986,
  "dvars_std": 1.1852995015348833,
  "dvars_vstd": 0.9807774226976744,
  "efc": 0.5294207737197603,
  "fber": 1940.1612548828125,
  "fd_mean": 0.15483826199624887,
  "fd_num": 46,
  "fd_perc": 21.296296296296298,
  "fwhm_avg": 2.5059091131953166,
  "fwhm_x": 2.3446127176726157,
  "fwhm_y": 2.8074591882691537,
  "fwhm_z": 2.365655433644181,
  "gcor": 0.0270056,
  "gsr_x": -0.0008184450562112033,
  "gsr_y": 0.029987679794430733,
  "provenance": {
    "md5sum": "5cce3272ed4b20f3aa978735fa6483b0",
    "settings": {
      "fd_thres": 0.2,
      "hmc_fsl": false
    },
    "software": "mriqc",
    "version": "0.15.1",
    "webapi_port": null,
    "webapi_url": "https://mriqc.nimh.nih.gov/api/v1"
  },
  "size_t": 216,
  "size_x": 74,
  "size_y": 74,
  "size_z": 36,
  "snr": 5.738783083823868,
  "spacing_tr": 2.0199999809265137,
  "spacing_x": 2.972972869873047,
  "spacing_y": 2.972972869873047,
  "spacing_z": 3.2199997901916504,
  "spikes_num": 0,
  "summary_bg_k": 30.22510082551419,
  "summary_bg_mad": 5.6009416580200195,
  "summary_bg_mean": 27.159948348999023,
  "summary_bg_median": 13.791666984558105,
  "summary_bg_n": 113980.0,
  "summary_bg_p05": 8.310185432434082,
  "summary_bg_p95": 96.08842964172352,
  "summary_bg_stdv": 37.41740036010742,
  "summary_fg_k": 5.380983160234052,
  "summary_fg_mad": 81.99272918701172,
  "summary_fg_mean": 627.175048828125,
  "summary_fg_median": 627.826416015625,
  "summary_fg_n": 45724.0,
  "summary_fg_p05": 481.95140228271487,
  "summary_fg_p95": 782.3768646240234,
  "summary_fg_stdv": 109.39942169189453,
  "tsnr": 78.18336486816406
}