{
  "aor": 0.0011344907407407408,
  "aqi": 0.00828022388888889,
  "bids_meta": {
    "AcquisitionMatrixPE": 74,
    "AcquisitionNumber": 1,
    "AcquisitionTime": "13:55:1.105000",
    "BandwidthPerPixelPhaseEncode": 27.579,
    "BaseResolution": 74,
    "BodyPartExamined": "HEAD",
    "CogAtlasID": "TODO",
    "CoilString": "HE1-4;NE1_2",
    "ConsistencyInfo": "N4_VE11C_LATEST_20160120",
    "ConversionSoftware": "dcm2niix",
    "ConversionSoftwareVersion": "v1.0.20190410  GCC6.3.0",
    "DerivedVendorReportedEchoSpacing": 0.000489993,
    "DeviceSerialNumber": "166048",
    "DwellTime": 2.9e-06,
    "EchoTime": 0.023,
    "EchoTrainLength": 74,
    "EffectiveEchoSpacing": 0.000489993,
    "FlipAngle": 76,
    "ImageOrientationPatientDICOM": [
      1,
      0,
      0,
      0,
      0.969016,
      -0.246999
    ],
    "ImageType": [
      "ORIGINAL",
      "PRIMARY",
      "M",
      "ND",
      "NORM",
      "MOSAIC"
    ],
    "ImagingFrequency": 123.246,
    "InPlanePhaseEncodingDirectionDICOM": "COL",
    "InstitutionAddress": "North_13th_1701_Philadelphia_PA_US_19122",
    "InstitutionName": "Temple_University_-_Weiss_Hall",
    "InstitutionalDepartmentName": "Department",
    "MRAcquisitionType": "2D",
    "MagneticFieldStrength": 3,
    "Manufacturer": "Siemens",
    "ManufacturersModelName": "Prisma",
    "Modality": "MR",
    "PartialFourier": 1,
    "PatientPosition": "HFS",
    "PercentPhaseFOV": 100,
    "PhaseEncodingDirection": "j-",
    "PhaseEncodingSteps": 74,
    "PhaseResolution": 1,
    "PixelBandwidth": 2330,
    "ProcedureStepDescription": "SMITH_SRNDNA",
    "ProtocolName": "func-bold_trust_run4",
    "PulseSequenceDetails": "%SiemensSeq%_ep2d_bold",
    "ReceiveCoilActiveElements": "HE1-4;NE1,2",
    "ReceiveCoilName": "HeadNeck_20",
    "ReconMatrixPE": 74,
    "RepetitionTime": 2.02,
    "SAR": 0.101569,
    "ScanOptions": "FS",
    "ScanningSequence": "EP",
    "SequenceName": "_epfid2d1_74",
    "SequenceVariant": "SK",
    "SeriesDescription": "func-bold_trust_run4",
    "SeriesNumber": 13,
    "ShimSetting": [
      1420,
      -7473,
      6572,
      360,
      100,
      -87,
      71,
      52
    ],
    "SliceThickness": 2.8,
    "SliceTiming": [
      1.945,
      1.89,
      1.8325,
      1.7775,
      1.7225,
      1.6675,
      1.61,
      1.555,
      1.5,
      1.445,
      1.39,
      1.3325,
      1.2775,
      1.2225,
      1.1675,
      1.11,
      1.055,
      1,
      0.945,
      0.89,
      0.8325,
      0.7775,
      0.7225,
      0.6675,
      0.61,
      0.555,
      0.5,
      0.445,
      0.39,
      0.3325,
      0.2775,
      0.2225,
      0.1675,
      0.11,
      0.055,
      0
    ],
    "SoftwareVersions": "syngo_MR_E11",
    "SpacingBetweenSlices": 3.22,
    "StationName": "AWP166048",
    "TaskName": "trust",
    "TotalReadoutTime": 0.0357695,
    "TxRefAmp": 301.681,
    "dataset": "unknown",
    "modality": "bold",
    "run_id": 5,
    "subject_id": "112",
    "task_id": "trust"
  },
  "dummy_trs": 1,
  "dvars_nstd": 23.458335353116265,
  "dvars_std": 1.2077143897209306,
  "dvars_vstd": 0.9956850713953498,
  "efc": 0.5291870557875077,
  "fber": 1943.7161865234375,
  "fd_mean": 0.20069000787123425,
  "fd_num": 73,
  "fd_perc": 33.7962962962963,
  "fwhm_avg": 2.524516499075753,
  "fwhm_x": 2.3628436273957556,
  "fwhm_y": 2.8310752799972283,
  "fwhm_z": 2.3796305898342753,
  "gcor": 0.0412041,
  "gsr_x": -9.779957326827571e-05,
  "gsr_y": 0.030756190419197083,
  "provenance": {
    "md5sum": "ea799a41386103a74717c9d5bedf0020",
    "settings": {
      "fd_thres": 0.2,
      "hmc_fsl": false
    },
    "software": "mriqc",
    "version": "0.15.1",
    "webapi_port": null,
    "webapi_url": "https://mriqc.nimh.nih.gov/api/v1"
  },
  "size_t": 216,
  "size_x": 74,
  "size_y": 74,
  "size_z": 36,
  "snr": 5.5677534636659685,
  "spacing_tr": 2.0199999809265137,
  "spacing_x": 2.972972869873047,
  "spacing_y": 2.972972869873047,
  "spacing_z": 3.2199997901916504,
  "spikes_num": 0,
  "summary_bg_k": 29.91528773594723,
  "summary_bg_mad": 5.607804775238037,
  "summary_bg_mean": 27.273523330688477,
  "summary_bg_median": 13.80555534362793,
  "summary_bg_n": 114164.0,
  "summary_bg_p05": 8.337963104248047,
  "summary_bg_p95": 96.38356742858883,
  "summary_bg_stdv": 37.50521469116211,
  "summary_fg_k": 5.642277804695707,
  "summary_fg_mad": 81.90001678466797,
  "summary_fg_mean": 626.1116333007812,
  "summary_fg_median": 627.7777709960938,
  "summary_fg_n": 45781.0,
  "summary_fg_p05": 474.40740966796875,
  "summary_fg_p95": 782.6805419921875,
  "summary_fg_stdv": 112.75120544433594,
  "tsnr": 70.17597961425781
}