{
  "bids_meta": {
    "AcquisitionMatrixPE": 192,
    "AcquisitionNumber": 1,
    "AcquisitionTime": "13:10:25.280000",
    "BaseResolution": 192,
    "BodyPartExamined": "HEAD",
    "CoilString": "HE1-4;NE1_2",
    "ConsistencyInfo": "N4_VE11C_LATEST_20160120",
    "ConversionSoftware": "dcm2niix",
    "ConversionSoftwareVersion": "v1.0.20190410  GCC6.3.0",
    "DeviceSerialNumber": "166048",
    "DwellTime": 1.24e-05,
    "EchoTime": 0.0022,
    "FlipAngle": 8,
    "ImageOrientationPatientDICOM": [
      0,
      1,
      0,
      0,
      0,
      -1
    ],
    "ImageType": [
      "ORIGINAL",
      "PRIMARY",
      "M",
      "ND",
      "NORM",
      "FM3",
      "2",
      "FIL"
    ],
    "ImagingFrequency": 123.246,
    "InPlanePhaseEncodingDirectionDICOM": "ROW",
    "InstitutionAddress": "North_13th_1701_Philadelphia_PA_US_19122",
    "InstitutionName": "Temple_University_-_Weiss_Hall",
    "InstitutionalDepartmentName": "Department",
    "InversionTime": 1.15,
    "MRAcquisitionType": "3D",
    "MagneticFieldStrength": 3,
    "Manufacturer": "Siemens",
    "ManufacturersModelName": "Prisma",
    "Modality": "MR",
    "PartialFourier": 1,
    "PatientPosition": "HFS",
    "PercentPhaseFOV": 100,
    "PhaseEncodingSteps": 211,
    "PhaseOversampling": 0.1,
    "PhaseResolution": 1,
    "PixelBandwidth": 210,
    "ProcedureStepDescription": "SMITH_SRNDNA",
    "ProtocolName": "T1w-anat_mpg_07sag_iso",
    "PulseSequenceDetails": "%SiemensSeq%_tfl",
    "ReceiveCoilActiveElements": "HE1-4;NE1,2",
    "ReceiveCoilName": "HeadNeck_20",
    "ReconMatrixPE": 192,
    "RefLinesPE": 32,
    "RepetitionTime": 2.4,
    "SAR": 0.0492673,
    "ScanOptions": "IR_WE",
    "ScanningSequence": "GR_IR",
    "SequenceName": "_tfl3d1_16ns",
    "SequenceVariant": "SK_SP_MP_OSP",
    "SeriesDescription": "T1w-anat_mpg_07sag_iso",
    "SeriesNumber": 5,
    "ShimSetting": [
      1416,
      -7488,
      6535,
      88,
      84,
      -298,
      85,
      12
    ],
    "SliceThickness": 1,
    "SoftwareVersions": "syngo_MR_E11",
    "StationName": "AWP166048",
    "TxRefAmp": 301.681,
    "dataset": "unknown",
    "modality": "T1w",
    "subject_id": "112"
  },
  "cjv": 0.3696532389918704,
  "cnr": 3.4313123257017306,
  "efc": 0.6437569658498108,
  "fber": 2701.563720703125,
  "fwhm_avg": 3.701,
  "fwhm_x": 3.60848,
  "fwhm_y": 3.7206,
  "fwhm_z": 3.77392,
  "icvs_csf": 0.17225873877419717,
  "icvs_gm": 0.42739022400121973,
  "icvs_wm": 0.4003510372245831,
  "inu_med": 1.3214246034622192,
  "inu_range": 0.47543776035308816,
  "provenance": {
    "md5sum": "32ebc8cc8a89ab2257902841324829c6",
    "settings": {
      "testing": false
    },
    "software": "mriqc",
    "version": "0.15.1",
    "warnings": {
      "large_rot_frame": true,
      "small_air_mask": false
    },
    "webapi_port": null,
    "webapi_url": "https://mriqc.nimh.nih.gov/api/v1"
  },
  "qi_1": 0.0,
  "qi_2": 0.014648539322916205,
  "rpve_csf": 17.503672174302537,
  "rpve_gm": 7.789111252389713,
  "rpve_wm": 9.930809963183492,
  "size_x": 192,
  "size_y": 192,
  "size_z": 192,
  "snr_csf": 2.4299909409087297,
  "snr_gm": 11.841568686810934,
  "snr_total": 13.21885240420039,
  "snr_wm": 25.384997584881503,
  "snrd_csf": 42.19884156238459,
  "snrd_gm": 101.21766070792958,
  "snrd_total": 93.1246269875965,
  "snrd_wm": 135.95737869247532,
  "spacing_x": 1.0,
  "spacing_y": 1.0,
  "spacing_z": 1.0,
  "summary_bg_k": 11.787494857414075,
  "summary_bg_mad": 4.818849086761475,
  "summary_bg_mean": 13.917338371276855,
  "summary_bg_median": 12.951763153076172,
  "summary_bg_n": 1910811.0,
  "summary_bg_p05": 6.449376821517944,
  "summary_bg_p95": 25.83479118347168,
  "summary_bg_stdv": 6.410252094268799,
  "summary_csf_k": 0.3077796771238428,
  "summary_csf_mad": 111.22530364990234,
  "summary_csf_mean": 342.8805847167969,
  "summary_csf_median": 310.3931579589844,
  "summary_csf_n": 11719.0,
  "summary_csf_p05": 187.12443847656252,
  "summary_csf_p95": 593.9544372558594,
  "summary_csf_stdv": 127.72883605957031,
  "summary_gm_k": 0.7510456809865036,
  "summary_gm_mad": 58.59943771362305,
  "summary_gm_mean": 745.826416015625,
  "summary_gm_median": 744.5054931640625,
  "summary_gm_n": 15775.0,
  "summary_gm_p05": 645.9134460449219,
  "summary_gm_p95": 850.0346374511719,
  "summary_gm_stdv": 62.870208740234375,
  "summary_wm_k": 1.0396188475661603,
  "summary_wm_mad": 35.85718536376953,
  "summary_wm_mean": 1000.831298828125,
  "summary_wm_median": 1000.0331420898438,
  "summary_wm_n": 228326.0,
  "summary_wm_p05": 937.8451232910156,
  "summary_wm_p95": 1065.7624816894531,
  "summary_wm_stdv": 39.39456558227539,
  "tpm_overlap_csf": 0.23209550976753235,
  "tpm_overlap_gm": 0.5063595771789551,
  "tpm_overlap_wm": 0.5549238324165344,
  "wm2max": 0.7766302846730144
}