{
  "bids_meta": {
    "AcquisitionMatrixPE": 192,
    "AcquisitionNumber": 1,
    "AcquisitionTime": "13:06:22.540000",
    "BaseResolution": 192,
    "BodyPartExamined": "HEAD",
    "CoilString": "HE1-4;NE1_2",
    "ConsistencyInfo": "N4_VE11C_LATEST_20160120",
    "ConversionSoftware": "dcm2niix",
    "ConversionSoftwareVersion": "v1.0.20190410  GCC6.3.0",
    "DeviceSerialNumber": "166048",
    "DwellTime": 3.5e-06,
    "EchoTime": 0.567,
    "EchoTrainLength": 314,
    "FlipAngle": 120,
    "ImageOrientationPatientDICOM": [
      0,
      1,
      0,
      0,
      0,
      -1
    ],
    "ImageType": [
      "ORIGINAL",
      "PRIMARY",
      "M",
      "ND",
      "NORM"
    ],
    "ImagingFrequency": 123.246,
    "InPlanePhaseEncodingDirectionDICOM": "ROW",
    "InstitutionAddress": "North_13th_1701_Philadelphia_PA_US_19122",
    "InstitutionName": "Temple_University_-_Weiss_Hall",
    "InstitutionalDepartmentName": "Department",
    "MRAcquisitionType": "3D",
    "MagneticFieldStrength": 3,
    "Manufacturer": "Siemens",
    "ManufacturersModelName": "Prisma",
    "Modality": "MR",
    "PartialFourier": 1,
    "PatientPosition": "HFS",
    "PercentPhaseFOV": 100,
    "PhaseEncodingSteps": 209,
    "PhaseOversampling": 0.1,
    "PhaseResolution": 1,
    "PixelBandwidth": 745,
    "ProcedureStepDescription": "SMITH_SRNDNA",
    "ProtocolName": "T2w-anat_spc_07sag_iso",
    "PulseSequenceDetails": "%SiemensSeq%_tse_vfl",
    "ReceiveCoilActiveElements": "HE1-4;NE1,2",
    "ReceiveCoilName": "HeadNeck_20",
    "ReconMatrixPE": 192,
    "RefLinesPE": 32,
    "RepetitionTime": 3.2,
    "SAR": 0.180973,
    "ScanOptions": "PFP",
    "ScanningSequence": "SE",
    "SequenceName": "_spc_314ns",
    "SequenceVariant": "SK_SP_OSP",
    "SeriesDescription": "T2w-anat_spc_07sag_iso",
    "SeriesNumber": 3,
    "ShimSetting": [
      1416,
      -7488,
      6535,
      88,
      84,
      -298,
      85,
      12
    ],
    "SliceThickness": 1,
    "SoftwareVersions": "syngo_MR_E11",
    "StationName": "AWP166048",
    "TxRefAmp": 301.681,
    "dataset": "unknown",
    "modality": "T2w",
    "subject_id": "112"
  },
  "cjv": 0.44732121253907847,
  "cnr": 2.8826715168710186,
  "efc": 0.6210155426744881,
  "fber": 1897.1005859375,
  "fwhm_avg": 2.4695533333333337,
  "fwhm_x": 2.35841,
  "fwhm_y": 2.77802,
  "fwhm_z": 2.27223,
  "icvs_csf": 0.12520079215278343,
  "icvs_gm": 0.4054614049696078,
  "icvs_wm": 0.4693378028776088,
  "inu_med": 1.3197870254516602,
  "inu_range": 0.3097488999366762,
  "provenance": {
    "md5sum": "cdb49ee99e9f51a616becf4eb99d2714",
    "settings": {
      "testing": false
    },
    "software": "mriqc",
    "version": "0.15.1",
    "warnings": {
      "large_rot_frame": true,
      "small_air_mask": false
    },
    "webapi_port": null,
    "webapi_url": "https://mriqc.nimh.nih.gov/api/v1"
  },
  "qi_1": 0.0,
  "qi_2": 0.004583582053328313,
  "rpve_csf": 27.881795964605136,
  "rpve_gm": 8.0472851341734,
  "rpve_wm": 7.986127352887794,
  "size_x": 192,
  "size_y": 192,
  "size_z": 192,
  "snr_csf": 4.442495629660526,
  "snr_gm": 9.241746184423095,
  "snr_total": 7.824915313780392,
  "snr_wm": 9.790504127257554,
  "snrd_csf": 208.81150551159573,
  "snrd_gm": 91.45948646741725,
  "snrd_total": 119.46339097327557,
  "snrd_wm": 58.11918094081368,
  "spacing_x": 1.0,
  "spacing_y": 1.0,
  "spacing_z": 1.0,
  "summary_bg_k": 1.9722592979369873,
  "summary_bg_mad": 11.271866798400879,
  "summary_bg_mean": 23.80577850341797,
  "summary_bg_median": 22.148548126220703,
  "summary_bg_n": 1860840.0,
  "summary_bg_p05": 7.35818383693695,
  "summary_bg_p95": 49.20266017913818,
  "summary_bg_stdv": 13.256587028503418,
  "summary_csf_k": 2.041066713348042,
  "summary_csf_mad": 573.0966796875,
  "summary_csf_mean": 3332.1591796875,
  "summary_csf_median": 3592.68017578125,
  "summary_csf_n": 20508.0,
  "summary_csf_p05": 1641.322412109375,
  "summary_csf_p95": 4180.172509765625,
  "summary_csf_stdv": 808.6879272460938,
  "summary_gm_k": 0.7004960606974149,
  "summary_gm_mad": 160.60317993164062,
  "summary_gm_mean": 1588.8768310546875,
  "summary_gm_median": 1573.5947265625,
  "summary_gm_n": 27596.0,
  "summary_gm_p05": 1339.7938232421875,
  "summary_gm_p95": 1893.7110290527344,
  "summary_gm_stdv": 170.26719665527344,
  "summary_wm_k": 0.6099419574560772,
  "summary_wm_mad": 95.99478149414062,
  "summary_wm_mean": 994.8140869140625,
  "summary_wm_median": 999.9622802734375,
  "summary_wm_n": 196294.0,
  "summary_wm_p05": 819.1501159667969,
  "summary_wm_p95": 1152.331787109375,
  "summary_wm_stdv": 102.13567352294922,
  "tpm_overlap_csf": 0.1991511434316635,
  "tpm_overlap_gm": 0.4632839560508728,
  "tpm_overlap_wm": 0.5198723077774048,
  "wm2max": 0.24546138327802536
}