{
  "bids_meta": {
    "AcquisitionMatrixPE": 192,
    "AcquisitionNumber": 1,
    "AcquisitionTime": "15:02:50.522500",
    "BaseResolution": 192,
    "BodyPartExamined": "HEAD",
    "CoilString": "HE1-4;NE1_2",
    "ConsistencyInfo": "N4_VE11C_LATEST_20160120",
    "ConversionSoftware": "dcm2niix",
    "ConversionSoftwareVersion": "v1.0.20190410  GCC6.3.0",
    "DeviceSerialNumber": "166048",
    "DwellTime": 3.5e-06,
    "EchoTime": 0.567,
    "EchoTrainLength": 314,
    "FlipAngle": 120,
    "ImageOrientationPatientDICOM": [
      0,
      1,
      0,
      0,
      0,
      -1
    ],
    "ImageType": [
      "ORIGINAL",
      "PRIMARY",
      "M",
      "ND",
      "NORM"
    ],
    "ImagingFrequency": 123.246,
    "InPlanePhaseEncodingDirectionDICOM": "ROW",
    "InstitutionAddress": "North_13th_1701_Philadelphia_PA_US_19122",
    "InstitutionName": "Temple_University_-_Weiss_Hall",
    "InstitutionalDepartmentName": "Department",
    "MRAcquisitionType": "3D",
    "MagneticFieldStrength": 3,
    "Manufacturer": "Siemens",
    "ManufacturersModelName": "Prisma",
    "Modality": "MR",
    "PartialFourier": 1,
    "PatientPosition": "HFS",
    "PercentPhaseFOV": 100,
    "PhaseEncodingSteps": 209,
    "PhaseOversampling": 0.1,
    "PhaseResolution": 1,
    "PixelBandwidth": 745,
    "ProcedureStepDescription": "SMITH_SRNDNA",
    "ProtocolName": "T2w-anat_spc_07sag_iso",
    "PulseSequenceDetails": "%SiemensSeq%_tse_vfl",
    "ReceiveCoilActiveElements": "HE1-4;NE1,2",
    "ReceiveCoilName": "HeadNeck_20",
    "ReconMatrixPE": 192,
    "RefLinesPE": 32,
    "RepetitionTime": 3.2,
    "SAR": 0.206519,
    "ScanOptions": "PFP",
    "ScanningSequence": "SE",
    "SequenceName": "_spc_314ns",
    "SequenceVariant": "SK_SP_OSP",
    "SeriesDescription": "T2w-anat_spc_07sag_iso",
    "SeriesNumber": 3,
    "ShimSetting": [
      1445,
      -7381,
      6435,
      135,
      -19,
      -118,
      -42,
      66
    ],
    "SliceThickness": 1,
    "SoftwareVersions": "syngo_MR_E11",
    "StationName": "AWP166048",
    "TxRefAmp": 285.422,
    "dataset": "unknown",
    "modality": "T2w",
    "subject_id": "111"
  },
  "cjv": 1.1624931987372729,
  "cnr": 0.7226375025430497,
  "efc": 0.6338164359106804,
  "fber": 434.1104736328125,
  "fwhm_avg": 2.9141366666666664,
  "fwhm_x": 2.78564,
  "fwhm_y": 3.22056,
  "fwhm_z": 2.73621,
  "icvs_csf": 0.2695918332920229,
  "icvs_gm": 0.13611268011440228,
  "icvs_wm": 0.5942954865935748,
  "inu_med": 1.1644477844238281,
  "inu_range": 0.2749340236186981,
  "provenance": {
    "md5sum": "b44aab379a46aab2ff1bba28a7bf0155",
    "settings": {
      "testing": false
    },
    "software": "mriqc",
    "version": "0.15.1",
    "warnings": {
      "large_rot_frame": true,
      "small_air_mask": false
    },
    "webapi_port": null,
    "webapi_url": "https://mriqc.nimh.nih.gov/api/v1"
  },
  "qi_1": 0.0,
  "qi_2": 0.0017726730380778165,
  "rpve_csf": 11.814750048481066,
  "rpve_gm": 20.322334973884512,
  "rpve_wm": 6.039549002452237,
  "size_x": 192,
  "size_y": 192,
  "size_z": 192,
  "snr_csf": 12.082435124077126,
  "snr_gm": 1.5616503501085288,
  "snr_total": 6.6123556226068025,
  "snr_wm": 6.192981393634754,
  "snrd_csf": 110.49973775177875,
  "snrd_gm": 22.303781458768864,
  "snrd_total": 55.38236130284076,
  "snrd_wm": 33.34356469797467,
  "spacing_x": 1.0,
  "spacing_y": 1.0,
  "spacing_z": 1.0,
  "summary_bg_k": 2.9377435588715644,
  "summary_bg_mad": 19.65781021118164,
  "summary_bg_mean": 35.32124710083008,
  "summary_bg_median": 30.50577163696289,
  "summary_bg_n": 1335075.0,
  "summary_bg_p05": 8.450142669677735,
  "summary_bg_p95": 78.35353546142579,
  "summary_bg_stdv": 22.15183448791504,
  "summary_csf_k": 4.094740937801209,
  "summary_csf_mad": 210.22438049316406,
  "summary_csf_mean": 3285.99755859375,
  "summary_csf_median": 3315.619384765625,
  "summary_csf_n": 106035.0,
  "summary_csf_p05": 2810.1530029296873,
  "summary_csf_p95": 3660.4662597656243,
  "summary_csf_stdv": 274.4151916503906,
  "summary_gm_k": 0.9319182663348404,
  "summary_gm_mad": 233.41578674316406,
  "summary_gm_mean": 803.193603515625,
  "summary_gm_median": 669.2400512695312,
  "summary_gm_n": 1627.0,
  "summary_gm_p05": 316.0561584472656,
  "summary_gm_p95": 1715.6023559570308,
  "summary_gm_stdv": 428.4149475097656,
  "summary_wm_k": 0.6931955856078265,
  "summary_wm_mad": 151.66725158691406,
  "summary_wm_mean": 1016.126953125,
  "summary_wm_median": 1000.4962158203125,
  "summary_wm_n": 433754.0,
  "summary_wm_p05": 780.46787109375,
  "summary_wm_p95": 1308.1324157714844,
  "summary_wm_stdv": 161.5530548095703,
  "tpm_overlap_csf": 0.1606491208076477,
  "tpm_overlap_gm": 0.14581915736198425,
  "tpm_overlap_wm": 0.4504131078720093,
  "wm2max": 0.25100478380407826
}