{
  "bids_meta": {
    "AcquisitionMatrixPE": 192,
    "AcquisitionNumber": 1,
    "AcquisitionTime": "15:06:53.267500",
    "BaseResolution": 192,
    "BodyPartExamined": "HEAD",
    "CoilString": "HE1-4;NE1_2",
    "ConsistencyInfo": "N4_VE11C_LATEST_20160120",
    "ConversionSoftware": "dcm2niix",
    "ConversionSoftwareVersion": "v1.0.20190410  GCC6.3.0",
    "DeviceSerialNumber": "166048",
    "DwellTime": 1.24e-05,
    "EchoTime": 0.0022,
    "FlipAngle": 8,
    "ImageOrientationPatientDICOM": [
      0,
      1,
      0,
      0,
      0,
      -1
    ],
    "ImageType": [
      "ORIGINAL",
      "PRIMARY",
      "M",
      "ND",
      "NORM",
      "FM3",
      "2",
      "FIL"
    ],
    "ImagingFrequency": 123.246,
    "InPlanePhaseEncodingDirectionDICOM": "ROW",
    "InstitutionAddress": "North_13th_1701_Philadelphia_PA_US_19122",
    "InstitutionName": "Temple_University_-_Weiss_Hall",
    "InstitutionalDepartmentName": "Department",
    "InversionTime": 1.15,
    "MRAcquisitionType": "3D",
    "MagneticFieldStrength": 3,
    "Manufacturer": "Siemens",
    "ManufacturersModelName": "Prisma",
    "Modality": "MR",
    "PartialFourier": 1,
    "PatientPosition": "HFS",
    "PercentPhaseFOV": 100,
    "PhaseEncodingSteps": 211,
    "PhaseOversampling": 0.1,
    "PhaseResolution": 1,
    "PixelBandwidth": 210,
    "ProcedureStepDescription": "SMITH_SRNDNA",
    "ProtocolName": "T1w-anat_mpg_07sag_iso",
    "PulseSequenceDetails": "%SiemensSeq%_tfl",
    "ReceiveCoilActiveElements": "HE1-4;NE1,2",
    "ReceiveCoilName": "HeadNeck_20",
    "ReconMatrixPE": 192,
    "RefLinesPE": 32,
    "RepetitionTime": 2.4,
    "SAR": 0.0562218,
    "ScanOptions": "IR_WE",
    "ScanningSequence": "GR_IR",
    "SequenceName": "_tfl3d1_16ns",
    "SequenceVariant": "SK_SP_MP_OSP",
    "SeriesDescription": "T1w-anat_mpg_07sag_iso",
    "SeriesNumber": 5,
    "ShimSetting": [
      1445,
      -7381,
      6435,
      135,
      -19,
      -118,
      -42,
      66
    ],
    "SliceThickness": 1,
    "SoftwareVersions": "syngo_MR_E11",
    "StationName": "AWP166048",
    "TxRefAmp": 285.422,
    "dataset": "unknown",
    "modality": "T1w",
    "subject_id": "111"
  },
  "cjv": 0.935223250484499,
  "cnr": 1.4454398953078282,
  "efc": 0.6858010606305069,
  "fber": 1742.0914306640625,
  "fwhm_avg": 3.3853033333333333,
  "fwhm_x": 3.31971,
  "fwhm_y": 3.44093,
  "fwhm_z": 3.39527,
  "icvs_csf": 0.22342035323861,
  "icvs_gm": 0.38585784052645056,
  "icvs_wm": 0.39072180623493946,
  "inu_med": 1.5529571771621704,
  "inu_range": 0.5690448403358457,
  "provenance": {
    "md5sum": "9bfcec7b374782baaed6ab3a3ddb7519",
    "settings": {
      "testing": false
    },
    "software": "mriqc",
    "version": "0.15.1",
    "warnings": {
      "large_rot_frame": true,
      "small_air_mask": false
    },
    "webapi_port": null,
    "webapi_url": "https://mriqc.nimh.nih.gov/api/v1"
  },
  "qi_1": 6.738290507119175e-05,
  "qi_2": 0.005963710648821723,
  "rpve_csf": 16.02594334228378,
  "rpve_gm": 8.899968154583814,
  "rpve_wm": 10.64061036504519,
  "size_x": 192,
  "size_y": 192,
  "size_z": 192,
  "snr_csf": 2.8303288869068806,
  "snr_gm": 9.8459045283335,
  "snr_total": 10.384998941647064,
  "snr_wm": 18.478763409700814,
  "snrd_csf": 27.18889916400911,
  "snrd_gm": 70.86964854296119,
  "snrd_total": 60.431763558665104,
  "snrd_wm": 83.23674296902503,
  "spacing_x": 1.0,
  "spacing_y": 1.0,
  "spacing_z": 1.0,
  "summary_bg_k": 1135.8805257840343,
  "summary_bg_mad": 7.871350288391113,
  "summary_bg_mean": 16.43455696105957,
  "summary_bg_median": 13.853123664855957,
  "summary_bg_n": 1554302.0,
  "summary_bg_p05": 5.508290767669678,
  "summary_bg_p95": 32.40591583251953,
  "summary_bg_stdv": 12.653541564941406,
  "summary_csf_k": 11.715084826508688,
  "summary_csf_mad": 88.64701843261719,
  "summary_csf_mean": 352.4046936035156,
  "summary_csf_median": 326.669921875,
  "summary_csf_n": 22524.0,
  "summary_csf_p05": 213.86378784179686,
  "summary_csf_p95": 583.2058105468749,
  "summary_csf_stdv": 115.41509246826172,
  "summary_gm_k": -0.06683138976230207,
  "summary_gm_mad": 86.74214172363281,
  "summary_gm_mean": 857.111083984375,
  "summary_gm_median": 851.486572265625,
  "summary_gm_n": 11352.0,
  "summary_gm_p05": 723.6706695556641,
  "summary_gm_p95": 1009.3960571289062,
  "summary_gm_stdv": 86.47748565673828,
  "summary_wm_k": 0.5034713826456292,
  "summary_wm_mad": 52.22127914428711,
  "summary_wm_mean": 1003.5596923828125,
  "summary_wm_median": 1000.0750732421875,
  "summary_wm_n": 198902.0,
  "summary_wm_p05": 921.3220855712891,
  "summary_wm_p95": 1097.7705688476562,
  "summary_wm_stdv": 54.12010192871094,
  "tpm_overlap_csf": 0.18556885421276093,
  "tpm_overlap_gm": 0.4235875606536865,
  "tpm_overlap_wm": 0.5127146244049072,
  "wm2max": 0.672906052300214
}