{
  "aor": 0.002986338028169014,
  "aqi": 0.00894961676056338,
  "bids_meta": {
    "AcquisitionMatrixPE": 74,
    "AcquisitionNumber": 1,
    "AcquisitionTime": "15:53:41.457500",
    "BandwidthPerPixelPhaseEncode": 27.579,
    "BaseResolution": 74,
    "BodyPartExamined": "HEAD",
    "CogAtlasID": "TODO",
    "CoilString": "HE1-4;NE1_2",
    "ConsistencyInfo": "N4_VE11C_LATEST_20160120",
    "ConversionSoftware": "dcm2niix",
    "ConversionSoftwareVersion": "v1.0.20190410  GCC6.3.0",
    "DerivedVendorReportedEchoSpacing": 0.000489993,
    "DeviceSerialNumber": "166048",
    "DwellTime": 2.9e-06,
    "EchoTime": 0.023,
    "EchoTrainLength": 74,
    "EffectiveEchoSpacing": 0.000489993,
    "FlipAngle": 76,
    "ImageOrientationPatientDICOM": [
      1,
      0,
      0,
      0,
      0.929776,
      -0.368125
    ],
    "ImageType": [
      "ORIGINAL",
      "PRIMARY",
      "M",
      "ND",
      "NORM",
      "MOSAIC"
    ],
    "ImagingFrequency": 123.246,
    "InPlanePhaseEncodingDirectionDICOM": "COL",
    "InstitutionAddress": "North_13th_1701_Philadelphia_PA_US_19122",
    "InstitutionName": "Temple_University_-_Weiss_Hall",
    "InstitutionalDepartmentName": "Department",
    "MRAcquisitionType": "2D",
    "MagneticFieldStrength": 3,
    "Manufacturer": "Siemens",
    "ManufacturersModelName": "Prisma",
    "Modality": "MR",
    "PartialFourier": 1,
    "PatientPosition": "HFS",
    "PercentPhaseFOV": 100,
    "PhaseEncodingDirection": "j-",
    "PhaseEncodingSteps": 74,
    "PhaseResolution": 1,
    "PixelBandwidth": 2330,
    "ProcedureStepDescription": "SMITH_SRNDNA",
    "ProtocolName": "func-bold_trust_run4",
    "PulseSequenceDetails": "%SiemensSeq%_ep2d_bold",
    "ReceiveCoilActiveElements": "HE1-4;NE1,2",
    "ReceiveCoilName": "HeadNeck_20",
    "ReconMatrixPE": 74,
    "RepetitionTime": 2.02,
    "SAR": 0.115907,
    "ScanOptions": "FS",
    "ScanningSequence": "EP",
    "SequenceName": "_epfid2d1_74",
    "SequenceVariant": "SK",
    "SeriesDescription": "func-bold_trust_run4",
    "SeriesNumber": 13,
    "ShimSetting": [
      1449,
      -7382,
      6469,
      197,
      -23,
      124,
      -13,
      90
    ],
    "SliceThickness": 2.8,
    "SliceTiming": [
      1.945,
      1.89,
      1.835,
      1.7775,
      1.7225,
      1.6675,
      1.6125,
      1.555,
      1.5,
      1.445,
      1.39,
      1.335,
      1.2775,
      1.2225,
      1.1675,
      1.1125,
      1.055,
      1,
      0.945,
      0.89,
      0.835,
      0.7775,
      0.7225,
      0.6675,
      0.6125,
      0.555,
      0.5,
      0.445,
      0.39,
      0.335,
      0.2775,
      0.2225,
      0.1675,
      0.1125,
      0.055,
      0
    ],
    "SoftwareVersions": "syngo_MR_E11",
    "SpacingBetweenSlices": 3.22,
    "StationName": "AWP166048",
    "TaskName": "trust",
    "TotalReadoutTime": 0.0357695,
    "TxRefAmp": 285.422,
    "dataset": "unknown",
    "modality": "bold",
    "run_id": 5,
    "subject_id": "111",
    "task_id": "trust"
  },
  "dummy_trs": 4,
  "dvars_nstd": 32.18656056339623,
  "dvars_std": 1.1568228665094338,
  "dvars_vstd": 1.0060089852830185,
  "efc": 0.5465253903734034,
  "fber": 1742.59130859375,
  "fd_mean": 0.36198970273247777,
  "fd_num": 160,
  "fd_perc": 75.11737089201878,
  "fwhm_avg": 2.2876326823565925,
  "fwhm_x": 2.159881802175411,
  "fwhm_y": 2.510786450708093,
  "fwhm_z": 2.1922297941862743,
  "gcor": 0.0129908,
  "gsr_x": 0.0057811071164906025,
  "gsr_y": 0.04531903937458992,
  "provenance": {
    "md5sum": "9c6a6797a7f5a863298ea9205c148047",
    "settings": {
      "fd_thres": 0.2,
      "hmc_fsl": false
    },
    "software": "mriqc",
    "version": "0.15.1",
    "webapi_port": null,
    "webapi_url": "https://mriqc.nimh.nih.gov/api/v1"
  },
  "size_t": 213,
  "size_x": 74,
  "size_y": 74,
  "size_z": 36,
  "snr": 4.6380218443014884,
  "spacing_tr": 2.0199999809265137,
  "spacing_x": 2.972972869873047,
  "spacing_y": 2.972972869873047,
  "spacing_z": 3.2200000286102295,
  "spikes_num": 0,
  "summary_bg_k": 16.797116993751963,
  "summary_bg_mad": 9.57079029083252,
  "summary_bg_mean": 43.22392272949219,
  "summary_bg_median": 18.943662643432617,
  "summary_bg_n": 111080.0,
  "summary_bg_p05": 9.633803367614746,
  "summary_bg_p95": 184.80493850707958,
  "summary_bg_stdv": 65.38497161865234,
  "summary_fg_k": 1.8177902198192157,
  "summary_fg_mad": 146.70455932617188,
  "summary_fg_mean": 836.3999633789062,
  "summary_fg_median": 816.8920288085938,
  "summary_fg_n": 48622.0,
  "summary_fg_p05": 592.6673919677735,
  "summary_fg_p95": 1138.9984191894528,
  "summary_fg_stdv": 176.12759399414062,
  "tsnr": 54.2189826965332
}