{
  "aor": 0.002106448598130841,
  "aqi": 0.0110768511682243,
  "bids_meta": {
    "AcquisitionMatrixPE": 74,
    "AcquisitionNumber": 1,
    "AcquisitionTime": "15:37:31.790000",
    "BandwidthPerPixelPhaseEncode": 27.579,
    "BaseResolution": 74,
    "BodyPartExamined": "HEAD",
    "CogAtlasID": "TODO",
    "CoilString": "HE1-4;NE1_2",
    "ConsistencyInfo": "N4_VE11C_LATEST_20160120",
    "ConversionSoftware": "dcm2niix",
    "ConversionSoftwareVersion": "v1.0.20190410  GCC6.3.0",
    "DerivedVendorReportedEchoSpacing": 0.000489993,
    "DeviceSerialNumber": "166048",
    "DwellTime": 2.9e-06,
    "EchoTime": 0.023,
    "EchoTrainLength": 74,
    "EffectiveEchoSpacing": 0.000489993,
    "FlipAngle": 76,
    "ImageOrientationPatientDICOM": [
      1,
      0,
      0,
      0,
      0.929776,
      -0.368125
    ],
    "ImageType": [
      "ORIGINAL",
      "PRIMARY",
      "M",
      "ND",
      "NORM",
      "MOSAIC"
    ],
    "ImagingFrequency": 123.246,
    "InPlanePhaseEncodingDirectionDICOM": "COL",
    "InstitutionAddress": "North_13th_1701_Philadelphia_PA_US_19122",
    "InstitutionName": "Temple_University_-_Weiss_Hall",
    "InstitutionalDepartmentName": "Department",
    "MRAcquisitionType": "2D",
    "MagneticFieldStrength": 3,
    "Manufacturer": "Siemens",
    "ManufacturersModelName": "Prisma",
    "Modality": "MR",
    "PartialFourier": 1,
    "PatientPosition": "HFS",
    "PercentPhaseFOV": 100,
    "PhaseEncodingDirection": "j-",
    "PhaseEncodingSteps": 74,
    "PhaseResolution": 1,
    "PixelBandwidth": 2330,
    "ProcedureStepDescription": "SMITH_SRNDNA",
    "ProtocolName": "func-bold_trust_run2",
    "PulseSequenceDetails": "%SiemensSeq%_ep2d_bold",
    "ReceiveCoilActiveElements": "HE1-4;NE1,2",
    "ReceiveCoilName": "HeadNeck_20",
    "ReconMatrixPE": 74,
    "RepetitionTime": 2.02,
    "SAR": 0.115907,
    "ScanOptions": "FS",
    "ScanningSequence": "EP",
    "SequenceName": "_epfid2d1_74",
    "SequenceVariant": "SK",
    "SeriesDescription": "func-bold_trust_run2",
    "SeriesNumber": 11,
    "ShimSetting": [
      1449,
      -7382,
      6469,
      197,
      -23,
      124,
      -13,
      90
    ],
    "SliceThickness": 2.8,
    "SliceTiming": [
      1.9425,
      1.8875,
      1.8325,
      1.7775,
      1.72,
      1.665,
      1.61,
      1.555,
      1.5,
      1.4425,
      1.3875,
      1.3325,
      1.2775,
      1.22,
      1.165,
      1.11,
      1.055,
      1,
      0.9425,
      0.8875,
      0.8325,
      0.7775,
      0.72,
      0.665,
      0.61,
      0.555,
      0.5,
      0.4425,
      0.3875,
      0.3325,
      0.2775,
      0.22,
      0.165,
      0.11,
      0.055,
      0
    ],
    "SoftwareVersions": "syngo_MR_E11",
    "SpacingBetweenSlices": 3.22,
    "StationName": "AWP166048",
    "TaskName": "trust",
    "TotalReadoutTime": 0.0357695,
    "TxRefAmp": 285.422,
    "dataset": "unknown",
    "modality": "bold",
    "run_id": 3,
    "subject_id": "111",
    "task_id": "trust"
  },
  "dummy_trs": 3,
  "dvars_nstd": 28.35772230450702,
  "dvars_std": 1.1132219501408456,
  "dvars_vstd": 0.9629996725821597,
  "efc": 0.54547311845573,
  "fber": 1761.985595703125,
  "fd_mean": 0.28238258468933414,
  "fd_num": 134,
  "fd_perc": 62.61682242990654,
  "fwhm_avg": 2.299594208959798,
  "fwhm_x": 2.1739619844818803,
  "fwhm_y": 2.5279107240292196,
  "fwhm_z": 2.1969099183682927,
  "gcor": 0.0138914,
  "gsr_x": 0.005692680366337299,
  "gsr_y": 0.0475526787340641,
  "provenance": {
    "md5sum": "f394d4178cfac89f9a93c35a4d1da75f",
    "settings": {
      "fd_thres": 0.2,
      "hmc_fsl": false
    },
    "software": "mriqc",
    "version": "0.15.1",
    "webapi_port": null,
    "webapi_url": "https://mriqc.nimh.nih.gov/api/v1"
  },
  "size_t": 214,
  "size_x": 74,
  "size_y": 74,
  "size_z": 36,
  "snr": 4.67906335748933,
  "spacing_tr": 2.0199999809265137,
  "spacing_x": 2.972972869873047,
  "spacing_y": 2.972972869873047,
  "spacing_z": 3.2200000286102295,
  "spikes_num": 0,
  "summary_bg_k": 21.347494872696284,
  "summary_bg_mad": 9.872467041015625,
  "summary_bg_mean": 42.78278350830078,
  "summary_bg_median": 18.855138778686523,
  "summary_bg_n": 111173.0,
  "summary_bg_p05": 9.420560836791992,
  "summary_bg_p95": 178.11681823730441,
  "summary_bg_stdv": 65.47905731201172,
  "summary_fg_k": 1.87487044290057,
  "summary_fg_mad": 145.53744506835938,
  "summary_fg_mean": 836.4881591796875,
  "summary_fg_median": 817.3551025390625,
  "summary_fg_n": 48511.0,
  "summary_fg_p05": 597.3177490234375,
  "summary_fg_p95": 1135.6144409179688,
  "summary_fg_stdv": 174.6816864013672,
  "tsnr": 52.50001907348633
}