{
  "aor": 0.005231741293532338,
  "aqi": 0.013131635671641792,
  "bids_meta": {
    "AcquisitionMatrixPE": 74,
    "AcquisitionNumber": 1,
    "AcquisitionTime": "16:12:33.985000",
    "BandwidthPerPixelPhaseEncode": 27.579,
    "BaseResolution": 74,
    "BodyPartExamined": "HEAD",
    "CogAtlasID": "TODO",
    "CoilString": "HE1-4;NE1_2",
    "ConsistencyInfo": "N4_VE11C_LATEST_20160120",
    "ConversionSoftware": "dcm2niix",
    "ConversionSoftwareVersion": "v1.0.20190410  GCC6.3.0",
    "DerivedVendorReportedEchoSpacing": 0.000489993,
    "DeviceSerialNumber": "166048",
    "DwellTime": 2.9e-06,
    "EchoTime": 0.023,
    "EchoTrainLength": 74,
    "EffectiveEchoSpacing": 0.000489993,
    "FlipAngle": 76,
    "ImageOrientationPatientDICOM": [
      1,
      0,
      0,
      0,
      0.929776,
      -0.368125
    ],
    "ImageType": [
      "ORIGINAL",
      "PRIMARY",
      "M",
      "ND",
      "NORM",
      "MOSAIC"
    ],
    "ImagingFrequency": 123.246,
    "InPlanePhaseEncodingDirectionDICOM": "COL",
    "InstitutionAddress": "North_13th_1701_Philadelphia_PA_US_19122",
    "InstitutionName": "Temple_University_-_Weiss_Hall",
    "InstitutionalDepartmentName": "Department",
    "MRAcquisitionType": "2D",
    "MagneticFieldStrength": 3,
    "Manufacturer": "Siemens",
    "ManufacturersModelName": "Prisma",
    "Modality": "MR",
    "PartialFourier": 1,
    "PatientPosition": "HFS",
    "PercentPhaseFOV": 100,
    "PhaseEncodingDirection": "j-",
    "PhaseEncodingSteps": 74,
    "PhaseResolution": 1,
    "PixelBandwidth": 2330,
    "ProcedureStepDescription": "SMITH_SRNDNA",
    "ProtocolName": "func-bold_task-reward_run1",
    "PulseSequenceDetails": "%SiemensSeq%_ep2d_bold",
    "ReceiveCoilActiveElements": "HE1-4;NE1,2",
    "ReceiveCoilName": "HeadNeck_20",
    "ReconMatrixPE": 74,
    "RepetitionTime": 2.02,
    "SAR": 0.115878,
    "ScanOptions": "FS",
    "ScanningSequence": "EP",
    "SequenceName": "_epfid2d1_74",
    "SequenceVariant": "SK",
    "SeriesDescription": "func-bold_task-reward_run1",
    "SeriesNumber": 15,
    "ShimSetting": [
      1449,
      -7382,
      6469,
      197,
      -23,
      124,
      -13,
      90
    ],
    "SliceThickness": 2.8,
    "SliceTiming": [
      1.945,
      1.89,
      1.835,
      1.7775,
      1.7225,
      1.6675,
      1.6125,
      1.555,
      1.5,
      1.445,
      1.39,
      1.335,
      1.2775,
      1.2225,
      1.1675,
      1.1125,
      1.055,
      1,
      0.945,
      0.89,
      0.835,
      0.7775,
      0.7225,
      0.6675,
      0.6125,
      0.555,
      0.5,
      0.445,
      0.39,
      0.335,
      0.2775,
      0.2225,
      0.1675,
      0.1125,
      0.0575,
      0
    ],
    "SoftwareVersions": "syngo_MR_E11",
    "SpacingBetweenSlices": 3.22,
    "StationName": "AWP166048",
    "TaskName": "sharedreward",
    "TotalReadoutTime": 0.0357695,
    "TxRefAmp": 285.422,
    "dataset": "unknown",
    "modality": "bold",
    "run_id": 2,
    "subject_id": "111",
    "task_id": "sharedreward"
  },
  "dummy_trs": 1,
  "dvars_nstd": 31.04358514795,
  "dvars_std": 1.1010754528000002,
  "dvars_vstd": 1.0073953006,
  "efc": 0.5438511647159258,
  "fber": 1759.4461669921875,
  "fd_mean": 0.3582129801833412,
  "fd_num": 150,
  "fd_perc": 74.6268656716418,
  "fwhm_avg": 2.3230833519717193,
  "fwhm_x": 2.18118034836857,
  "fwhm_y": 2.558684634187339,
  "fwhm_z": 2.2293850733592486,
  "gcor": 0.0181748,
  "gsr_x": 0.007937300950288773,
  "gsr_y": 0.04525964707136154,
  "provenance": {
    "md5sum": "a0a722b18102356dad0734fc05727e90",
    "settings": {
      "fd_thres": 0.2,
      "hmc_fsl": false
    },
    "software": "mriqc",
    "version": "0.15.1",
    "webapi_port": null,
    "webapi_url": "https://mriqc.nimh.nih.gov/api/v1"
  },
  "size_t": 201,
  "size_x": 74,
  "size_y": 74,
  "size_z": 36,
  "snr": 4.649301189549915,
  "spacing_tr": 2.0199999809265137,
  "spacing_x": 2.972972869873047,
  "spacing_y": 2.972972869873047,
  "spacing_z": 3.2200000286102295,
  "spikes_num": 3,
  "summary_bg_k": 17.990397057241154,
  "summary_bg_mad": 10.18643569946289,
  "summary_bg_mean": 43.539207458496094,
  "summary_bg_median": 18.930347442626953,
  "summary_bg_n": 112058.0,
  "summary_bg_p05": 8.954477739334108,
  "summary_bg_p95": 184.26665878295887,
  "summary_bg_stdv": 66.39022827148438,
  "summary_fg_k": 1.7397132939898095,
  "summary_fg_mad": 146.1653594970703,
  "summary_fg_mean": 835.1094360351562,
  "summary_fg_median": 815.2188720703125,
  "summary_fg_n": 47937.0,
  "summary_fg_p05": 594.2626708984375,
  "summary_fg_p95": 1137.9462402343747,
  "summary_fg_stdv": 175.3404083251953,
  "tsnr": 43.9964599609375
}