{
  "aor": 0.004525829145728644,
  "aqi": 0.013688204221105529,
  "bids_meta": {
    "AcquisitionMatrixPE": 74,
    "AcquisitionNumber": 1,
    "AcquisitionTime": "16:31:22.182500",
    "BandwidthPerPixelPhaseEncode": 27.579,
    "BaseResolution": 74,
    "BodyPartExamined": "HEAD",
    "CogAtlasID": "TODO",
    "CoilString": "HE1-4;NE1_2",
    "ConsistencyInfo": "N4_VE11C_LATEST_20160120",
    "ConversionSoftware": "dcm2niix",
    "ConversionSoftwareVersion": "v1.0.20190410  GCC6.3.0",
    "DerivedVendorReportedEchoSpacing": 0.000489993,
    "DeviceSerialNumber": "166048",
    "DwellTime": 2.9e-06,
    "EchoTime": 0.023,
    "EchoTrainLength": 74,
    "EffectiveEchoSpacing": 0.000489993,
    "FlipAngle": 76,
    "ImageOrientationPatientDICOM": [
      1,
      0,
      0,
      0,
      0.929776,
      -0.368125
    ],
    "ImageType": [
      "ORIGINAL",
      "PRIMARY",
      "M",
      "ND",
      "NORM",
      "MOSAIC"
    ],
    "ImagingFrequency": 123.246,
    "InPlanePhaseEncodingDirectionDICOM": "COL",
    "InstitutionAddress": "North_13th_1701_Philadelphia_PA_US_19122",
    "InstitutionName": "Temple_University_-_Weiss_Hall",
    "InstitutionalDepartmentName": "Department",
    "MRAcquisitionType": "2D",
    "MagneticFieldStrength": 3,
    "Manufacturer": "Siemens",
    "ManufacturersModelName": "Prisma",
    "Modality": "MR",
    "PartialFourier": 1,
    "PatientPosition": "HFS",
    "PercentPhaseFOV": 100,
    "PhaseEncodingDirection": "j-",
    "PhaseEncodingSteps": 74,
    "PhaseResolution": 1,
    "PixelBandwidth": 2330,
    "ProcedureStepDescription": "SMITH_SRNDNA",
    "ProtocolName": "func-bold_task-UG_run1",
    "PulseSequenceDetails": "%SiemensSeq%_ep2d_bold",
    "ReceiveCoilActiveElements": "HE1-4;NE1,2",
    "ReceiveCoilName": "HeadNeck_20",
    "ReconMatrixPE": 74,
    "RepetitionTime": 2.02,
    "SAR": 0.115874,
    "ScanOptions": "FS",
    "ScanningSequence": "EP",
    "SequenceName": "_epfid2d1_74",
    "SequenceVariant": "SK",
    "SeriesDescription": "func-bold_task-UG_run1",
    "SeriesNumber": 17,
    "ShimSetting": [
      1449,
      -7382,
      6469,
      197,
      -23,
      124,
      -13,
      90
    ],
    "SliceThickness": 2.8,
    "SliceTiming": [
      1.9425,
      1.8875,
      1.8325,
      1.7775,
      1.72,
      1.665,
      1.61,
      1.555,
      1.5,
      1.4425,
      1.3875,
      1.3325,
      1.2775,
      1.22,
      1.165,
      1.11,
      1.055,
      1,
      0.9425,
      0.8875,
      0.8325,
      0.7775,
      0.72,
      0.665,
      0.61,
      0.555,
      0.5,
      0.4425,
      0.3875,
      0.3325,
      0.2775,
      0.22,
      0.165,
      0.11,
      0.055,
      0
    ],
    "SoftwareVersions": "syngo_MR_E11",
    "SpacingBetweenSlices": 3.22,
    "StationName": "AWP166048",
    "TaskName": "ultimatum",
    "TotalReadoutTime": 0.0357695,
    "TxRefAmp": 285.422,
    "dataset": "unknown",
    "modality": "bold",
    "run_id": 2,
    "subject_id": "111",
    "task_id": "ultimatum"
  },
  "dummy_trs": 1,
  "dvars_nstd": 27.822198078282828,
  "dvars_std": 1.083409098888889,
  "dvars_vstd": 0.9694665787373737,
  "efc": 0.546904020639953,
  "fber": 1727.0262451171875,
  "fd_mean": 0.27792792946740436,
  "fd_num": 112,
  "fd_perc": 56.28140703517588,
  "fwhm_avg": 2.29266204177809,
  "fwhm_x": 2.164076256866325,
  "fwhm_y": 2.5304906332095976,
  "fwhm_z": 2.1834192352583464,
  "gcor": 0.0134214,
  "gsr_x": 0.007040236610919237,
  "gsr_y": 0.043865837156772614,
  "provenance": {
    "md5sum": "ceecd3271f0cfd2ecf54e0377631d31a",
    "settings": {
      "fd_thres": 0.2,
      "hmc_fsl": false
    },
    "software": "mriqc",
    "version": "0.15.1",
    "webapi_port": null,
    "webapi_url": "https://mriqc.nimh.nih.gov/api/v1"
  },
  "size_t": 199,
  "size_x": 74,
  "size_y": 74,
  "size_z": 36,
  "snr": 4.619061805638754,
  "spacing_tr": 2.0199999809265137,
  "spacing_x": 2.972972869873047,
  "spacing_y": 2.972972869873047,
  "spacing_z": 3.2200000286102295,
  "spikes_num": 0,
  "summary_bg_k": 15.96974716303028,
  "summary_bg_mad": 10.139805793762207,
  "summary_bg_mean": 44.253753662109375,
  "summary_bg_median": 19.085426330566406,
  "summary_bg_n": 111578.0,
  "summary_bg_p05": 9.381909370422363,
  "summary_bg_p95": 187.7587890625,
  "summary_bg_stdv": 66.70903778076172,
  "summary_fg_k": 1.8163071219079159,
  "summary_fg_mad": 147.381103515625,
  "summary_fg_mean": 833.1736450195312,
  "summary_fg_median": 813.8291625976562,
  "summary_fg_n": 48315.0,
  "summary_fg_p05": 592.468310546875,
  "summary_fg_p95": 1135.9276000976563,
  "summary_fg_stdv": 176.1874542236328,
  "tsnr": 47.593997955322266
}