{
  "aor": 0.002998855721393035,
  "aqi": 0.012364837860696516,
  "bids_meta": {
    "AcquisitionMatrixPE": 74,
    "AcquisitionNumber": 1,
    "AcquisitionTime": "16:04:23.452500",
    "BandwidthPerPixelPhaseEncode": 27.579,
    "BaseResolution": 74,
    "BodyPartExamined": "HEAD",
    "CogAtlasID": "TODO",
    "CoilString": "HE1-4;NE1_2",
    "ConsistencyInfo": "N4_VE11C_LATEST_20160120",
    "ConversionSoftware": "dcm2niix",
    "ConversionSoftwareVersion": "v1.0.20190410  GCC6.3.0",
    "DerivedVendorReportedEchoSpacing": 0.000489993,
    "DeviceSerialNumber": "166048",
    "DwellTime": 2.9e-06,
    "EchoTime": 0.023,
    "EchoTrainLength": 74,
    "EffectiveEchoSpacing": 0.000489993,
    "FlipAngle": 76,
    "ImageOrientationPatientDICOM": [
      1,
      0,
      0,
      0,
      0.929776,
      -0.368125
    ],
    "ImageType": [
      "ORIGINAL",
      "PRIMARY",
      "M",
      "ND",
      "NORM",
      "MOSAIC"
    ],
    "ImagingFrequency": 123.246,
    "InPlanePhaseEncodingDirectionDICOM": "COL",
    "InstitutionAddress": "North_13th_1701_Philadelphia_PA_US_19122",
    "InstitutionName": "Temple_University_-_Weiss_Hall",
    "InstitutionalDepartmentName": "Department",
    "MRAcquisitionType": "2D",
    "MagneticFieldStrength": 3,
    "Manufacturer": "Siemens",
    "ManufacturersModelName": "Prisma",
    "Modality": "MR",
    "PartialFourier": 1,
    "PatientPosition": "HFS",
    "PercentPhaseFOV": 100,
    "PhaseEncodingDirection": "j-",
    "PhaseEncodingSteps": 74,
    "PhaseResolution": 1,
    "PixelBandwidth": 2330,
    "ProcedureStepDescription": "SMITH_SRNDNA",
    "ProtocolName": "func-bold_task-reward_run0",
    "PulseSequenceDetails": "%SiemensSeq%_ep2d_bold",
    "ReceiveCoilActiveElements": "HE1-4;NE1,2",
    "ReceiveCoilName": "HeadNeck_20",
    "ReconMatrixPE": 74,
    "RepetitionTime": 2.02,
    "SAR": 0.115878,
    "ScanOptions": "FS",
    "ScanningSequence": "EP",
    "SequenceName": "_epfid2d1_74",
    "SequenceVariant": "SK",
    "SeriesDescription": "func-bold_task-reward_run0",
    "SeriesNumber": 14,
    "ShimSetting": [
      1449,
      -7382,
      6469,
      197,
      -23,
      124,
      -13,
      90
    ],
    "SliceThickness": 2.8,
    "SliceTiming": [
      1.945,
      1.89,
      1.835,
      1.7775,
      1.7225,
      1.6675,
      1.6125,
      1.5575,
      1.5,
      1.445,
      1.39,
      1.335,
      1.2775,
      1.2225,
      1.1675,
      1.1125,
      1.0575,
      1,
      0.945,
      0.89,
      0.835,
      0.7775,
      0.7225,
      0.6675,
      0.6125,
      0.5575,
      0.5,
      0.445,
      0.39,
      0.335,
      0.2775,
      0.2225,
      0.1675,
      0.1125,
      0.0575,
      0
    ],
    "SoftwareVersions": "syngo_MR_E11",
    "SpacingBetweenSlices": 3.22,
    "StationName": "AWP166048",
    "TaskName": "sharedreward",
    "TotalReadoutTime": 0.0357695,
    "TxRefAmp": 285.422,
    "dataset": "unknown",
    "modality": "bold",
    "run_id": 1,
    "subject_id": "111",
    "task_id": "sharedreward"
  },
  "dummy_trs": 1,
  "dvars_nstd": 28.0902924634,
  "dvars_std": 1.0833762106,
  "dvars_vstd": 0.9835442406000005,
  "efc": 0.5463412845070479,
  "fber": 1777.42236328125,
  "fd_mean": 0.30112849946922027,
  "fd_num": 125,
  "fd_perc": 62.18905472636816,
  "fwhm_avg": 2.3045252223078605,
  "fwhm_x": 2.1717756207696954,
  "fwhm_y": 2.532054724172929,
  "fwhm_z": 2.2097453219809564,
  "gcor": 0.0156886,
  "gsr_x": 0.006418141070753336,
  "gsr_y": 0.044483572244644165,
  "provenance": {
    "md5sum": "04e78c6052d5128fbb4e0a206ae65726",
    "settings": {
      "fd_thres": 0.2,
      "hmc_fsl": false
    },
    "software": "mriqc",
    "version": "0.15.1",
    "webapi_port": null,
    "webapi_url": "https://mriqc.nimh.nih.gov/api/v1"
  },
  "size_t": 201,
  "size_x": 74,
  "size_y": 74,
  "size_z": 36,
  "snr": 4.638098583087179,
  "spacing_tr": 2.0199999809265137,
  "spacing_x": 2.972972869873047,
  "spacing_y": 2.972972869873047,
  "spacing_z": 3.2200000286102295,
  "spikes_num": 0,
  "summary_bg_k": 15.957836929305277,
  "summary_bg_mad": 10.097923278808594,
  "summary_bg_mean": 43.41450119018555,
  "summary_bg_median": 18.726367950439453,
  "summary_bg_n": 111289.0,
  "summary_bg_p05": 9.0,
  "summary_bg_p95": 185.2965179443359,
  "summary_bg_stdv": 65.53844451904297,
  "summary_fg_k": 1.844989204679469,
  "summary_fg_mad": 147.56317138671875,
  "summary_fg_mean": 835.908447265625,
  "summary_fg_median": 816.8258666992188,
  "summary_fg_n": 48554.0,
  "summary_fg_p05": 593.2541900634766,
  "summary_fg_p95": 1137.4450378417969,
  "summary_fg_stdv": 176.11041259765625,
  "tsnr": 48.14796447753906
}