{
  "bids_meta": {
    "AcquisitionMatrixPE": 192,
    "AcquisitionNumber": 1,
    "AcquisitionTime": "14:04:2.282500",
    "BaseResolution": 192,
    "BodyPartExamined": "BRAIN",
    "CoilString": "HE1-4;NE1_2",
    "ConsistencyInfo": "N4_VE11C_LATEST_20160120",
    "ConversionSoftware": "dcm2niix",
    "ConversionSoftwareVersion": "v1.0.20190410  GCC6.3.0",
    "DeviceSerialNumber": "166048",
    "DwellTime": 1.24e-05,
    "EchoTime": 0.0022,
    "FlipAngle": 8,
    "ImageOrientationPatientDICOM": [
      0,
      1,
      0,
      0,
      0,
      -1
    ],
    "ImageType": [
      "ORIGINAL",
      "PRIMARY",
      "M",
      "ND",
      "NORM",
      "FM3",
      "2",
      "FIL"
    ],
    "ImagingFrequency": 123.246,
    "InPlanePhaseEncodingDirectionDICOM": "ROW",
    "InstitutionAddress": "North_13th_1701_Philadelphia_PA_US_19122",
    "InstitutionName": "Temple_University_-_Weiss_Hall",
    "InstitutionalDepartmentName": "Department",
    "InversionTime": 1.15,
    "MRAcquisitionType": "3D",
    "MagneticFieldStrength": 3,
    "Manufacturer": "Siemens",
    "ManufacturersModelName": "Prisma",
    "Modality": "MR",
    "PartialFourier": 1,
    "PatientPosition": "HFS",
    "PercentPhaseFOV": 100,
    "PhaseEncodingSteps": 211,
    "PhaseOversampling": 0.1,
    "PhaseResolution": 1,
    "PixelBandwidth": 210,
    "ProcedureStepDescription": "SMITH_SRNDNA",
    "ProtocolName": "T1w-anat_mpg_07sag_iso",
    "PulseSequenceDetails": "%SiemensSeq%_tfl",
    "ReceiveCoilActiveElements": "HE1-4;NE1,2",
    "ReceiveCoilName": "HeadNeck_20",
    "ReconMatrixPE": 192,
    "RefLinesPE": 32,
    "RepetitionTime": 2.4,
    "SAR": 0.0408515,
    "ScanOptions": "IR_WE",
    "ScanningSequence": "GR_IR",
    "SequenceName": "_tfl3d1_16ns",
    "SequenceVariant": "SK_SP_MP_OSP",
    "SeriesDescription": "T1w-anat_mpg_07sag_iso",
    "SeriesNumber": 5,
    "ShimSetting": [
      1412,
      -7456,
      6484,
      152,
      109,
      -63,
      11,
      52
    ],
    "SliceThickness": 1,
    "SoftwareVersions": "syngo_MR_E11",
    "StationName": "AWP166048",
    "TxRefAmp": 276.954,
    "dataset": "unknown",
    "modality": "T1w",
    "subject_id": "132"
  },
  "cjv": 0.7668713280926769,
  "cnr": 1.7724441553240997,
  "efc": 0.6690834881422912,
  "fber": 1171.8865966796875,
  "fwhm_avg": 3.3859566666666665,
  "fwhm_x": 3.33431,
  "fwhm_y": 3.43541,
  "fwhm_z": 3.38815,
  "icvs_csf": 0.22144277628168293,
  "icvs_gm": 0.4124614282645017,
  "icvs_wm": 0.3660957954538154,
  "inu_med": 1.534680962562561,
  "inu_range": 0.6625505447387694,
  "provenance": {
    "md5sum": "8b599cc0ea9c956e46b84ca01f5a9c32",
    "settings": {
      "testing": false
    },
    "software": "mriqc",
    "version": "0.15.1",
    "warnings": {
      "large_rot_frame": true,
      "small_air_mask": false
    },
    "webapi_port": null,
    "webapi_url": "https://mriqc.nimh.nih.gov/api/v1"
  },
  "qi_1": 0.0,
  "qi_2": 0.005588722008892237,
  "rpve_csf": 17.937743708358493,
  "rpve_gm": 9.439892178887254,
  "rpve_wm": 12.512066913514943,
  "size_x": 192,
  "size_y": 192,
  "size_z": 192,
  "snr_csf": 2.872407435511407,
  "snr_gm": 9.499831461152628,
  "snr_total": 9.872475948696998,
  "snr_wm": 17.24518894942696,
  "snrd_csf": 21.928086709446863,
  "snrd_gm": 58.75323733093909,
  "snrd_total": 50.90594484834167,
  "snrd_wm": 72.03651050463905,
  "spacing_x": 1.0,
  "spacing_y": 1.0,
  "spacing_z": 1.0,
  "summary_bg_k": 5.460541625448471,
  "summary_bg_mad": 9.094803810119629,
  "summary_bg_mean": 18.342161178588867,
  "summary_bg_median": 16.009248733520508,
  "summary_bg_n": 1380262.0,
  "summary_bg_p05": 6.371667432785034,
  "summary_bg_p95": 35.46780376434326,
  "summary_bg_stdv": 9.50825023651123,
  "summary_csf_k": 2.0202081033797796,
  "summary_csf_mad": 83.36170959472656,
  "summary_csf_mean": 323.8143310546875,
  "summary_csf_median": 304.41241455078125,
  "summary_csf_n": 20158.0,
  "summary_csf_p05": 188.27810134887696,
  "summary_csf_p95": 536.6457092285153,
  "summary_csf_stdv": 105.97551727294922,
  "summary_gm_k": -0.1840444990049872,
  "summary_gm_mad": 88.47481536865234,
  "summary_gm_mean": 818.8316040039062,
  "summary_gm_median": 815.6304321289062,
  "summary_gm_n": 12431.0,
  "summary_gm_p05": 684.850830078125,
  "summary_gm_p95": 965.4476318359375,
  "summary_gm_stdv": 85.8539047241211,
  "summary_wm_k": 0.9616613313496942,
  "summary_wm_mad": 52.938148498535156,
  "summary_wm_mean": 1004.7169189453125,
  "summary_wm_median": 1000.0328979492188,
  "summary_wm_n": 157417.0,
  "summary_wm_p05": 917.6690795898438,
  "summary_wm_p95": 1106.1458007812498,
  "summary_wm_stdv": 57.98891067504883,
  "tpm_overlap_csf": 0.22622668743133545,
  "tpm_overlap_gm": 0.47884541749954224,
  "tpm_overlap_wm": 0.5550344586372375,
  "wm2max": 0.6168421721825937
}