{
  "aor": 0.009580829493087558,
  "aqi": 0.02610129949308756,
  "bids_meta": {
    "AcquisitionMatrixPE": 74,
    "AcquisitionNumber": 1,
    "AcquisitionTime": "16:56:50.945000",
    "BandwidthPerPixelPhaseEncode": 27.579,
    "BaseResolution": 74,
    "BodyPartExamined": "BRAIN",
    "CogAtlasID": "TODO",
    "CoilString": "HE1-4;NE1_2",
    "ConsistencyInfo": "N4_VE11C_LATEST_20160120",
    "ConversionSoftware": "dcm2niix",
    "ConversionSoftwareVersion": "v1.0.20190410  GCC6.3.0",
    "DerivedVendorReportedEchoSpacing": 0.000489993,
    "DeviceSerialNumber": "166048",
    "DwellTime": 2.9e-06,
    "EchoTime": 0.023,
    "EchoTrainLength": 74,
    "EffectiveEchoSpacing": 0.000489993,
    "FlipAngle": 76,
    "ImageOrientationPatientDICOM": [
      1,
      0,
      0,
      0,
      0.958323,
      -0.285688
    ],
    "ImageType": [
      "ORIGINAL",
      "PRIMARY",
      "M",
      "ND",
      "NORM",
      "MOSAIC"
    ],
    "ImagingFrequency": 123.246,
    "InPlanePhaseEncodingDirectionDICOM": "COL",
    "InstitutionAddress": "North_13th_1701_Philadelphia_PA_US_19122",
    "InstitutionName": "Temple_University_-_Weiss_Hall",
    "InstitutionalDepartmentName": "Department",
    "MRAcquisitionType": "2D",
    "MagneticFieldStrength": 3,
    "Manufacturer": "Siemens",
    "ManufacturersModelName": "Prisma",
    "Modality": "MR",
    "PartialFourier": 1,
    "PatientPosition": "HFS",
    "PercentPhaseFOV": 100,
    "PhaseEncodingDirection": "j-",
    "PhaseEncodingSteps": 74,
    "PhaseResolution": 1,
    "PixelBandwidth": 2330,
    "ProcedureStepDescription": "SMITH_SRNDNA",
    "ProtocolName": "func-bold_trust_run4",
    "PulseSequenceDetails": "%SiemensSeq%_ep2d_bold",
    "ReceiveCoilActiveElements": "HE1-4;NE1,2",
    "ReceiveCoilName": "HeadNeck_20",
    "ReconMatrixPE": 74,
    "RepetitionTime": 2.02,
    "SAR": 0.108909,
    "ScanOptions": "FS",
    "ScanningSequence": "EP",
    "SequenceName": "_epfid2d1_74",
    "SequenceVariant": "SK",
    "SeriesDescription": "func-bold_trust_run4",
    "SeriesNumber": 13,
    "ShimSetting": [
      1424,
      -7436,
      6493,
      279,
      69,
      43,
      -163,
      34
    ],
    "SliceThickness": 2.8,
    "SliceTiming": [
      1.945,
      1.89,
      1.835,
      1.7775,
      1.7225,
      1.6675,
      1.6125,
      1.555,
      1.5,
      1.445,
      1.39,
      1.335,
      1.2775,
      1.2225,
      1.1675,
      1.1125,
      1.0575,
      1,
      0.945,
      0.89,
      0.835,
      0.7775,
      0.7225,
      0.6675,
      0.6125,
      0.5575,
      0.5,
      0.445,
      0.39,
      0.335,
      0.2775,
      0.2225,
      0.1675,
      0.1125,
      0.0575,
      0
    ],
    "SoftwareVersions": "syngo_MR_E11",
    "SpacingBetweenSlices": 3.22,
    "StationName": "AWP166048",
    "TaskName": "trust",
    "TotalReadoutTime": 0.0357695,
    "TxRefAmp": 295.87,
    "dataset": "unknown",
    "modality": "bold",
    "run_id": 5,
    "subject_id": "131",
    "task_id": "trust"
  },
  "dummy_trs": 0,
  "dvars_nstd": 48.75389501847226,
  "dvars_std": 1.1776048804166666,
  "dvars_vstd": 1.0310059612962965,
  "efc": 0.5587760076015712,
  "fber": 1378.5008544921875,
  "fd_mean": 0.8055201709906454,
  "fd_num": 197,
  "fd_perc": 90.78341013824885,
  "fwhm_avg": 2.3662924209053426,
  "fwhm_x": 2.2030271673080155,
  "fwhm_y": 2.683095456683608,
  "fwhm_z": 2.2127546387244044,
  "gcor": 0.0138948,
  "gsr_x": -0.004204982426017523,
  "gsr_y": 0.06409887969493866,
  "provenance": {
    "md5sum": "1df29e6eead3aa8b0908e8dc9a8849af",
    "settings": {
      "fd_thres": 0.2,
      "hmc_fsl": false
    },
    "software": "mriqc",
    "version": "0.15.1",
    "webapi_port": null,
    "webapi_url": "https://mriqc.nimh.nih.gov/api/v1"
  },
  "size_t": 217,
  "size_x": 74,
  "size_y": 74,
  "size_z": 36,
  "snr": 5.099826363931456,
  "spacing_tr": 2.0199999809265137,
  "spacing_x": 2.972972869873047,
  "spacing_y": 2.972972869873047,
  "spacing_z": 3.2200000286102295,
  "spikes_num": 1,
  "summary_bg_k": 25.561259114431692,
  "summary_bg_mad": 8.943439483642578,
  "summary_bg_mean": 54.65793228149414,
  "summary_bg_median": 20.064516067504883,
  "summary_bg_n": 112977.0,
  "summary_bg_p05": 12.294930458068848,
  "summary_bg_p95": 224.21013183593746,
  "summary_bg_stdv": 89.23182678222656,
  "summary_fg_k": 2.956918112257691,
  "summary_fg_mad": 125.52928161621094,
  "summary_fg_mean": 779.7828979492188,
  "summary_fg_median": 775.8617553710938,
  "summary_fg_n": 46100.0,
  "summary_fg_p05": 557.6723602294921,
  "summary_fg_p95": 1009.9562225341795,
  "summary_fg_stdv": 152.13328552246094,
  "tsnr": 32.071163177490234
}