{
  "aor": 0.005765299539170507,
  "aqi": 0.031157923041474658,
  "bids_meta": {
    "AcquisitionMatrixPE": 74,
    "AcquisitionNumber": 1,
    "AcquisitionTime": "16:40:47.937500",
    "BandwidthPerPixelPhaseEncode": 27.579,
    "BaseResolution": 74,
    "BodyPartExamined": "BRAIN",
    "CogAtlasID": "TODO",
    "CoilString": "HE1-4;NE1_2",
    "ConsistencyInfo": "N4_VE11C_LATEST_20160120",
    "ConversionSoftware": "dcm2niix",
    "ConversionSoftwareVersion": "v1.0.20190410  GCC6.3.0",
    "DerivedVendorReportedEchoSpacing": 0.000489993,
    "DeviceSerialNumber": "166048",
    "DwellTime": 2.9e-06,
    "EchoTime": 0.023,
    "EchoTrainLength": 74,
    "EffectiveEchoSpacing": 0.000489993,
    "FlipAngle": 76,
    "ImageOrientationPatientDICOM": [
      1,
      0,
      0,
      0,
      0.958323,
      -0.285688
    ],
    "ImageType": [
      "ORIGINAL",
      "PRIMARY",
      "M",
      "ND",
      "NORM",
      "MOSAIC"
    ],
    "ImagingFrequency": 123.246,
    "InPlanePhaseEncodingDirectionDICOM": "COL",
    "InstitutionAddress": "North_13th_1701_Philadelphia_PA_US_19122",
    "InstitutionName": "Temple_University_-_Weiss_Hall",
    "InstitutionalDepartmentName": "Department",
    "MRAcquisitionType": "2D",
    "MagneticFieldStrength": 3,
    "Manufacturer": "Siemens",
    "ManufacturersModelName": "Prisma",
    "Modality": "MR",
    "PartialFourier": 1,
    "PatientPosition": "HFS",
    "PercentPhaseFOV": 100,
    "PhaseEncodingDirection": "j-",
    "PhaseEncodingSteps": 74,
    "PhaseResolution": 1,
    "PixelBandwidth": 2330,
    "ProcedureStepDescription": "SMITH_SRNDNA",
    "ProtocolName": "func-bold_trust_run2",
    "PulseSequenceDetails": "%SiemensSeq%_ep2d_bold",
    "ReceiveCoilActiveElements": "HE1-4;NE1,2",
    "ReceiveCoilName": "HeadNeck_20",
    "ReconMatrixPE": 74,
    "RepetitionTime": 2.02,
    "SAR": 0.108909,
    "ScanOptions": "FS",
    "ScanningSequence": "EP",
    "SequenceName": "_epfid2d1_74",
    "SequenceVariant": "SK",
    "SeriesDescription": "func-bold_trust_run2",
    "SeriesNumber": 11,
    "ShimSetting": [
      1424,
      -7436,
      6493,
      279,
      69,
      43,
      -163,
      34
    ],
    "SliceThickness": 2.8,
    "SliceTiming": [
      1.945,
      1.89,
      1.835,
      1.7775,
      1.7225,
      1.6675,
      1.6125,
      1.555,
      1.5,
      1.445,
      1.39,
      1.335,
      1.2775,
      1.2225,
      1.1675,
      1.1125,
      1.055,
      1,
      0.945,
      0.89,
      0.835,
      0.7775,
      0.7225,
      0.6675,
      0.6125,
      0.555,
      0.5,
      0.445,
      0.39,
      0.335,
      0.2775,
      0.2225,
      0.1675,
      0.1125,
      0.0575,
      0
    ],
    "SoftwareVersions": "syngo_MR_E11",
    "SpacingBetweenSlices": 3.22,
    "StationName": "AWP166048",
    "TaskName": "trust",
    "TotalReadoutTime": 0.0357695,
    "TxRefAmp": 295.87,
    "dataset": "unknown",
    "modality": "bold",
    "run_id": 3,
    "subject_id": "131",
    "task_id": "trust"
  },
  "dummy_trs": 0,
  "dvars_nstd": 49.097083100277786,
  "dvars_std": 1.1335111602777777,
  "dvars_vstd": 0.9914163785185186,
  "efc": 0.5633003122982226,
  "fber": 1339.5947265625,
  "fd_mean": 0.7910256143187898,
  "fd_num": 202,
  "fd_perc": 93.08755760368663,
  "fwhm_avg": 2.366091867151175,
  "fwhm_x": 2.1977227125786074,
  "fwhm_y": 2.687034275002021,
  "fwhm_z": 2.2135186138728957,
  "gcor": 0.0101778,
  "gsr_x": -0.009331924840807915,
  "gsr_y": 0.06755125522613525,
  "provenance": {
    "md5sum": "77abbd2864610c502d637bcf1e0ed904",
    "settings": {
      "fd_thres": 0.2,
      "hmc_fsl": false
    },
    "software": "mriqc",
    "version": "0.15.1",
    "webapi_port": null,
    "webapi_url": "https://mriqc.nimh.nih.gov/api/v1"
  },
  "size_t": 217,
  "size_x": 74,
  "size_y": 74,
  "size_z": 36,
  "snr": 5.074747968392596,
  "spacing_tr": 2.0199999809265137,
  "spacing_x": 2.972972869873047,
  "spacing_y": 2.972972869873047,
  "spacing_z": 3.2200000286102295,
  "spikes_num": 1,
  "summary_bg_k": 24.352649274352714,
  "summary_bg_mad": 9.360207557678223,
  "summary_bg_mean": 56.691314697265625,
  "summary_bg_median": 20.373271942138672,
  "summary_bg_n": 112352.0,
  "summary_bg_p05": 12.35023021697998,
  "summary_bg_p95": 228.92834320068357,
  "summary_bg_stdv": 92.5966796875,
  "summary_fg_k": 2.835361190052911,
  "summary_fg_mad": 127.1348648071289,
  "summary_fg_mean": 781.1691284179688,
  "summary_fg_median": 776.815673828125,
  "summary_fg_n": 46665.0,
  "summary_fg_p05": 559.0193359375,
  "summary_fg_p95": 1014.8046142578125,
  "summary_fg_stdv": 153.07308959960938,
  "tsnr": 31.238361358642578
}