{
  "bids_meta": {
    "AcquisitionMatrixPE": 192,
    "AcquisitionNumber": 1,
    "AcquisitionTime": "16:09:34.537500",
    "BaseResolution": 192,
    "BodyPartExamined": "BRAIN",
    "CoilString": "HE1-4;NE1_2",
    "ConsistencyInfo": "N4_VE11C_LATEST_20160120",
    "ConversionSoftware": "dcm2niix",
    "ConversionSoftwareVersion": "v1.0.20190410  GCC6.3.0",
    "DeviceSerialNumber": "166048",
    "DwellTime": 3.5e-06,
    "EchoTime": 0.567,
    "EchoTrainLength": 314,
    "FlipAngle": 120,
    "ImageOrientationPatientDICOM": [
      0,
      1,
      0,
      0,
      0,
      -1
    ],
    "ImageType": [
      "ORIGINAL",
      "PRIMARY",
      "M",
      "ND",
      "NORM"
    ],
    "ImagingFrequency": 123.246,
    "InPlanePhaseEncodingDirectionDICOM": "ROW",
    "InstitutionAddress": "North_13th_1701_Philadelphia_PA_US_19122",
    "InstitutionName": "Temple_University_-_Weiss_Hall",
    "InstitutionalDepartmentName": "Department",
    "MRAcquisitionType": "3D",
    "MagneticFieldStrength": 3,
    "Manufacturer": "Siemens",
    "ManufacturersModelName": "Prisma",
    "Modality": "MR",
    "PartialFourier": 1,
    "PatientPosition": "HFS",
    "PercentPhaseFOV": 100,
    "PhaseEncodingSteps": 209,
    "PhaseOversampling": 0.1,
    "PhaseResolution": 1,
    "PixelBandwidth": 745,
    "ProcedureStepDescription": "SMITH_SRNDNA",
    "ProtocolName": "T2w-anat_spc_07sag_iso",
    "PulseSequenceDetails": "%SiemensSeq%_tse_vfl",
    "ReceiveCoilActiveElements": "HE1-4;NE1,2",
    "ReceiveCoilName": "HeadNeck_20",
    "ReconMatrixPE": 192,
    "RefLinesPE": 32,
    "RepetitionTime": 3.2,
    "SAR": 0.194051,
    "ScanOptions": "PFP",
    "ScanningSequence": "SE",
    "SequenceName": "_spc_314ns",
    "SequenceVariant": "SK_SP_OSP",
    "SeriesDescription": "T2w-anat_spc_07sag_iso",
    "SeriesNumber": 3,
    "ShimSetting": [
      1422,
      -7449,
      6471,
      49,
      39,
      -264,
      -32,
      45
    ],
    "SliceThickness": 1,
    "SoftwareVersions": "syngo_MR_E11",
    "StationName": "AWP166048",
    "TxRefAmp": 295.87,
    "dataset": "unknown",
    "modality": "T2w",
    "subject_id": "131"
  },
  "cjv": 0.6684634830312769,
  "cnr": 1.8507685539444638,
  "efc": 0.7235104969563706,
  "fber": 37.66449737548828,
  "fwhm_avg": 2.76402,
  "fwhm_x": 2.54888,
  "fwhm_y": 3.07366,
  "fwhm_z": 2.66952,
  "icvs_csf": 0.2687939545703162,
  "icvs_gm": 0.5498393782594632,
  "icvs_wm": 0.18136666717022068,
  "inu_med": 1.317244052886963,
  "inu_range": 0.49299307465553266,
  "provenance": {
    "md5sum": "905556fabbd3fb4b3eb3e7e2767c30a2",
    "settings": {
      "testing": false
    },
    "software": "mriqc",
    "version": "0.15.1",
    "warnings": {
      "large_rot_frame": true,
      "small_air_mask": false
    },
    "webapi_port": null,
    "webapi_url": "https://mriqc.nimh.nih.gov/api/v1"
  },
  "qi_1": 0.0,
  "qi_2": 0.0008255885883478714,
  "rpve_csf": 10.768635980154645,
  "rpve_gm": 5.871847132015433,
  "rpve_wm": 15.616838130750866,
  "size_x": 192,
  "size_y": 192,
  "size_z": 192,
  "snr_csf": 4.876365686750677,
  "snr_gm": 6.108059433024906,
  "snr_total": 4.737234417082795,
  "snr_wm": 3.2272781314728025,
  "snrd_csf": 18.32798947048407,
  "snrd_gm": 7.276549986335594,
  "snrd_total": 9.84278286500245,
  "snrd_wm": 3.9238091381876874,
  "spacing_x": 1.0,
  "spacing_y": 1.0,
  "spacing_z": 1.0,
  "summary_bg_k": 0.4789352301384957,
  "summary_bg_mad": 166.93670654296875,
  "summary_bg_mean": 243.4819793701172,
  "summary_bg_median": 217.11911010742188,
  "summary_bg_n": 1460827.0,
  "summary_bg_p05": 42.07202415466308,
  "summary_bg_p95": 534.8010742187498,
  "summary_bg_stdv": 157.9881591796875,
  "summary_csf_k": 0.20077419286813258,
  "summary_csf_mad": 924.0997314453125,
  "summary_csf_mean": 4621.63720703125,
  "summary_csf_median": 4670.1943359375,
  "summary_csf_n": 50244.0,
  "summary_csf_p05": 3002.152478027344,
  "summary_csf_p95": 6128.3498046875,
  "summary_csf_stdv": 957.7107543945312,
  "summary_gm_k": 0.8504775035439462,
  "summary_gm_mad": 279.002685546875,
  "summary_gm_mean": 1879.4783935546875,
  "summary_gm_median": 1854.1533203125,
  "summary_gm_n": 50381.0,
  "summary_gm_p05": 1424.62255859375,
  "summary_gm_p95": 2419.9482421875,
  "summary_gm_stdv": 303.55548095703125,
  "summary_wm_k": 0.6027117037976573,
  "summary_wm_mad": 292.07843017578125,
  "summary_wm_mean": 995.2697143554688,
  "summary_wm_median": 999.834228515625,
  "summary_wm_n": 9584.0,
  "summary_wm_p05": 494.2986145019531,
  "summary_wm_p95": 1496.3426757812504,
  "summary_wm_stdv": 309.7911071777344,
  "tpm_overlap_csf": 0.16276338696479797,
  "tpm_overlap_gm": 0.3914692997932434,
  "tpm_overlap_wm": 0.20852911472320557,
  "wm2max": 0.1629910649011514
}