{
  "aor": 0.005376589861751153,
  "aqi": 0.030255699539170504,
  "bids_meta": {
    "AcquisitionMatrixPE": 74,
    "AcquisitionNumber": 1,
    "AcquisitionTime": "10:50:59.850000",
    "BandwidthPerPixelPhaseEncode": 27.579,
    "BaseResolution": 74,
    "BodyPartExamined": "BRAIN",
    "CogAtlasID": "TODO",
    "CoilString": "HE1-4;NE1_2",
    "ConsistencyInfo": "N4_VE11C_LATEST_20160120",
    "ConversionSoftware": "dcm2niix",
    "ConversionSoftwareVersion": "v1.0.20190410  GCC6.3.0",
    "DerivedVendorReportedEchoSpacing": 0.000489993,
    "DeviceSerialNumber": "166048",
    "DwellTime": 2.9e-06,
    "EchoTime": 0.023,
    "EchoTrainLength": 74,
    "EffectiveEchoSpacing": 0.000489993,
    "FlipAngle": 76,
    "ImageOrientationPatientDICOM": [
      1,
      0,
      0,
      0,
      0.954761,
      -0.297375
    ],
    "ImageType": [
      "ORIGINAL",
      "PRIMARY",
      "M",
      "ND",
      "NORM",
      "MOSAIC"
    ],
    "ImagingFrequency": 123.246,
    "InPlanePhaseEncodingDirectionDICOM": "COL",
    "InstitutionAddress": "North_13th_1701_Philadelphia_PA_US_19122",
    "InstitutionName": "Temple_University_-_Weiss_Hall",
    "InstitutionalDepartmentName": "Department",
    "MRAcquisitionType": "2D",
    "MagneticFieldStrength": 3,
    "Manufacturer": "Siemens",
    "ManufacturersModelName": "Prisma",
    "Modality": "MR",
    "PartialFourier": 1,
    "PatientPosition": "HFS",
    "PercentPhaseFOV": 100,
    "PhaseEncodingDirection": "j-",
    "PhaseEncodingSteps": 74,
    "PhaseResolution": 1,
    "PixelBandwidth": 2330,
    "ProcedureStepDescription": "SMITH_SRNDNA",
    "ProtocolName": "func-bold_trust_run0",
    "PulseSequenceDetails": "%SiemensSeq%_ep2d_bold",
    "ReceiveCoilActiveElements": "HE1-4;NE1,2",
    "ReceiveCoilName": "HeadNeck_20",
    "ReconMatrixPE": 74,
    "RepetitionTime": 2.02,
    "SAR": 0.0958013,
    "ScanOptions": "FS",
    "ScanningSequence": "EP",
    "SequenceName": "_epfid2d1_74",
    "SequenceVariant": "SK",
    "SeriesDescription": "func-bold_trust_run0",
    "SeriesNumber": 9,
    "ShimSetting": [
      1450,
      -7409,
      6556,
      526,
      104,
      87,
      -106,
      53
    ],
    "SliceThickness": 2.8,
    "SliceTiming": [
      1.945,
      1.89,
      1.8325,
      1.7775,
      1.7225,
      1.6675,
      1.61,
      1.555,
      1.5,
      1.445,
      1.39,
      1.3325,
      1.2775,
      1.2225,
      1.1675,
      1.11,
      1.055,
      1,
      0.945,
      0.89,
      0.8325,
      0.7775,
      0.7225,
      0.6675,
      0.6125,
      0.555,
      0.5,
      0.445,
      0.39,
      0.3325,
      0.2775,
      0.2225,
      0.1675,
      0.1125,
      0.055,
      0
    ],
    "SoftwareVersions": "syngo_MR_E11",
    "SpacingBetweenSlices": 3.22,
    "StationName": "AWP166048",
    "TaskName": "trust",
    "TotalReadoutTime": 0.0357695,
    "TxRefAmp": 257.693,
    "dataset": "unknown",
    "modality": "bold",
    "run_id": 1,
    "subject_id": "130",
    "task_id": "trust"
  },
  "dummy_trs": 0,
  "dvars_nstd": 34.37138907111113,
  "dvars_std": 1.1040615450925924,
  "dvars_vstd": 0.9718881824537041,
  "efc": 0.5008585661603723,
  "fber": 1847.8719482421875,
  "fd_mean": 0.4320197217914515,
  "fd_num": 174,
  "fd_perc": 80.18433179723502,
  "fwhm_avg": 2.400206900943889,
  "fwhm_x": 2.305803079963097,
  "fwhm_y": 2.632758636756156,
  "fwhm_z": 2.262058986112414,
  "gcor": 0.0182175,
  "gsr_x": -0.0066959448158741,
  "gsr_y": 0.021430376917123795,
  "provenance": {
    "md5sum": "b2e4fb7a6c97108284deecafac169a24",
    "settings": {
      "fd_thres": 0.2,
      "hmc_fsl": false
    },
    "software": "mriqc",
    "version": "0.15.1",
    "webapi_port": null,
    "webapi_url": "https://mriqc.nimh.nih.gov/api/v1"
  },
  "size_t": 217,
  "size_x": 74,
  "size_y": 74,
  "size_z": 36,
  "snr": 5.062612897860011,
  "spacing_tr": 2.0199999809265137,
  "spacing_x": 2.972972869873047,
  "spacing_y": 2.972972869873047,
  "spacing_z": 3.2200000286102295,
  "spikes_num": 2,
  "summary_bg_k": 116.31041422802501,
  "summary_bg_mad": 8.294373512268066,
  "summary_bg_mean": 32.36991882324219,
  "summary_bg_median": 17.447004318237305,
  "summary_bg_n": 119617.0,
  "summary_bg_p05": 9.11520767211914,
  "summary_bg_p95": 101.37787628173828,
  "summary_bg_stdv": 49.270423889160156,
  "summary_fg_k": 3.315031046390308,
  "summary_fg_mad": 120.13856506347656,
  "summary_fg_mean": 780.8546752929688,
  "summary_fg_median": 775.8801879882812,
  "summary_fg_n": 40179.0,
  "summary_fg_p05": 558.2774108886719,
  "summary_fg_p95": 1016.4833984374998,
  "summary_fg_stdv": 153.2549591064453,
  "tsnr": 35.106956481933594
}