{
  "aor": 0.005044108910891089,
  "aqi": 0.02256471400990099,
  "bids_meta": {
    "AcquisitionMatrixPE": 74,
    "AcquisitionNumber": 1,
    "AcquisitionTime": "11:42:44.920000",
    "BandwidthPerPixelPhaseEncode": 27.579,
    "BaseResolution": 74,
    "BodyPartExamined": "BRAIN",
    "CogAtlasID": "TODO",
    "CoilString": "HE1-4;NE1_2",
    "ConsistencyInfo": "N4_VE11C_LATEST_20160120",
    "ConversionSoftware": "dcm2niix",
    "ConversionSoftwareVersion": "v1.0.20190410  GCC6.3.0",
    "DerivedVendorReportedEchoSpacing": 0.000489993,
    "DeviceSerialNumber": "166048",
    "DwellTime": 2.9e-06,
    "EchoTime": 0.023,
    "EchoTrainLength": 74,
    "EffectiveEchoSpacing": 0.000489993,
    "FlipAngle": 76,
    "ImageOrientationPatientDICOM": [
      1,
      0,
      0,
      0,
      0.954761,
      -0.297375
    ],
    "ImageType": [
      "ORIGINAL",
      "PRIMARY",
      "M",
      "ND",
      "NORM",
      "MOSAIC"
    ],
    "ImagingFrequency": 123.246,
    "InPlanePhaseEncodingDirectionDICOM": "COL",
    "InstitutionAddress": "North_13th_1701_Philadelphia_PA_US_19122",
    "InstitutionName": "Temple_University_-_Weiss_Hall",
    "InstitutionalDepartmentName": "Department",
    "MRAcquisitionType": "2D",
    "MagneticFieldStrength": 3,
    "Manufacturer": "Siemens",
    "ManufacturersModelName": "Prisma",
    "Modality": "MR",
    "PartialFourier": 1,
    "PatientPosition": "HFS",
    "PercentPhaseFOV": 100,
    "PhaseEncodingDirection": "j-",
    "PhaseEncodingSteps": 74,
    "PhaseResolution": 1,
    "PixelBandwidth": 2330,
    "ProcedureStepDescription": "SMITH_SRNDNA",
    "ProtocolName": "func-bold_task-reward_run1",
    "PulseSequenceDetails": "%SiemensSeq%_ep2d_bold",
    "ReceiveCoilActiveElements": "HE1-4;NE1,2",
    "ReceiveCoilName": "HeadNeck_20",
    "ReconMatrixPE": 74,
    "RepetitionTime": 2.02,
    "SAR": 0.0957775,
    "ScanOptions": "FS",
    "ScanningSequence": "EP",
    "SequenceName": "_epfid2d1_74",
    "SequenceVariant": "SK",
    "SeriesDescription": "func-bold_task-reward_run1",
    "SeriesNumber": 15,
    "ShimSetting": [
      1450,
      -7409,
      6556,
      526,
      104,
      87,
      -106,
      53
    ],
    "SliceThickness": 2.8,
    "SliceTiming": [
      1.9425,
      1.8875,
      1.8325,
      1.7775,
      1.72,
      1.665,
      1.61,
      1.555,
      1.5,
      1.4425,
      1.3875,
      1.3325,
      1.2775,
      1.2225,
      1.165,
      1.11,
      1.055,
      1,
      0.9425,
      0.8875,
      0.8325,
      0.7775,
      0.7225,
      0.665,
      0.61,
      0.555,
      0.5,
      0.4425,
      0.3875,
      0.3325,
      0.2775,
      0.2225,
      0.165,
      0.11,
      0.055,
      0
    ],
    "SoftwareVersions": "syngo_MR_E11",
    "SpacingBetweenSlices": 3.22,
    "StationName": "AWP166048",
    "TaskName": "sharedreward",
    "TotalReadoutTime": 0.0357695,
    "TxRefAmp": 257.693,
    "dataset": "unknown",
    "modality": "bold",
    "run_id": 2,
    "subject_id": "130",
    "task_id": "sharedreward"
  },
  "dummy_trs": 0,
  "dvars_nstd": 33.63882757587066,
  "dvars_std": 1.1778600125870637,
  "dvars_vstd": 0.9856976614427858,
  "efc": 0.5009831826495298,
  "fber": 1813.53271484375,
  "fd_mean": 0.3732896846926686,
  "fd_num": 143,
  "fd_perc": 70.79207920792079,
  "fwhm_avg": 2.411958998804518,
  "fwhm_x": 2.31625389850734,
  "fwhm_y": 2.6415982734263426,
  "fwhm_z": 2.2780248244798718,
  "gcor": 0.0233641,
  "gsr_x": -0.005207730457186699,
  "gsr_y": 0.024141283705830574,
  "provenance": {
    "md5sum": "c39aae28c4f80ceb1fd42ef93a0b392f",
    "settings": {
      "fd_thres": 0.2,
      "hmc_fsl": false
    },
    "software": "mriqc",
    "version": "0.15.1",
    "webapi_port": null,
    "webapi_url": "https://mriqc.nimh.nih.gov/api/v1"
  },
  "size_t": 202,
  "size_x": 74,
  "size_y": 74,
  "size_z": 36,
  "snr": 5.04261395110654,
  "spacing_tr": 2.0199999809265137,
  "spacing_x": 2.972972869873047,
  "spacing_y": 2.972972869873047,
  "spacing_z": 3.2200000286102295,
  "spikes_num": 6,
  "summary_bg_k": 80.58597905054026,
  "summary_bg_mad": 8.491934776306152,
  "summary_bg_mean": 32.92259216308594,
  "summary_bg_median": 17.48019790649414,
  "summary_bg_n": 119993.0,
  "summary_bg_p05": 9.113861083984375,
  "summary_bg_p95": 106.64356231689453,
  "summary_bg_stdv": 49.342308044433594,
  "summary_fg_k": 3.707653145818563,
  "summary_fg_mad": 118.71088409423828,
  "summary_fg_mean": 776.9638061523438,
  "summary_fg_median": 773.7722778320312,
  "summary_fg_n": 40087.0,
  "summary_fg_p05": 556.6331481933594,
  "summary_fg_p95": 1008.5861328124996,
  "summary_fg_stdv": 153.4447479248047,
  "tsnr": 38.68428421020508
}